{
  "aor": 0.002622973977695168,
  "aqi": 0.023728019479553903,
  "bids_meta": {
    "AcquisitionMatrixPE": 64,
    "AcquisitionNumber": 1,
    "AcquisitionTime": "19:38:57.717500",
    "BandwidthPerPixelPhaseEncode": 72.674,
    "BaseResolution": 64,
    "CoilString": "T:HEA;HEP",
    "ConversionSoftware": "dcm2niix",
    "ConversionSoftwareVersion": "v1.0.20190902",
    "DerivedVendorReportedEchoSpacing": 0.000430002,
    "DeviceSerialNumber": "35002",
    "DwellTime": 2.7e-06,
    "EchoTime": 0.028,
    "EffectiveEchoSpacing": 0.000215001,
    "FileSize": 0.048210482113063335,
    "FileSizeUnits": "GB",
    "FlipAngle": 90,
    "ImageOrientationPatientDICOM": [
      1,
      -1e-16,
      0,
      1e-16,
      0.944949,
      -0.327218
    ],
    "ImageType": [
      "ORIGINAL",
      "PRIMARY",
      "M",
      "ND",
      "MOSAIC"
    ],
    "ImagingFrequency": 123.256,
    "InPlanePhaseEncodingDirectionDICOM": "COL",
    "InstitutionAddress": "University_Pkwy_1700_North_685_Provo_UT_US_84601",
    "InstitutionName": "Brigham_Young_University",
    "InstitutionalDepartmentName": "MRI",
    "MRAcquisitionType": "2D",
    "MagneticFieldStrength": 3,
    "Manufacturer": "Siemens",
    "ManufacturersModelName": "TrioTim",
    "Modality": "MR",
    "NumberOfVolumes": 270,
    "ParallelReductionFactorInPlane": 2,
    "PartialFourier": 1,
    "PatientPosition": "HFS",
    "PercentPhaseFOV": 100,
    "PhaseEncodingDirection": "j-",
    "PhaseEncodingSteps": 63,
    "PhaseResolution": 1,
    "PixelBandwidth": 2894,
    "ProcedureStepDescription": "Research_KIRWAN",
    "ProtocolName": "EPI_Run_2",
    "PulseSequenceDetails": "%CustomerSeq%_ep2d_bold_PMU",
    "ReceiveCoilName": "HeadMatrix",
    "ReconMatrixPE": 64,
    "RefLinesPE": 24,
    "RepetitionTime": 2,
    "SAR": 0.2054,
    "ScanOptions": "FS",
    "ScanningSequence": "EP",
    "SequenceName": "epfid2d1_64",
    "SequenceVariant": "SK",
    "SeriesDescription": "EPI_Run_2",
    "SeriesNumber": 4,
    "ShimSetting": [
      -2674,
      -23207,
      2535,
      632,
      104,
      -282,
      -89,
      -74
    ],
    "SliceThickness": 3,
    "SliceTiming": [
      1.0025,
      0,
      1.055,
      0.05,
      1.105,
      0.1,
      1.155,
      0.15,
      1.205,
      0.2,
      1.255,
      0.25,
      1.305,
      0.3,
      1.355,
      0.35,
      1.405,
      0.4025,
      1.455,
      0.4525,
      1.505,
      0.5025,
      1.555,
      0.5525,
      1.605,
      0.6025,
      1.655,
      0.6525,
      1.7075,
      0.7025,
      1.7575,
      0.7525,
      1.8075,
      0.8025,
      1.8575,
      0.8525,
      1.9075,
      0.9025,
      1.9575,
      0.9525
    ],
    "SoftwareVersions": "syngo_MR_B17",
    "SpacingBetweenSlices": 3,
    "StationName": "MININT-E41B04",
    "TaskName": "FoodStimHiLo",
    "TotalReadoutTime": 0.0135451,
    "TxRefAmp": 326.809,
    "dataset": "ds004656",
    "datatype": "func",
    "extension": ".nii.gz",
    "modality": "bold",
    "run": 2,
    "session": "PM",
    "subject": "1313",
    "suffix": "bold",
    "task": "FoodStimHiLo"
  },
  "dummy_trs": 1,
  "dvars_nstd": 28.852354099813418,
  "dvars_std": 1.0105188032835815,
  "dvars_vstd": 0.997419368208955,
  "efc": 0.5147,
  "fber": 844.3031,
  "fd_mean": 0.13710694854437297,
  "fd_num": 39,
  "fd_perc": 14.49814126394052,
  "fwhm_avg": 2.641606808080808,
  "fwhm_x": 2.5826414545454544,
  "fwhm_y": 2.6528756363636363,
  "fwhm_z": 2.689303333333333,
  "gcor": 0.00523647,
  "gsr_x": 0.004662834573537111,
  "gsr_y": 0.024037474766373634,
  "provenance": {
    "md5sum": "4271f9eda0e95763a5749f9579b655c0",
    "settings": {
      "fd_thres": 0.2,
      "testing": false
    },
    "software": "mriqc",
    "version": "24.1.0.dev0+g5c3f8b6e.d20240820"
  },
  "size_t": 269,
  "size_x": 64,
  "size_y": 64,
  "size_z": 40,
  "snr": 3.5066089369854985,
  "spacing_tr": 2.0,
  "spacing_x": 3.4375,
  "spacing_y": 3.4375,
  "spacing_z": 3.0,
  "summary_bg_k": 25.2334,
  "summary_bg_mad": 8.124,
  "summary_bg_mean": 45.3454,
  "summary_bg_median": 25.0,
  "summary_bg_n": 127131.0,
  "summary_bg_p05": 0.0,
  "summary_bg_p95": 158.0,
  "summary_bg_stdv": 63.4718,
  "summary_fg_k": 0.9754,
  "summary_fg_mad": 151.4955,
  "summary_fg_mean": 702.0113,
  "summary_fg_median": 737.0,
  "summary_fg_n": 36709.0,
  "summary_fg_p05": 244.0,
  "summary_fg_p95": 992.0,
  "summary_fg_stdv": 210.1717,
  "tsnr": 35.52103318553418
}