{
  "bids_meta": {
    "AcquisitionMatrixPE": 215,
    "AcquisitionNumber": 1,
    "AcquisitionTime": "18:44:6.737500",
    "BaseResolution": 256,
    "CoilString": "C:HEA;HEP",
    "ConversionSoftware": "dcm2niix",
    "ConversionSoftwareVersion": "v1.0.20190902",
    "DeviceSerialNumber": "35002",
    "DwellTime": 9.8e-06,
    "EchoTime": 0.00226,
    "FileSize": 0.00947971735149622,
    "FileSizeUnits": "GB",
    "FlipAngle": 9,
    "ImageOrientationPatientDICOM": [
      0,
      1,
      0,
      0,
      0,
      -1
    ],
    "ImageType": [
      "ORIGINAL",
      "PRIMARY",
      "M",
      "ND",
      "NORM"
    ],
    "ImagingFrequency": 123.256,
    "InPlanePhaseEncodingDirectionDICOM": "ROW",
    "InstitutionAddress": "University_Pkwy_1700_North_685_Provo_UT_US_84601",
    "InstitutionName": "Brigham_Young_University",
    "InstitutionalDepartmentName": "MRI",
    "InversionTime": 0.9,
    "MRAcquisitionType": "3D",
    "MagneticFieldStrength": 3,
    "Manufacturer": "Siemens",
    "ManufacturersModelName": "TrioTim",
    "Modality": "MR",
    "NumberOfVolumes": 1,
    "PartialFourier": 0.875,
    "PatientPosition": "HFS",
    "PercentPhaseFOV": 87.5,
    "PhaseEncodingSteps": 227,
    "PhaseOversampling": 0.2,
    "PhaseResolution": 0.96,
    "PixelBandwidth": 199,
    "ProcedureStepDescription": "Research_KIRWAN",
    "ProtocolName": "t1_mpr_sag_iso_(mprage)",
    "PulseSequenceDetails": "%SiemensSeq%_tfl",
    "ReceiveCoilName": "HeadMatrix",
    "ReconMatrixPE": 224,
    "RepetitionTime": 1.9,
    "SAR": 0.0982562,
    "ScanOptions": "IR_PFP",
    "ScanningSequence": "GR_IR",
    "SequenceName": "_tfl3d1_ns",
    "SequenceVariant": "SP_MP_OSP",
    "SeriesDescription": "t1_mpr_sag_iso_(mprage)",
    "SeriesNumber": 2,
    "ShimSetting": [
      -2655,
      -23109,
      2059,
      81,
      -13,
      -145,
      -152,
      15
    ],
    "SliceThickness": 1,
    "SoftwareVersions": "syngo_MR_B17",
    "StationName": "MININT-E41B04",
    "TxRefAmp": 325.687,
    "dataset": "ds004656",
    "datatype": "anat",
    "extension": ".nii.gz",
    "modality": "T1w",
    "session": "PM",
    "subject": "1307",
    "suffix": "T1w"
  },
  "cjv": 0.5394284552845529,
  "cnr": 1.897141095348902,
  "efc": 0.5366,
  "fber": 23974.251,
  "fwhm_avg": 4.710729573333333,
  "fwhm_x": 4.42387,
  "fwhm_y": 5.04609792,
  "fwhm_z": 4.6622208,
  "icvs_csf": 0.27175268741740416,
  "icvs_gm": 0.3817610281999317,
  "icvs_wm": 0.34648628438266427,
  "inu_med": 0.4059191346168518,
  "inu_range": 0.1416897177696228,
  "provenance": {
    "md5sum": "650ee0137f1228fab693666abc203fa6",
    "settings": {
      "testing": false
    },
    "software": "mriqc",
    "version": "24.1.0.dev0+g5c3f8b6e.d20240820",
    "warnings": {
      "large_rot_frame": true,
      "small_air_mask": false
    }
  },
  "qi_1": 0.0,
  "qi_2": 0.0022535905463962587,
  "rpve_csf": 6.929199777884588,
  "rpve_gm": 6.856286452926072,
  "rpve_wm": 6.956165331868408,
  "size_x": 176,
  "size_y": 224,
  "size_z": 256,
  "snr_csf": 2.541402730806599,
  "snr_gm": 6.724749782414251,
  "snr_total": 7.578462239735475,
  "snr_wm": 13.469234205985574,
  "snrd_csf": 50.88143763632758,
  "snrd_gm": 78.3790656355344,
  "snrd_total": 78.09037662766872,
  "snrd_wm": 105.01062661114416,
  "spacing_x": 1.0,
  "spacing_y": 0.9765625,
  "spacing_z": 0.9765625,
  "summary_bg_k": 8.7023,
  "summary_bg_mad": 0.0,
  "summary_bg_mean": 3.4523,
  "summary_bg_median": 0.0,
  "summary_bg_n": 4083731.0,
  "summary_bg_p05": 0.0,
  "summary_bg_p95": 15.0,
  "summary_bg_stdv": 6.0516,
  "summary_csf_k": -0.0634,
  "summary_csf_mad": 131.7066,
  "summary_csf_mean": 474.79,
  "summary_csf_median": 470.0,
  "summary_csf_n": 389606.66499505925,
  "summary_csf_p05": 186.0,
  "summary_csf_p95": 768.0,
  "summary_csf_stdv": 184.937,
  "summary_gm_k": -0.7196,
  "summary_gm_mad": 78.6764,
  "summary_gm_mean": 726.1199,
  "summary_gm_median": 724.0,
  "summary_gm_n": 547323.5331564726,
  "summary_gm_p05": 549.0,
  "summary_gm_p95": 920.0,
  "summary_gm_stdv": 107.6619,
  "summary_wm_k": -0.4163,
  "summary_wm_mad": 54.023,
  "summary_wm_mean": 951.8179,
  "summary_wm_median": 970.0,
  "summary_wm_n": 496750.803120904,
  "summary_wm_p05": 807.0,
  "summary_wm_p95": 1040.0,
  "summary_wm_stdv": 72.0159,
  "tpm_overlap_csf": 0.2272425008172869,
  "tpm_overlap_gm": 0.5423350273292553,
  "tpm_overlap_wm": 0.5623667398373021,
  "wm2max": 0.4942453467470076
}