{
  "bids_meta": {
    "AcquisitionMatrixPE": 215,
    "AcquisitionNumber": 1,
    "AcquisitionTime": "07:30:24.335000",
    "BaseResolution": 256,
    "CoilString": "C:HEA;HEP",
    "ConversionSoftware": "dcm2niix",
    "ConversionSoftwareVersion": "v1.0.20190902",
    "DeviceSerialNumber": "35002",
    "DwellTime": 9.8e-06,
    "EchoTime": 0.00226,
    "FileSize": 0.010304294526576996,
    "FileSizeUnits": "GB",
    "FlipAngle": 9,
    "ImageOrientationPatientDICOM": [
      0,
      1,
      0,
      0,
      0,
      -1
    ],
    "ImageType": [
      "ORIGINAL",
      "PRIMARY",
      "M",
      "ND",
      "NORM"
    ],
    "ImagingFrequency": 123.256,
    "InPlanePhaseEncodingDirectionDICOM": "ROW",
    "InstitutionAddress": "University_Pkwy_1700_North_685_Provo_UT_US_84601",
    "InstitutionName": "Brigham_Young_University",
    "InstitutionalDepartmentName": "MRI",
    "InversionTime": 0.9,
    "MRAcquisitionType": "3D",
    "MagneticFieldStrength": 3,
    "Manufacturer": "Siemens",
    "ManufacturersModelName": "TrioTim",
    "Modality": "MR",
    "NumberOfVolumes": 1,
    "PartialFourier": 0.875,
    "PatientPosition": "HFS",
    "PercentPhaseFOV": 87.5,
    "PhaseEncodingSteps": 227,
    "PhaseOversampling": 0.2,
    "PhaseResolution": 0.96,
    "PixelBandwidth": 199,
    "ProcedureStepDescription": "Research_KIRWAN",
    "ProtocolName": "t1_mpr_sag_iso_(mprage)",
    "PulseSequenceDetails": "%SiemensSeq%_tfl",
    "ReceiveCoilName": "HeadMatrix",
    "ReconMatrixPE": 224,
    "RepetitionTime": 1.9,
    "SAR": 0.110726,
    "ScanOptions": "IR_PFP",
    "ScanningSequence": "GR_IR",
    "SequenceName": "_tfl3d1_ns",
    "SequenceVariant": "SP_MP_OSP",
    "SeriesDescription": "t1_mpr_sag_iso_(mprage)",
    "SeriesNumber": 2,
    "ShimSetting": [
      -2655,
      -23109,
      2059,
      81,
      -13,
      -145,
      -152,
      15
    ],
    "SliceThickness": 1,
    "SoftwareVersions": "syngo_MR_B17",
    "StationName": "MININT-E41B04",
    "TxRefAmp": 317.943,
    "dataset": "ds004656",
    "datatype": "anat",
    "extension": ".nii.gz",
    "modality": "T1w",
    "session": "AM",
    "subject": "1314",
    "suffix": "T1w"
  },
  "cjv": 0.5158530612244898,
  "cnr": 2.1514806625100973,
  "efc": 0.5524,
  "fber": 14914.0731,
  "fwhm_avg": 4.864696346666666,
  "fwhm_x": 4.54741,
  "fwhm_y": 5.2967219199999995,
  "fwhm_z": 4.74995712,
  "icvs_csf": 0.2572719421647624,
  "icvs_gm": 0.39295388388069885,
  "icvs_wm": 0.34977417395453875,
  "inu_med": 0.42176198959350586,
  "inu_range": 0.18684769421815878,
  "provenance": {
    "md5sum": "17c1cb5280929aca1fbdf8eca58edb4a",
    "settings": {
      "testing": false
    },
    "software": "mriqc",
    "version": "24.1.0.dev0+g5c3f8b6e.d20240820",
    "warnings": {
      "large_rot_frame": true,
      "small_air_mask": false
    }
  },
  "qi_1": 0.0,
  "qi_2": 0.002251537256984063,
  "rpve_csf": 6.082810291263353,
  "rpve_gm": 6.029069811401152,
  "rpve_wm": 6.120358870664669,
  "size_x": 176,
  "size_y": 224,
  "size_z": 256,
  "snr_csf": 2.3660499151399312,
  "snr_gm": 8.065151340402176,
  "snr_total": 8.202953989912048,
  "snr_wm": 14.17766071419404,
  "snrd_csf": 48.00422144918955,
  "snrd_gm": 70.79410435941085,
  "snrd_total": 71.11736510991044,
  "snrd_wm": 94.55376952113093,
  "spacing_x": 1.0,
  "spacing_y": 0.9765625,
  "spacing_z": 0.9765625,
  "summary_bg_k": 9.2668,
  "summary_bg_mad": 0.0,
  "summary_bg_mean": 4.0554,
  "summary_bg_median": 0.0,
  "summary_bg_n": 3603863.0,
  "summary_bg_p05": 0.0,
  "summary_bg_p95": 18.0,
  "summary_bg_stdv": 6.7555,
  "summary_csf_k": -0.2795,
  "summary_csf_mad": 143.2656,
  "summary_csf_mean": 490.972,
  "summary_csf_median": 495.0,
  "summary_csf_n": 419425.30216255155,
  "summary_csf_p05": 135.0,
  "summary_csf_p95": 808.0,
  "summary_csf_stdv": 209.2092,
  "summary_gm_k": -0.715,
  "summary_gm_mad": 73.0595,
  "summary_gm_mean": 733.3179,
  "summary_gm_median": 730.0,
  "summary_gm_n": 640624.8582562471,
  "summary_gm_p05": 588.0,
  "summary_gm_p95": 889.0,
  "summary_gm_stdv": 90.5128,
  "summary_wm_k": -0.3361,
  "summary_wm_mad": 53.3245,
  "summary_wm_mean": 962.5114,
  "summary_wm_median": 975.0,
  "summary_wm_n": 570229.8407091235,
  "summary_wm_p05": 827.0,
  "summary_wm_p95": 1055.0,
  "summary_wm_stdv": 68.7701,
  "tpm_overlap_csf": 0.22570931542926825,
  "tpm_overlap_gm": 0.5399078395608983,
  "tpm_overlap_wm": 0.5531488727533526,
  "wm2max": 0.4608198766526492
}