{
  "aor": 0.0012885130111524163,
  "aqi": 0.011579003605947956,
  "bids_meta": {
    "AcquisitionMatrixPE": 64,
    "AcquisitionNumber": 1,
    "AcquisitionTime": "18:48:11.037500",
    "BandwidthPerPixelPhaseEncode": 72.674,
    "BaseResolution": 64,
    "CoilString": "T:HEA;HEP",
    "ConversionSoftware": "dcm2niix",
    "ConversionSoftwareVersion": "v1.0.20190902",
    "DerivedVendorReportedEchoSpacing": 0.000430002,
    "DeviceSerialNumber": "35002",
    "DwellTime": 2.7e-06,
    "EchoTime": 0.028,
    "EffectiveEchoSpacing": 0.000215001,
    "FileSize": 0.04797010775655508,
    "FileSizeUnits": "GB",
    "FlipAngle": 90,
    "ImageOrientationPatientDICOM": [
      1,
      0,
      0,
      0,
      0.959805,
      -0.280667
    ],
    "ImageType": [
      "ORIGINAL",
      "PRIMARY",
      "M",
      "ND",
      "MOSAIC"
    ],
    "ImagingFrequency": 123.256,
    "InPlanePhaseEncodingDirectionDICOM": "COL",
    "InstitutionAddress": "University_Pkwy_1700_North_685_Provo_UT_US_84601",
    "InstitutionName": "Brigham_Young_University",
    "InstitutionalDepartmentName": "MRI",
    "MRAcquisitionType": "2D",
    "MagneticFieldStrength": 3,
    "Manufacturer": "Siemens",
    "ManufacturersModelName": "TrioTim",
    "Modality": "MR",
    "NumberOfVolumes": 270,
    "ParallelReductionFactorInPlane": 2,
    "PartialFourier": 1,
    "PatientPosition": "HFS",
    "PercentPhaseFOV": 100,
    "PhaseEncodingDirection": "j-",
    "PhaseEncodingSteps": 63,
    "PhaseResolution": 1,
    "PixelBandwidth": 2894,
    "ProcedureStepDescription": "Research_KIRWAN",
    "ProtocolName": "EPI_Run_1",
    "PulseSequenceDetails": "%CustomerSeq%_ep2d_bold_PMU",
    "ReceiveCoilName": "HeadMatrix",
    "ReconMatrixPE": 64,
    "RefLinesPE": 24,
    "RepetitionTime": 2,
    "SAR": 0.191485,
    "ScanOptions": "FS",
    "ScanningSequence": "EP",
    "SequenceName": "epfid2d1_64",
    "SequenceVariant": "SK",
    "SeriesDescription": "EPI_Run_1",
    "SeriesNumber": 3,
    "ShimSetting": [
      -2657,
      -23134,
      2561,
      754,
      124,
      282,
      -58,
      70
    ],
    "SliceThickness": 3,
    "SliceTiming": [
      1.005,
      0,
      1.055,
      0.05,
      1.105,
      0.1,
      1.155,
      0.15,
      1.205,
      0.2025,
      1.255,
      0.2525,
      1.305,
      0.3025,
      1.355,
      0.3525,
      1.405,
      0.4025,
      1.455,
      0.4525,
      1.5075,
      0.5025,
      1.5575,
      0.5525,
      1.6075,
      0.6025,
      1.6575,
      0.6525,
      1.7075,
      0.7025,
      1.7575,
      0.7525,
      1.8075,
      0.8025,
      1.8575,
      0.855,
      1.9075,
      0.905,
      1.9575,
      0.955
    ],
    "SoftwareVersions": "syngo_MR_B17",
    "SpacingBetweenSlices": 3,
    "StationName": "MININT-E41B04",
    "TaskName": "FoodStimHiLo",
    "TotalReadoutTime": 0.0135451,
    "TxRefAmp": 309.319,
    "dataset": "ds004656",
    "datatype": "func",
    "extension": ".nii.gz",
    "modality": "bold",
    "run": 1,
    "session": "PM",
    "subject": "1303",
    "suffix": "bold",
    "task": "FoodStimHiLo"
  },
  "dummy_trs": 1,
  "dvars_nstd": 30.096153921194023,
  "dvars_std": 1.0811891879477618,
  "dvars_vstd": 1.013364875895522,
  "efc": 0.5041,
  "fber": 1114.4539,
  "fd_mean": 0.10992758733992042,
  "fd_num": 15,
  "fd_perc": 5.5762081784386615,
  "fwhm_avg": 2.2616840808080805,
  "fwhm_x": 2.106027636363636,
  "fwhm_y": 2.3110312727272726,
  "fwhm_z": 2.367993333333333,
  "gcor": 0.0133423,
  "gsr_x": -0.012471226043999195,
  "gsr_y": 0.03159331902861595,
  "provenance": {
    "md5sum": "9679c29f19717343cf73e296bd6c2bea",
    "settings": {
      "fd_thres": 0.2,
      "testing": false
    },
    "software": "mriqc",
    "version": "24.1.0.dev0+g5c3f8b6e.d20240820"
  },
  "size_t": 269,
  "size_x": 64,
  "size_y": 64,
  "size_z": 40,
  "snr": 3.8191416801412563,
  "spacing_tr": 2.0,
  "spacing_x": 3.4375,
  "spacing_y": 3.4375,
  "spacing_z": 3.0,
  "summary_bg_k": 62.2826,
  "summary_bg_mad": 7.2918,
  "summary_bg_mean": 42.2034,
  "summary_bg_median": 25.0,
  "summary_bg_n": 126061.0,
  "summary_bg_p05": 0.0,
  "summary_bg_p95": 128.0,
  "summary_bg_stdv": 67.391,
  "summary_fg_k": 1.8734,
  "summary_fg_mad": 157.1503,
  "summary_fg_mean": 805.8586,
  "summary_fg_median": 826.0,
  "summary_fg_n": 37779.0,
  "summary_fg_p05": 346.0,
  "summary_fg_p95": 1107.0,
  "summary_fg_stdv": 216.2761,
  "tsnr": 47.02698157413397
}