{
  "aor": 0.002270777777777778,
  "aqi": 0.01865351859259259,
  "bids_meta": {
    "AcquisitionMatrixPE": 64,
    "AcquisitionNumber": 1,
    "AcquisitionTime": "18:57:48.360000",
    "BandwidthPerPixelPhaseEncode": 72.674,
    "BaseResolution": 64,
    "CoilString": "T:HEA;HEP",
    "ConversionSoftware": "dcm2niix",
    "ConversionSoftwareVersion": "v1.0.20190902",
    "DerivedVendorReportedEchoSpacing": 0.000430002,
    "DeviceSerialNumber": "35002",
    "DwellTime": 2.7e-06,
    "EchoTime": 0.028,
    "EffectiveEchoSpacing": 0.000215001,
    "FileSize": 0.048037026077508926,
    "FileSizeUnits": "GB",
    "FlipAngle": 90,
    "ImageOrientationPatientDICOM": [
      1,
      0,
      0,
      0,
      0.959805,
      -0.280667
    ],
    "ImageType": [
      "ORIGINAL",
      "PRIMARY",
      "M",
      "ND",
      "MOSAIC"
    ],
    "ImagingFrequency": 123.256,
    "InPlanePhaseEncodingDirectionDICOM": "COL",
    "InstitutionAddress": "University_Pkwy_1700_North_685_Provo_UT_US_84601",
    "InstitutionName": "Brigham_Young_University",
    "InstitutionalDepartmentName": "MRI",
    "MRAcquisitionType": "2D",
    "MagneticFieldStrength": 3,
    "Manufacturer": "Siemens",
    "ManufacturersModelName": "TrioTim",
    "Modality": "MR",
    "NumberOfVolumes": 270,
    "ParallelReductionFactorInPlane": 2,
    "PartialFourier": 1,
    "PatientPosition": "HFS",
    "PercentPhaseFOV": 100,
    "PhaseEncodingDirection": "j-",
    "PhaseEncodingSteps": 63,
    "PhaseResolution": 1,
    "PixelBandwidth": 2894,
    "ProcedureStepDescription": "Research_KIRWAN",
    "ProtocolName": "EPI_Run_2",
    "PulseSequenceDetails": "%CustomerSeq%_ep2d_bold_PMU",
    "ReceiveCoilName": "HeadMatrix",
    "ReconMatrixPE": 64,
    "RefLinesPE": 24,
    "RepetitionTime": 2,
    "SAR": 0.191485,
    "ScanOptions": "FS",
    "ScanningSequence": "EP",
    "SequenceName": "epfid2d1_64",
    "SequenceVariant": "SK",
    "SeriesDescription": "EPI_Run_2",
    "SeriesNumber": 4,
    "ShimSetting": [
      -2657,
      -23134,
      2561,
      754,
      124,
      282,
      -58,
      70
    ],
    "SliceThickness": 3,
    "SliceTiming": [
      1.0025,
      0,
      1.0525,
      0.05,
      1.1025,
      0.1,
      1.1525,
      0.15,
      1.205,
      0.2,
      1.255,
      0.25,
      1.305,
      0.3,
      1.355,
      0.35,
      1.405,
      0.4,
      1.455,
      0.45,
      1.505,
      0.5,
      1.555,
      0.5525,
      1.605,
      0.6025,
      1.655,
      0.6525,
      1.705,
      0.7025,
      1.755,
      0.7525,
      1.805,
      0.8025,
      1.8575,
      0.8525,
      1.9075,
      0.9025,
      1.9575,
      0.9525
    ],
    "SoftwareVersions": "syngo_MR_B17",
    "SpacingBetweenSlices": 3,
    "StationName": "MININT-E41B04",
    "TaskName": "FoodStimHiLo",
    "TotalReadoutTime": 0.0135451,
    "TxRefAmp": 309.319,
    "dataset": "ds004656",
    "datatype": "func",
    "extension": ".nii.gz",
    "modality": "bold",
    "run": 2,
    "session": "PM",
    "subject": "1303",
    "suffix": "bold",
    "task": "FoodStimHiLo"
  },
  "dummy_trs": 0,
  "dvars_nstd": 30.36412092301116,
  "dvars_std": 1.0721548709665434,
  "dvars_vstd": 1.0092723609293675,
  "efc": 0.5046,
  "fber": 1120.0248,
  "fd_mean": 0.12830871324961438,
  "fd_num": 29,
  "fd_perc": 10.74074074074074,
  "fwhm_avg": 2.279796101010101,
  "fwhm_x": 2.104322909090909,
  "fwhm_y": 2.324488727272727,
  "fwhm_z": 2.4105766666666666,
  "gcor": 0.0123893,
  "gsr_x": -0.013145566917955875,
  "gsr_y": 0.030767714604735374,
  "provenance": {
    "md5sum": "2b26bfec58c0c2d323db41db8cbdebeb",
    "settings": {
      "fd_thres": 0.2,
      "testing": false
    },
    "software": "mriqc",
    "version": "24.1.0.dev0+g5c3f8b6e.d20240820"
  },
  "size_t": 270,
  "size_x": 64,
  "size_y": 64,
  "size_z": 40,
  "snr": 3.8560995256972284,
  "spacing_tr": 2.0,
  "spacing_x": 3.4375,
  "spacing_y": 3.4375,
  "spacing_z": 3.0,
  "summary_bg_k": 57.3572,
  "summary_bg_mad": 7.2373,
  "summary_bg_mean": 42.6475,
  "summary_bg_median": 25.0,
  "summary_bg_n": 126146.0,
  "summary_bg_p05": 0.0,
  "summary_bg_p95": 130.0,
  "summary_bg_stdv": 67.6496,
  "summary_fg_k": 1.8301,
  "summary_fg_mad": 157.2876,
  "summary_fg_mean": 808.6269,
  "summary_fg_median": 828.0,
  "summary_fg_n": 37694.0,
  "summary_fg_p05": 356.0,
  "summary_fg_p95": 1110.0,
  "summary_fg_stdv": 214.7219,
  "tsnr": 40.83096504909918
}