{
  "aor": 0.001667952755905512,
  "aqi": 0.006545642047244094,
  "bids_meta": {
    "AcquisitionMatrixPE": 64,
    "AcquisitionNumber": 1,
    "AcquisitionTime": "18:26:15.017500",
    "BandwidthPerPixelPhaseEncode": 72.674,
    "BaseResolution": 64,
    "CoilString": "T:HEA;HEP",
    "ConversionSoftware": "dcm2niix",
    "ConversionSoftwareVersion": "v1.0.20190902",
    "DerivedVendorReportedEchoSpacing": 0.000430002,
    "DeviceSerialNumber": "35002",
    "DwellTime": 2.7e-06,
    "EchoTime": 0.028,
    "EffectiveEchoSpacing": 0.000215001,
    "FileSize": 0.022964976727962494,
    "FileSizeUnits": "GB",
    "FlipAngle": 90,
    "ImageOrientationPatientDICOM": [
      1,
      0,
      0,
      0,
      0.928486,
      -0.371368
    ],
    "ImageType": [
      "ORIGINAL",
      "PRIMARY",
      "M",
      "ND",
      "MOSAIC"
    ],
    "ImagingFrequency": 123.256,
    "InPlanePhaseEncodingDirectionDICOM": "COL",
    "InstitutionAddress": "University_Pkwy_1700_North_685_Provo_UT_US_84601",
    "InstitutionName": "Brigham_Young_University",
    "InstitutionalDepartmentName": "MRI",
    "MRAcquisitionType": "2D",
    "MagneticFieldStrength": 3,
    "Manufacturer": "Siemens",
    "ManufacturersModelName": "TrioTim",
    "Modality": "MR",
    "NumberOfVolumes": 127,
    "ParallelReductionFactorInPlane": 2,
    "PartialFourier": 1,
    "PatientPosition": "HFS",
    "PercentPhaseFOV": 100,
    "PhaseEncodingDirection": "j-",
    "PhaseEncodingSteps": 63,
    "PhaseResolution": 1,
    "PixelBandwidth": 2894,
    "ProcedureStepDescription": "Research_KIRWAN",
    "ProtocolName": "EPI_Run_2",
    "PulseSequenceDetails": "%CustomerSeq%_ep2d_bold_PMU",
    "ReceiveCoilName": "HeadMatrix",
    "ReconMatrixPE": 64,
    "RefLinesPE": 24,
    "RepetitionTime": 2,
    "SAR": 0.210824,
    "ScanOptions": "FS",
    "ScanningSequence": "EP",
    "SequenceName": "epfid2d1_64",
    "SequenceVariant": "SK",
    "SeriesDescription": "EPI_Run_2",
    "SeriesNumber": 4,
    "ShimSetting": [
      -2717,
      -23122,
      2582,
      592,
      31,
      11,
      173,
      -39
    ],
    "SliceThickness": 3,
    "SliceTiming": [
      1.005,
      0,
      1.055,
      0.05,
      1.105,
      0.1,
      1.155,
      0.15,
      1.205,
      0.2,
      1.255,
      0.2525,
      1.305,
      0.3025,
      1.355,
      0.3525,
      1.405,
      0.4025,
      1.455,
      0.4525,
      1.505,
      0.5025,
      1.555,
      0.5525,
      1.6075,
      0.6025,
      1.6575,
      0.6525,
      1.7075,
      0.7025,
      1.7575,
      0.7525,
      1.8075,
      0.8025,
      1.8575,
      0.8525,
      1.9075,
      0.905,
      1.9575,
      0.955
    ],
    "SoftwareVersions": "syngo_MR_B17",
    "SpacingBetweenSlices": 3,
    "StationName": "MININT-E41B04",
    "TaskName": "FoodStimHiLo",
    "TotalReadoutTime": 0.0135451,
    "TxRefAmp": 322.117,
    "dataset": "ds004656",
    "datatype": "func",
    "extension": ".nii.gz",
    "modality": "bold",
    "run": 2,
    "session": "PM",
    "subject": "1315",
    "suffix": "bold",
    "task": "FoodStimHiLo"
  },
  "dummy_trs": 0,
  "dvars_nstd": 28.872631935634914,
  "dvars_std": 1.0458103425396827,
  "dvars_vstd": 1.0169614653174606,
  "efc": 0.5088,
  "fber": 992.7021,
  "fd_mean": 0.07060802660042852,
  "fd_num": 7,
  "fd_perc": 5.511811023622047,
  "fwhm_avg": 2.2766313333333335,
  "fwhm_x": 2.1570356363636365,
  "fwhm_y": 2.324628363636364,
  "fwhm_z": 2.34823,
  "gcor": 0.00612549,
  "gsr_x": -0.006898641120642424,
  "gsr_y": 0.02564697526395321,
  "provenance": {
    "md5sum": "475ebbe4f03a9bf858f7c608ce7b7b18",
    "settings": {
      "fd_thres": 0.2,
      "testing": false
    },
    "software": "mriqc",
    "version": "24.1.0.dev0+g5c3f8b6e.d20240820"
  },
  "size_t": 127,
  "size_x": 64,
  "size_y": 64,
  "size_z": 40,
  "snr": 3.5411532336908587,
  "spacing_tr": 2.0,
  "spacing_x": 3.4375,
  "spacing_y": 3.4375,
  "spacing_z": 3.0,
  "summary_bg_k": 53.3743,
  "summary_bg_mad": 7.3313,
  "summary_bg_mean": 45.5225,
  "summary_bg_median": 26.0,
  "summary_bg_n": 126004.0,
  "summary_bg_p05": 0.0,
  "summary_bg_p95": 139.0,
  "summary_bg_stdv": 72.1278,
  "summary_fg_k": 1.4559,
  "summary_fg_mad": 168.6489,
  "summary_fg_mean": 790.8415,
  "summary_fg_median": 812.0,
  "summary_fg_n": 37836.0,
  "summary_fg_p05": 284.0,
  "summary_fg_p95": 1106.0,
  "summary_fg_stdv": 229.3008,
  "tsnr": 51.47536754520843
}