{
  "bids_meta": {
    "AcquisitionMatrixPE": 215,
    "AcquisitionNumber": 1,
    "AcquisitionTime": "07:07:9.150000",
    "BaseResolution": 256,
    "CoilString": "C:HEA;HEP",
    "ConversionSoftware": "dcm2niix",
    "ConversionSoftwareVersion": "v1.0.20190902",
    "DeviceSerialNumber": "35002",
    "DwellTime": 9.8e-06,
    "EchoTime": 0.00226,
    "FileSize": 0.010053425095975399,
    "FileSizeUnits": "GB",
    "FlipAngle": 9,
    "ImageOrientationPatientDICOM": [
      0,
      1,
      0,
      0,
      0,
      -1
    ],
    "ImageType": [
      "ORIGINAL",
      "PRIMARY",
      "M",
      "ND",
      "NORM"
    ],
    "ImagingFrequency": 123.256,
    "InPlanePhaseEncodingDirectionDICOM": "ROW",
    "InstitutionAddress": "University_Pkwy_1700_North_685_Provo_UT_US_84601",
    "InstitutionName": "Brigham_Young_University",
    "InstitutionalDepartmentName": "MRI",
    "InversionTime": 0.9,
    "MRAcquisitionType": "3D",
    "MagneticFieldStrength": 3,
    "Manufacturer": "Siemens",
    "ManufacturersModelName": "TrioTim",
    "Modality": "MR",
    "NumberOfVolumes": 1,
    "PartialFourier": 0.875,
    "PatientPosition": "HFS",
    "PercentPhaseFOV": 87.5,
    "PhaseEncodingSteps": 227,
    "PhaseOversampling": 0.2,
    "PhaseResolution": 0.96,
    "PixelBandwidth": 199,
    "ProcedureStepDescription": "Research_KIRWAN",
    "ProtocolName": "t1_mpr_sag_iso_(mprage)",
    "PulseSequenceDetails": "%SiemensSeq%_tfl",
    "ReceiveCoilName": "HeadMatrix",
    "ReconMatrixPE": 224,
    "RepetitionTime": 1.9,
    "SAR": 0.118442,
    "ScanOptions": "IR_PFP",
    "ScanningSequence": "GR_IR",
    "SequenceName": "_tfl3d1_ns",
    "SequenceVariant": "SP_MP_OSP",
    "SeriesDescription": "t1_mpr_sag_iso_(mprage)",
    "SeriesNumber": 2,
    "ShimSetting": [
      -2655,
      -23109,
      2059,
      81,
      -13,
      -145,
      -152,
      15
    ],
    "SliceThickness": 1,
    "SoftwareVersions": "syngo_MR_B17",
    "StationName": "MININT-E41B04",
    "TxRefAmp": 313.744,
    "dataset": "ds004656",
    "datatype": "anat",
    "extension": ".nii.gz",
    "modality": "T1w",
    "session": "AM",
    "subject": "1302",
    "suffix": "T1w"
  },
  "cjv": 0.640198245614035,
  "cnr": 1.5869424021076062,
  "efc": 0.5467,
  "fber": 14249.7732,
  "fwhm_avg": 4.59895104,
  "fwhm_x": 4.50648,
  "fwhm_y": 4.8016793600000005,
  "fwhm_z": 4.48869376,
  "icvs_csf": 0.2634020682783351,
  "icvs_gm": 0.3831970675520099,
  "icvs_wm": 0.35340086416965494,
  "inu_med": 0.5111258029937744,
  "inu_range": 0.21864759325981137,
  "provenance": {
    "md5sum": "10f4c3c018803c7923fc8907b6af05a1",
    "settings": {
      "testing": false
    },
    "software": "mriqc",
    "version": "24.1.0.dev0+g5c3f8b6e.d20240820",
    "warnings": {
      "large_rot_frame": true,
      "small_air_mask": false
    }
  },
  "qi_1": 0.0,
  "qi_2": 0.0012894600220416494,
  "rpve_csf": 6.871742560288283,
  "rpve_gm": 6.766621096239599,
  "rpve_wm": 6.862750203384282,
  "size_x": 176,
  "size_y": 224,
  "size_z": 256,
  "snr_csf": 2.3640074380120266,
  "snr_gm": 6.51334012711524,
  "snr_total": 6.396954773762267,
  "snr_wm": 10.313516756159535,
  "snrd_csf": 35.31692278173075,
  "snrd_gm": 53.72362406203958,
  "snrd_total": 53.27468012837351,
  "snrd_wm": 70.7834935413502,
  "spacing_x": 1.0,
  "spacing_y": 0.9765625,
  "spacing_z": 0.9765625,
  "summary_bg_k": 2439.3356,
  "summary_bg_mad": 0.0,
  "summary_bg_mean": 4.7939,
  "summary_bg_median": 0.0,
  "summary_bg_n": 3423981.0,
  "summary_bg_p05": 0.0,
  "summary_bg_p95": 21.0,
  "summary_bg_stdv": 8.7557,
  "summary_csf_k": -0.2381,
  "summary_csf_mad": 135.012,
  "summary_csf_mean": 473.1768,
  "summary_csf_median": 472.0,
  "summary_csf_n": 380570.94703502045,
  "summary_csf_p05": 138.0,
  "summary_csf_p95": 783.0,
  "summary_csf_stdv": 199.6607,
  "summary_gm_k": -0.6991,
  "summary_gm_mad": 77.6888,
  "summary_gm_mean": 722.5467,
  "summary_gm_median": 718.0,
  "summary_gm_n": 553654.2360981376,
  "summary_gm_p05": 546.0,
  "summary_gm_p95": 927.0,
  "summary_gm_stdv": 110.2352,
  "summary_wm_k": -0.4697,
  "summary_wm_mad": 68.2764,
  "summary_wm_mean": 924.3136,
  "summary_wm_median": 946.0,
  "summary_wm_n": 510603.8173471031,
  "summary_wm_p05": 748.0,
  "summary_wm_p95": 1045.0,
  "summary_wm_stdv": 91.7242,
  "tpm_overlap_csf": 0.22139119567750581,
  "tpm_overlap_gm": 0.5487044927787957,
  "tpm_overlap_wm": 0.5570042401546864,
  "wm2max": 0.4783962435868682
}