{
  "aor": 0.002235092936802974,
  "aqi": 0.016334489256505578,
  "bids_meta": {
    "AcquisitionMatrixPE": 64,
    "AcquisitionNumber": 1,
    "AcquisitionTime": "18:45:25.720000",
    "BandwidthPerPixelPhaseEncode": 72.674,
    "BaseResolution": 64,
    "CoilString": "T:HEA;HEP",
    "ConversionSoftware": "dcm2niix",
    "ConversionSoftwareVersion": "v1.0.20190902",
    "DerivedVendorReportedEchoSpacing": 0.000430002,
    "DeviceSerialNumber": "35002",
    "DwellTime": 2.7e-06,
    "EchoTime": 0.028,
    "EffectiveEchoSpacing": 0.000215001,
    "FileSize": 0.04820096306502819,
    "FileSizeUnits": "GB",
    "FlipAngle": 90,
    "ImageOrientationPatientDICOM": [
      1,
      0,
      0,
      0,
      0.95424,
      -0.299041
    ],
    "ImageType": [
      "ORIGINAL",
      "PRIMARY",
      "M",
      "ND",
      "MOSAIC"
    ],
    "ImagingFrequency": 123.256,
    "InPlanePhaseEncodingDirectionDICOM": "COL",
    "InstitutionAddress": "University_Pkwy_1700_North_685_Provo_UT_US_84601",
    "InstitutionName": "Brigham_Young_University",
    "InstitutionalDepartmentName": "MRI",
    "MRAcquisitionType": "2D",
    "MagneticFieldStrength": 3,
    "Manufacturer": "Siemens",
    "ManufacturersModelName": "TrioTim",
    "Modality": "MR",
    "NumberOfVolumes": 270,
    "ParallelReductionFactorInPlane": 2,
    "PartialFourier": 1,
    "PatientPosition": "HFS",
    "PercentPhaseFOV": 100,
    "PhaseEncodingDirection": "j-",
    "PhaseEncodingSteps": 63,
    "PhaseResolution": 1,
    "PixelBandwidth": 2894,
    "ProcedureStepDescription": "Research_KIRWAN",
    "ProtocolName": "EPI_Run_1",
    "PulseSequenceDetails": "%CustomerSeq%_ep2d_bold_PMU",
    "ReceiveCoilName": "HeadMatrix",
    "ReconMatrixPE": 64,
    "RefLinesPE": 24,
    "RepetitionTime": 2,
    "SAR": 0.17497,
    "ScanOptions": "FS",
    "ScanningSequence": "EP",
    "SequenceName": "epfid2d1_64",
    "SequenceVariant": "SK",
    "SeriesDescription": "EPI_Run_1",
    "SeriesNumber": 4,
    "ShimSetting": [
      -2706,
      -23137,
      2598,
      611,
      -24,
      68,
      -366,
      -144
    ],
    "SliceThickness": 3,
    "SliceTiming": [
      1.005,
      0,
      1.055,
      0.05,
      1.105,
      0.1025,
      1.155,
      0.1525,
      1.205,
      0.2025,
      1.255,
      0.2525,
      1.305,
      0.3025,
      1.355,
      0.3525,
      1.4075,
      0.4025,
      1.4575,
      0.4525,
      1.5075,
      0.5025,
      1.5575,
      0.5525,
      1.6075,
      0.6025,
      1.6575,
      0.6525,
      1.7075,
      0.7025,
      1.7575,
      0.755,
      1.8075,
      0.805,
      1.8575,
      0.855,
      1.9075,
      0.905,
      1.9575,
      0.955
    ],
    "SoftwareVersions": "syngo_MR_B17",
    "SpacingBetweenSlices": 3,
    "StationName": "MININT-E41B04",
    "TaskName": "FoodStimHiLo",
    "TotalReadoutTime": 0.0135451,
    "TxRefAmp": 315.039,
    "dataset": "ds004656",
    "datatype": "func",
    "extension": ".nii.gz",
    "modality": "bold",
    "run": 1,
    "session": "PM",
    "subject": "1304",
    "suffix": "bold",
    "task": "FoodStimHiLo"
  },
  "dummy_trs": 1,
  "dvars_nstd": 28.6357573897388,
  "dvars_std": 1.0182198548507464,
  "dvars_vstd": 0.9824426217537311,
  "efc": 0.5148,
  "fber": 966.2374,
  "fd_mean": 0.05807361243487729,
  "fd_num": 7,
  "fd_perc": 2.6022304832713754,
  "fwhm_avg": 2.3498876565656563,
  "fwhm_x": 2.243965090909091,
  "fwhm_y": 2.359054545454545,
  "fwhm_z": 2.4466433333333333,
  "gcor": 0.00867109,
  "gsr_x": -0.00491358945146203,
  "gsr_y": 0.03145155683159828,
  "provenance": {
    "md5sum": "9a367a7461efa2076b8104e9ed810e02",
    "settings": {
      "fd_thres": 0.2,
      "testing": false
    },
    "software": "mriqc",
    "version": "24.1.0.dev0+g5c3f8b6e.d20240820"
  },
  "size_t": 269,
  "size_x": 64,
  "size_y": 64,
  "size_z": 40,
  "snr": 3.8763875177021605,
  "spacing_tr": 2.0,
  "spacing_x": 3.4375,
  "spacing_y": 3.4375,
  "spacing_z": 3.0,
  "summary_bg_k": 51.4459,
  "summary_bg_mad": 7.3634,
  "summary_bg_mean": 44.1612,
  "summary_bg_median": 25.0,
  "summary_bg_n": 125658.0,
  "summary_bg_p05": 0.0,
  "summary_bg_p95": 136.0,
  "summary_bg_stdv": 70.0615,
  "summary_fg_k": 1.9578,
  "summary_fg_mad": 141.3516,
  "summary_fg_mean": 755.297,
  "summary_fg_median": 778.0,
  "summary_fg_n": 38182.0,
  "summary_fg_p05": 321.0,
  "summary_fg_p95": 1030.0,
  "summary_fg_stdv": 200.6997,
  "tsnr": 45.17182616842911
}