{
  "aor": 0.0004833584905660377,
  "aqi": 0.00657510996226415,
  "bids_meta": {
    "AcquisitionMatrixPE": 64,
    "AcquisitionNumber": 1,
    "AcquisitionTime": "18:57:9.437500",
    "BandwidthPerPixelPhaseEncode": 72.674,
    "BaseResolution": 64,
    "CoilString": "T:HEA;HEP",
    "ConversionSoftware": "dcm2niix",
    "ConversionSoftwareVersion": "v1.0.20190902",
    "DerivedVendorReportedEchoSpacing": 0.000430002,
    "DeviceSerialNumber": "35002",
    "DwellTime": 2.7e-06,
    "EchoTime": 0.028,
    "EffectiveEchoSpacing": 0.000215001,
    "FileSize": 0.04648436978459358,
    "FileSizeUnits": "GB",
    "FlipAngle": 90,
    "ImageOrientationPatientDICOM": [
      1,
      0,
      0,
      0,
      0.947768,
      -0.318959
    ],
    "ImageType": [
      "ORIGINAL",
      "PRIMARY",
      "M",
      "ND",
      "MOSAIC"
    ],
    "ImagingFrequency": 123.256,
    "InPlanePhaseEncodingDirectionDICOM": "COL",
    "InstitutionAddress": "University_Pkwy_1700_North_685_Provo_UT_US_84601",
    "InstitutionName": "Brigham_Young_University",
    "InstitutionalDepartmentName": "MRI",
    "MRAcquisitionType": "2D",
    "MagneticFieldStrength": 3,
    "Manufacturer": "Siemens",
    "ManufacturersModelName": "TrioTim",
    "Modality": "MR",
    "NumberOfVolumes": 270,
    "ParallelReductionFactorInPlane": 2,
    "PartialFourier": 1,
    "PatientPosition": "HFS",
    "PercentPhaseFOV": 100,
    "PhaseEncodingDirection": "j-",
    "PhaseEncodingSteps": 63,
    "PhaseResolution": 1,
    "PixelBandwidth": 2894,
    "ProcedureStepDescription": "Research_KIRWAN",
    "ProtocolName": "EPI_Run_2",
    "PulseSequenceDetails": "%CustomerSeq%_ep2d_bold_PMU",
    "ReceiveCoilName": "HeadMatrix",
    "ReconMatrixPE": 64,
    "RefLinesPE": 24,
    "RepetitionTime": 2,
    "SAR": 0.167765,
    "ScanOptions": "FS",
    "ScanningSequence": "EP",
    "SequenceName": "epfid2d1_64",
    "SequenceVariant": "SK",
    "SeriesDescription": "EPI_Run_2",
    "SeriesNumber": 4,
    "ShimSetting": [
      -2686,
      -23022,
      2476,
      501,
      -101,
      597,
      -328,
      62
    ],
    "SliceThickness": 3,
    "SliceTiming": [
      1.005,
      0,
      1.055,
      0.05,
      1.105,
      0.1,
      1.155,
      0.1525,
      1.205,
      0.2025,
      1.255,
      0.2525,
      1.305,
      0.3025,
      1.355,
      0.3525,
      1.405,
      0.4025,
      1.4575,
      0.4525,
      1.5075,
      0.5025,
      1.5575,
      0.5525,
      1.6075,
      0.6025,
      1.6575,
      0.6525,
      1.7075,
      0.7025,
      1.7575,
      0.7525,
      1.8075,
      0.805,
      1.8575,
      0.855,
      1.9075,
      0.905,
      1.9575,
      0.955
    ],
    "SoftwareVersions": "syngo_MR_B17",
    "SpacingBetweenSlices": 3,
    "StationName": "MININT-E41B04",
    "TaskName": "FoodStimHiLo",
    "TotalReadoutTime": 0.0135451,
    "TxRefAmp": 344.32,
    "dataset": "ds004656",
    "datatype": "func",
    "extension": ".nii.gz",
    "modality": "bold",
    "run": 2,
    "session": "PM",
    "subject": "1306",
    "suffix": "bold",
    "task": "FoodStimHiLo"
  },
  "dummy_trs": 5,
  "dvars_nstd": 28.66346458238638,
  "dvars_std": 1.0601826945075754,
  "dvars_vstd": 1.007377405189395,
  "efc": 0.4865,
  "fber": 1088.5133,
  "fd_mean": 0.11302235757929195,
  "fd_num": 7,
  "fd_perc": 2.641509433962264,
  "fwhm_avg": 2.4385668686868684,
  "fwhm_x": 2.304171636363636,
  "fwhm_y": 2.5051956363636365,
  "fwhm_z": 2.5063333333333335,
  "gcor": 0.013928,
  "gsr_x": -0.004574732854962349,
  "gsr_y": 0.024053160101175308,
  "provenance": {
    "md5sum": "597941d6164a2548bc48feb0e92f8a02",
    "settings": {
      "fd_thres": 0.2,
      "testing": false
    },
    "software": "mriqc",
    "version": "24.1.0.dev0+g5c3f8b6e.d20240820"
  },
  "size_t": 265,
  "size_x": 64,
  "size_y": 64,
  "size_z": 40,
  "snr": 3.3854681133862834,
  "spacing_tr": 2.0,
  "spacing_x": 3.4375,
  "spacing_y": 3.4375,
  "spacing_z": 3.0,
  "summary_bg_k": 57.6682,
  "summary_bg_mad": 5.8017,
  "summary_bg_mean": 37.8281,
  "summary_bg_median": 23.0,
  "summary_bg_n": 128722.0,
  "summary_bg_p05": 0.0,
  "summary_bg_p95": 113.0,
  "summary_bg_stdv": 58.1873,
  "summary_fg_k": 1.2121,
  "summary_fg_mad": 165.864,
  "summary_fg_mean": 732.9327,
  "summary_fg_median": 760.0,
  "summary_fg_n": 35118.0,
  "summary_fg_p05": 238.0,
  "summary_fg_p95": 1043.0,
  "summary_fg_stdv": 224.4857,
  "tsnr": 53.33672339853365
}