{
  "aor": 0.0012176029962546815,
  "aqi": 0.016888293483146063,
  "bids_meta": {
    "AcquisitionMatrixPE": 64,
    "AcquisitionNumber": 1,
    "AcquisitionTime": "18:24:20.680000",
    "BandwidthPerPixelPhaseEncode": 72.674,
    "BaseResolution": 64,
    "CoilString": "T:HEA;HEP",
    "ConversionSoftware": "dcm2niix",
    "ConversionSoftwareVersion": "v1.0.20190902",
    "DerivedVendorReportedEchoSpacing": 0.000430002,
    "DeviceSerialNumber": "35002",
    "DwellTime": 2.7e-06,
    "EchoTime": 0.028,
    "EffectiveEchoSpacing": 0.000215001,
    "FileSize": 0.04824518784880638,
    "FileSizeUnits": "GB",
    "FlipAngle": 90,
    "ImageOrientationPatientDICOM": [
      1,
      0,
      0,
      0,
      0.93358,
      -0.358368
    ],
    "ImageType": [
      "ORIGINAL",
      "PRIMARY",
      "M",
      "ND",
      "MOSAIC"
    ],
    "ImagingFrequency": 123.256,
    "InPlanePhaseEncodingDirectionDICOM": "COL",
    "InstitutionAddress": "University_Pkwy_1700_North_685_Provo_UT_US_84601",
    "InstitutionName": "Brigham_Young_University",
    "InstitutionalDepartmentName": "MRI",
    "MRAcquisitionType": "2D",
    "MagneticFieldStrength": 3,
    "Manufacturer": "Siemens",
    "ManufacturersModelName": "TrioTim",
    "Modality": "MR",
    "NumberOfVolumes": 270,
    "ParallelReductionFactorInPlane": 2,
    "PartialFourier": 1,
    "PatientPosition": "HFS",
    "PercentPhaseFOV": 100,
    "PhaseEncodingDirection": "j-",
    "PhaseEncodingSteps": 63,
    "PhaseResolution": 1,
    "PixelBandwidth": 2894,
    "ProcedureStepDescription": "Research_KIRWAN",
    "ProtocolName": "EPI_Run_2",
    "PulseSequenceDetails": "%CustomerSeq%_ep2d_bold_PMU",
    "ReceiveCoilName": "HeadMatrix",
    "ReconMatrixPE": 64,
    "RefLinesPE": 24,
    "RepetitionTime": 2,
    "SAR": 0.152958,
    "ScanOptions": "FS",
    "ScanningSequence": "EP",
    "SequenceName": "epfid2d1_64",
    "SequenceVariant": "SK",
    "SeriesDescription": "EPI_Run_2",
    "SeriesNumber": 4,
    "ShimSetting": [
      -2617,
      -23134,
      2515,
      602,
      -69,
      -69,
      57,
      49
    ],
    "SliceThickness": 3,
    "SliceTiming": [
      1.005,
      0,
      1.055,
      0.05,
      1.105,
      0.1,
      1.155,
      0.15,
      1.205,
      0.2,
      1.255,
      0.25,
      1.305,
      0.3025,
      1.355,
      0.3525,
      1.405,
      0.4025,
      1.455,
      0.4525,
      1.505,
      0.5025,
      1.555,
      0.5525,
      1.6075,
      0.6025,
      1.6575,
      0.6525,
      1.7075,
      0.7025,
      1.7575,
      0.7525,
      1.8075,
      0.8025,
      1.8575,
      0.8525,
      1.9075,
      0.9025,
      1.9575,
      0.955
    ],
    "SoftwareVersions": "syngo_MR_B17",
    "SpacingBetweenSlices": 3,
    "StationName": "MININT-E41B04",
    "TaskName": "FoodStimHiLo",
    "TotalReadoutTime": 0.0135451,
    "TxRefAmp": 320.763,
    "dataset": "ds004656",
    "datatype": "func",
    "extension": ".nii.gz",
    "modality": "bold",
    "run": 2,
    "session": "PM",
    "subject": "1312",
    "suffix": "bold",
    "task": "FoodStimHiLo"
  },
  "dummy_trs": 3,
  "dvars_nstd": 28.34791955000003,
  "dvars_std": 0.9465350256015037,
  "dvars_vstd": 0.9503277204887216,
  "efc": 0.52,
  "fber": 911.2628,
  "fd_mean": 0.10823533894543157,
  "fd_num": 16,
  "fd_perc": 5.992509363295881,
  "fwhm_avg": 2.5478436363636363,
  "fwhm_x": 2.3798283636363635,
  "fwhm_y": 2.6091025454545456,
  "fwhm_z": 2.6546,
  "gcor": 0.0131304,
  "gsr_x": -0.010100631974637508,
  "gsr_y": 0.027745014056563377,
  "provenance": {
    "md5sum": "20d2a81b4e1c86c853b806e26413594c",
    "settings": {
      "fd_thres": 0.2,
      "testing": false
    },
    "software": "mriqc",
    "version": "24.1.0.dev0+g5c3f8b6e.d20240820"
  },
  "size_t": 267,
  "size_x": 64,
  "size_y": 64,
  "size_z": 40,
  "snr": 3.572568125957978,
  "spacing_tr": 2.0,
  "spacing_x": 3.4375,
  "spacing_y": 3.4375,
  "spacing_z": 3.0,
  "summary_bg_k": 26.7363,
  "summary_bg_mad": 7.0576,
  "summary_bg_mean": 42.6718,
  "summary_bg_median": 25.0,
  "summary_bg_n": 124568.0,
  "summary_bg_p05": 0.0,
  "summary_bg_p95": 144.0,
  "summary_bg_stdv": 59.2145,
  "summary_fg_k": 1.384,
  "summary_fg_mad": 146.8581,
  "summary_fg_mean": 714.7423,
  "summary_fg_median": 744.0,
  "summary_fg_n": 39272.0,
  "summary_fg_p05": 260.0,
  "summary_fg_p95": 996.0,
  "summary_fg_stdv": 208.2509,
  "tsnr": 41.21169405744877
}