{
  "bids_meta": {
    "AcquisitionMatrixPE": 215,
    "AcquisitionNumber": 1,
    "AcquisitionTime": "08:13:18.400000",
    "BaseResolution": 256,
    "ConversionSoftware": "dcm2niix",
    "ConversionSoftwareVersion": "v1.0.20190902",
    "DeviceSerialNumber": "35002",
    "EchoTime": 0.00226,
    "FileSize": 0.009442099370062351,
    "FileSizeUnits": "GB",
    "FlipAngle": 9,
    "ImageOrientationPatientDICOM": [
      0,
      1,
      0,
      0,
      0,
      -1
    ],
    "ImageType": [
      "ORIGINAL",
      "PRIMARY",
      "M",
      "ND",
      "NORM"
    ],
    "ImagingFrequency": 123.256,
    "InPlanePhaseEncodingDirectionDICOM": "ROW",
    "InstitutionAddress": "University_Pkwy_1700_North_685_Provo_UT_US_84601",
    "InstitutionName": "Brigham_Young_University",
    "InversionTime": 0.9,
    "MRAcquisitionType": "3D",
    "MagneticFieldStrength": 3,
    "Manufacturer": "Siemens",
    "ManufacturersModelName": "TrioTim",
    "Modality": "MR",
    "NumberOfVolumes": 1,
    "PartialFourier": 0.875,
    "PatientPosition": "HFS",
    "PercentPhaseFOV": 87.5,
    "PhaseEncodingSteps": 227,
    "PhaseOversampling": 0.2,
    "PhaseResolution": 0.96,
    "PixelBandwidth": 199,
    "ProcedureStepDescription": "Research_KIRWAN",
    "ProtocolName": "t1_mpr_sag_iso_(mprage)",
    "PulseSequenceDetails": "%SiemensSeq%_tfl",
    "ReceiveCoilName": "HeadMatrix",
    "ReconMatrixPE": 224,
    "RepetitionTime": 1.9,
    "SAR": 0.0998037,
    "ScanOptions": "IR_PFP",
    "ScanningSequence": "GR_IR",
    "SequenceName": "_tfl3d1_ns",
    "SequenceVariant": "SP_MP_OSP",
    "SeriesDescription": "t1_mpr_sag_iso_(mprage)",
    "SeriesNumber": 2,
    "ShimSetting": [
      -2655,
      -23109,
      2059,
      81,
      -13,
      -145,
      -152,
      15
    ],
    "SliceThickness": 1,
    "SoftwareVersions": "syngo_MR_B17",
    "StationName": "MININT-E41B04",
    "TxRefAmp": 327,
    "dataset": "ds004656",
    "datatype": "anat",
    "extension": ".nii.gz",
    "modality": "T1w",
    "session": "AM",
    "subject": "1309",
    "suffix": "T1w"
  },
  "cjv": 0.5547156950672646,
  "cnr": 1.9812908461016276,
  "efc": 0.5304,
  "fber": -1.0,
  "fwhm_avg": 4.5474048,
  "fwhm_x": 4.35136,
  "fwhm_y": 4.85542912,
  "fwhm_z": 4.4354252800000005,
  "icvs_csf": 0.24456043047312642,
  "icvs_gm": 0.39934992455647106,
  "icvs_wm": 0.35608964497040246,
  "inu_med": 0.42104730010032654,
  "inu_range": 0.18351398110389705,
  "provenance": {
    "md5sum": "2640c7f470667bd015b5cfd50f856eec",
    "settings": {
      "testing": false
    },
    "software": "mriqc",
    "version": "24.1.0.dev0+g5c3f8b6e.d20240820",
    "warnings": {
      "large_rot_frame": true,
      "small_air_mask": false
    }
  },
  "qi_1": 0.0,
  "qi_2": 0.001781057357425495,
  "rpve_csf": 6.9104382025156665,
  "rpve_gm": 6.847048123672637,
  "rpve_wm": 6.9300909578685115,
  "size_x": 176,
  "size_y": 224,
  "size_z": 256,
  "snr_csf": 2.3872447850905854,
  "snr_gm": 9.064509566529855,
  "snr_total": 8.02769306988751,
  "snr_wm": 12.631324858042086,
  "snrd_csf": 56.661449595916636,
  "snrd_gm": 76.89030956094332,
  "snrd_total": 77.81918578382721,
  "snrd_wm": 99.90579819462168,
  "spacing_x": 1.0,
  "spacing_y": 0.9765625,
  "spacing_z": 0.9765625,
  "summary_bg_k": 7.3669,
  "summary_bg_mad": 0.0,
  "summary_bg_mean": 3.4642,
  "summary_bg_median": 0.0,
  "summary_bg_n": 3568190.0,
  "summary_bg_p05": 0.0,
  "summary_bg_p95": 16.0,
  "summary_bg_stdv": 6.3477,
  "summary_csf_k": 0.5293,
  "summary_csf_mad": 172.9429,
  "summary_csf_mean": 528.7701,
  "summary_csf_median": 549.0,
  "summary_csf_n": 351469.28908118606,
  "summary_csf_p05": 118.0,
  "summary_csf_p95": 873.0,
  "summary_csf_stdv": 229.9719,
  "summary_gm_k": -0.6648,
  "summary_gm_mad": 66.0335,
  "summary_gm_mean": 747.8453,
  "summary_gm_median": 745.0,
  "summary_gm_n": 573924.546202954,
  "summary_gm_p05": 617.0,
  "summary_gm_p95": 891.0,
  "summary_gm_stdv": 82.1886,
  "summary_wm_k": -0.2604,
  "summary_wm_mad": 57.6681,
  "summary_wm_mean": 953.0522,
  "summary_wm_median": 968.0,
  "summary_wm_n": 511753.16515756596,
  "summary_wm_p05": 802.0,
  "summary_wm_p95": 1056.0,
  "summary_wm_stdv": 76.6348,
  "tpm_overlap_csf": 0.23106759946143768,
  "tpm_overlap_gm": 0.5386087979744653,
  "tpm_overlap_wm": 0.5551404729905608,
  "wm2max": 0.4509273302749605
}