{
  "bids_meta": {
    "AcquisitionMatrixPE": 215,
    "AcquisitionNumber": 1,
    "AcquisitionTime": "18:08:59.487500",
    "BaseResolution": 256,
    "CoilString": "C:HEA;HEP",
    "ConversionSoftware": "dcm2niix",
    "ConversionSoftwareVersion": "v1.0.20190902",
    "DeviceSerialNumber": "35002",
    "DwellTime": 9.8e-06,
    "EchoTime": 0.00226,
    "FileSize": 0.010278052650392056,
    "FileSizeUnits": "GB",
    "FlipAngle": 9,
    "ImageOrientationPatientDICOM": [
      0,
      1,
      0,
      0,
      0,
      -1
    ],
    "ImageType": [
      "ORIGINAL",
      "PRIMARY",
      "M",
      "ND",
      "NORM"
    ],
    "ImagingFrequency": 123.256,
    "InPlanePhaseEncodingDirectionDICOM": "ROW",
    "InstitutionAddress": "University_Pkwy_1700_North_685_Provo_UT_US_84601",
    "InstitutionName": "Brigham_Young_University",
    "InstitutionalDepartmentName": "MRI",
    "InversionTime": 0.9,
    "MRAcquisitionType": "3D",
    "MagneticFieldStrength": 3,
    "Manufacturer": "Siemens",
    "ManufacturersModelName": "TrioTim",
    "Modality": "MR",
    "NumberOfVolumes": 1,
    "PartialFourier": 0.875,
    "PatientPosition": "HFS",
    "PercentPhaseFOV": 87.5,
    "PhaseEncodingSteps": 227,
    "PhaseOversampling": 0.2,
    "PhaseResolution": 0.96,
    "PixelBandwidth": 199,
    "ProcedureStepDescription": "Research_KIRWAN",
    "ProtocolName": "t1_mpr_sag_iso_(mprage)",
    "PulseSequenceDetails": "%SiemensSeq%_tfl",
    "ReceiveCoilName": "HeadMatrix",
    "ReconMatrixPE": 224,
    "RepetitionTime": 1.9,
    "SAR": 0.122272,
    "ScanOptions": "IR_PFP",
    "ScanningSequence": "GR_IR",
    "SequenceName": "_tfl3d1_ns",
    "SequenceVariant": "SP_MP_OSP",
    "SeriesDescription": "t1_mpr_sag_iso_(mprage)",
    "SeriesNumber": 2,
    "ShimSetting": [
      -2655,
      -23109,
      2059,
      81,
      -13,
      -145,
      -152,
      15
    ],
    "SliceThickness": 1,
    "SoftwareVersions": "syngo_MR_B17",
    "StationName": "MININT-E41B04",
    "TxRefAmp": 322.117,
    "dataset": "ds004656",
    "datatype": "anat",
    "extension": ".nii.gz",
    "modality": "T1w",
    "session": "PM",
    "subject": "1315",
    "suffix": "T1w"
  },
  "cjv": 0.518823166023166,
  "cnr": 2.0018563847065627,
  "efc": 0.567,
  "fber": -1.0,
  "fwhm_avg": 4.904888533333334,
  "fwhm_x": 4.61992,
  "fwhm_y": 5.24509184,
  "fwhm_z": 4.84965376,
  "icvs_csf": 0.2717613145041424,
  "icvs_gm": 0.38385150794405815,
  "icvs_wm": 0.3443871775517995,
  "inu_med": 0.45604218542575836,
  "inu_range": 0.19132403731346137,
  "provenance": {
    "md5sum": "50313733e43cfb5dc015cf5bbfdd4a47",
    "settings": {
      "testing": false
    },
    "software": "mriqc",
    "version": "24.1.0.dev0+g5c3f8b6e.d20240820",
    "warnings": {
      "large_rot_frame": true,
      "small_air_mask": false
    }
  },
  "qi_1": 0.0,
  "qi_2": 0.0007851925978229256,
  "rpve_csf": 6.371798305241436,
  "rpve_gm": 6.3005434676616145,
  "rpve_wm": 6.383402267278858,
  "size_x": 176,
  "size_y": 224,
  "size_z": 256,
  "snr_csf": 2.1312144769335997,
  "snr_gm": 6.956873288587323,
  "snr_total": 7.118272855925042,
  "snr_wm": 12.266730802254205,
  "snrd_csf": 41.5580360031795,
  "snrd_gm": 72.59892775985412,
  "snrd_total": 71.06730481133398,
  "snrd_wm": 99.04495067096835,
  "spacing_x": 1.0,
  "spacing_y": 0.9765625,
  "spacing_z": 0.9765625,
  "summary_bg_k": 16.7728,
  "summary_bg_mad": 0.0,
  "summary_bg_mean": 3.5469,
  "summary_bg_median": 0.0,
  "summary_bg_n": 3278696.0,
  "summary_bg_p05": 0.0,
  "summary_bg_p95": 17.0,
  "summary_bg_stdv": 6.4161,
  "summary_csf_k": -0.389,
  "summary_csf_mad": 159.5935,
  "summary_csf_mean": 424.5515,
  "summary_csf_median": 407.0,
  "summary_csf_n": 424409.64507402515,
  "summary_csf_p05": 136.0,
  "summary_csf_p95": 738.0,
  "summary_csf_stdv": 190.9707,
  "summary_gm_k": -0.6631,
  "summary_gm_mad": 76.5608,
  "summary_gm_mean": 715.4742,
  "summary_gm_median": 711.0,
  "summary_gm_n": 599460.9002569563,
  "summary_gm_p05": 552.0,
  "summary_gm_p95": 899.0,
  "summary_gm_stdv": 102.201,
  "summary_wm_k": -0.3105,
  "summary_wm_mad": 57.8144,
  "summary_wm_mean": 950.6793,
  "summary_wm_median": 970.0,
  "summary_wm_n": 537829.4554524485,
  "summary_wm_p05": 790.0,
  "summary_wm_p95": 1049.0,
  "summary_wm_stdv": 79.0756,
  "tpm_overlap_csf": 0.2130124564783121,
  "tpm_overlap_gm": 0.5421542407353819,
  "tpm_overlap_wm": 0.5631736229735042,
  "wm2max": 0.4541829730741212
}