{
  "bids_meta": {
    "AcquisitionMatrixPE": 215,
    "AcquisitionNumber": 1,
    "AcquisitionTime": "07:53:13.112500",
    "BaseResolution": 256,
    "CoilString": "C:HEA;HEP",
    "ConversionSoftware": "dcm2niix",
    "ConversionSoftwareVersion": "v1.0.20190902",
    "DeviceSerialNumber": "35002",
    "DwellTime": 9.8e-06,
    "EchoTime": 0.00226,
    "FileSize": 0.010289650410413742,
    "FileSizeUnits": "GB",
    "FlipAngle": 9,
    "ImageOrientationPatientDICOM": [
      0,
      1,
      0,
      0,
      0,
      -1
    ],
    "ImageType": [
      "ORIGINAL",
      "PRIMARY",
      "M",
      "ND",
      "NORM"
    ],
    "ImagingFrequency": 123.256,
    "InPlanePhaseEncodingDirectionDICOM": "ROW",
    "InstitutionAddress": "University_Pkwy_1700_North_685_Provo_UT_US_84601",
    "InstitutionName": "Brigham_Young_University",
    "InstitutionalDepartmentName": "MRI",
    "InversionTime": 0.9,
    "MRAcquisitionType": "3D",
    "MagneticFieldStrength": 3,
    "Manufacturer": "Siemens",
    "ManufacturersModelName": "TrioTim",
    "Modality": "MR",
    "NumberOfVolumes": 1,
    "PartialFourier": 0.875,
    "PatientPosition": "HFS",
    "PercentPhaseFOV": 87.5,
    "PhaseEncodingSteps": 227,
    "PhaseOversampling": 0.2,
    "PhaseResolution": 0.96,
    "PixelBandwidth": 199,
    "ProcedureStepDescription": "Research_KIRWAN",
    "ProtocolName": "t1_mpr_sag_iso_(mprage)",
    "PulseSequenceDetails": "%SiemensSeq%_tfl",
    "ReceiveCoilName": "HeadMatrix",
    "ReconMatrixPE": 224,
    "RepetitionTime": 1.9,
    "SAR": 0.113419,
    "ScanOptions": "IR_PFP",
    "ScanningSequence": "GR_IR",
    "SequenceName": "_tfl3d1_ns",
    "SequenceVariant": "SP_MP_OSP",
    "SeriesDescription": "t1_mpr_sag_iso_(mprage)",
    "SeriesNumber": 2,
    "ShimSetting": [
      -2655,
      -23109,
      2059,
      81,
      -13,
      -145,
      -152,
      15
    ],
    "SliceThickness": 1,
    "SoftwareVersions": "syngo_MR_B17",
    "StationName": "MININT-E41B04",
    "TxRefAmp": 319.058,
    "dataset": "ds004656",
    "datatype": "anat",
    "extension": ".nii.gz",
    "modality": "T1w",
    "session": "AM",
    "subject": "1305",
    "suffix": "T1w"
  },
  "cjv": 0.5320627049180329,
  "cnr": 1.9439936990464926,
  "efc": 0.5713,
  "fber": -1.0,
  "fwhm_avg": 4.602880533333333,
  "fwhm_x": 4.32292,
  "fwhm_y": 4.9736704,
  "fwhm_z": 4.5120512,
  "icvs_csf": 0.25753089445134664,
  "icvs_gm": 0.39070326186354093,
  "icvs_wm": 0.35176584368511243,
  "inu_med": 0.4209446758031845,
  "inu_range": 0.18197056651115417,
  "provenance": {
    "md5sum": "603bf31dd3985d38357c28d757c6af5e",
    "settings": {
      "testing": false
    },
    "software": "mriqc",
    "version": "24.1.0.dev0+g5c3f8b6e.d20240820",
    "warnings": {
      "large_rot_frame": true,
      "small_air_mask": false
    }
  },
  "qi_1": 0.0,
  "qi_2": 0.00046506924348183726,
  "rpve_csf": 5.538238957290894,
  "rpve_gm": 5.470227831708417,
  "rpve_wm": 5.573185877607157,
  "size_x": 176,
  "size_y": 224,
  "size_z": 256,
  "snr_csf": 2.554842444724144,
  "snr_gm": 7.269645837528262,
  "snr_total": 7.591676595826027,
  "snr_wm": 12.950541505225676,
  "snrd_csf": 30.00703268133517,
  "snrd_gm": 41.55259573205842,
  "snrd_total": 42.352783270227356,
  "snrd_wm": 55.49872139728848,
  "spacing_x": 1.0,
  "spacing_y": 0.9765625,
  "spacing_z": 0.9765625,
  "summary_bg_k": 2378.3977,
  "summary_bg_mad": 0.0,
  "summary_bg_mean": 3.9693,
  "summary_bg_median": 0.0,
  "summary_bg_n": 3395189.0,
  "summary_bg_p05": 0.0,
  "summary_bg_p95": 18.0,
  "summary_bg_stdv": 11.4622,
  "summary_csf_k": 1.1861,
  "summary_csf_mad": 138.2708,
  "summary_csf_mean": 514.9971,
  "summary_csf_median": 525.0,
  "summary_csf_n": 459050.3647606154,
  "summary_csf_p05": 157.0,
  "summary_csf_p95": 822.0,
  "summary_csf_stdv": 205.4919,
  "summary_gm_k": -0.6868,
  "summary_gm_mad": 74.8388,
  "summary_gm_mean": 730.4802,
  "summary_gm_median": 727.0,
  "summary_gm_n": 696430.9088186093,
  "summary_gm_p05": 570.0,
  "summary_gm_p95": 912.0,
  "summary_gm_stdv": 100.0048,
  "summary_wm_k": -0.3183,
  "summary_wm_mad": 54.9845,
  "summary_wm_mean": 953.5598,
  "summary_wm_median": 971.0,
  "summary_wm_n": 627024.7272584352,
  "summary_wm_p05": 802.0,
  "summary_wm_p95": 1049.0,
  "summary_wm_stdv": 74.9775,
  "tpm_overlap_csf": 0.23561028781321405,
  "tpm_overlap_gm": 0.5372151141787582,
  "tpm_overlap_wm": 0.5432499393293857,
  "wm2max": 0.43836005115118326
}