{
  "bids_meta": {
    "AcquisitionMatrixPE": 215,
    "AcquisitionNumber": 1,
    "AcquisitionTime": "18:02:20.932500",
    "BaseResolution": 256,
    "ConversionSoftware": "dcm2niix",
    "ConversionSoftwareVersion": "v1.0.20190902",
    "DeviceSerialNumber": "35002",
    "EchoTime": 0.00226,
    "FileSize": 0.010093317367136478,
    "FileSizeUnits": "GB",
    "FlipAngle": 9,
    "ImageOrientationPatientDICOM": [
      0,
      1,
      0,
      0,
      0,
      -1
    ],
    "ImageType": [
      "ORIGINAL",
      "PRIMARY",
      "M",
      "ND",
      "NORM"
    ],
    "ImagingFrequency": 123.256,
    "InPlanePhaseEncodingDirectionDICOM": "ROW",
    "InstitutionAddress": "University_Pkwy_1700_North_685_Provo_UT_US_84601",
    "InstitutionName": "Brigham_Young_University",
    "InversionTime": 0.9,
    "MRAcquisitionType": "3D",
    "MagneticFieldStrength": 3,
    "Manufacturer": "Siemens",
    "ManufacturersModelName": "TrioTim",
    "Modality": "MR",
    "NumberOfVolumes": 1,
    "PartialFourier": 0.875,
    "PatientPosition": "HFS",
    "PercentPhaseFOV": 87.5,
    "PhaseEncodingSteps": 227,
    "PhaseOversampling": 0.2,
    "PhaseResolution": 0.96,
    "PixelBandwidth": 199,
    "ProcedureStepDescription": "Research_KIRWAN",
    "ProtocolName": "t1_mpr_sag_iso_(mprage)",
    "PulseSequenceDetails": "%SiemensSeq%_tfl",
    "ReceiveCoilName": "HeadMatrix",
    "ReconMatrixPE": 224,
    "RepetitionTime": 1.9,
    "SAR": 0.0969329,
    "ScanOptions": "IR_PFP",
    "ScanningSequence": "GR_IR",
    "SequenceName": "_tfl3d1_ns",
    "SequenceVariant": "SP_MP_OSP",
    "SeriesDescription": "t1_mpr_sag_iso_(mprage)",
    "SeriesNumber": 2,
    "ShimSetting": [
      -2655,
      -23109,
      2059,
      81,
      -13,
      -145,
      -152,
      15
    ],
    "SliceThickness": 1,
    "SoftwareVersions": "syngo_MR_B17",
    "StationName": "MININT-E41B04",
    "TxRefAmp": 319.901,
    "dataset": "ds004656",
    "datatype": "anat",
    "extension": ".nii.gz",
    "modality": "T1w",
    "session": "PM",
    "subject": "1301",
    "suffix": "T1w"
  },
  "cjv": 0.5230654471544716,
  "cnr": 2.015035804768476,
  "efc": 0.549,
  "fber": -1.0,
  "fwhm_avg": 4.748907786666666,
  "fwhm_x": 4.5429,
  "fwhm_y": 5.0155724799999994,
  "fwhm_z": 4.68825088,
  "icvs_csf": 0.2689144939449205,
  "icvs_gm": 0.3845171943802227,
  "icvs_wm": 0.3465683116748568,
  "inu_med": 0.37584492564201355,
  "inu_range": 0.13151121288537976,
  "provenance": {
    "md5sum": "04938dc9f6b07398243d359138fb61f4",
    "settings": {
      "testing": false
    },
    "software": "mriqc",
    "version": "24.1.0.dev0+g5c3f8b6e.d20240820",
    "warnings": {
      "large_rot_frame": true,
      "small_air_mask": false
    }
  },
  "qi_1": 0.0,
  "qi_2": 0.0010498019410067963,
  "rpve_csf": 6.384808011326419,
  "rpve_gm": 6.323417220846354,
  "rpve_wm": 6.416737119588323,
  "size_x": 176,
  "size_y": 224,
  "size_z": 256,
  "snr_csf": 2.305498356588981,
  "snr_gm": 7.054155135694366,
  "snr_total": 8.117873478975417,
  "snr_wm": 14.993966944642901,
  "snrd_csf": 52.63271324123931,
  "snrd_gm": 82.04842663730668,
  "snrd_total": 81.4849072235889,
  "snrd_wm": 109.77358179222075,
  "spacing_x": 1.0,
  "spacing_y": 0.9765625,
  "spacing_z": 0.9765625,
  "summary_bg_k": 19.1153,
  "summary_bg_mad": 0.0,
  "summary_bg_mean": 3.0696,
  "summary_bg_median": 0.0,
  "summary_bg_n": 3322730.0,
  "summary_bg_p05": 0.0,
  "summary_bg_p95": 15.0,
  "summary_bg_stdv": 5.8129,
  "summary_csf_k": -0.044,
  "summary_csf_mad": 142.6838,
  "summary_csf_mean": 469.0196,
  "summary_csf_median": 467.0,
  "summary_csf_n": 418168.4924294858,
  "summary_csf_p05": 125.0,
  "summary_csf_p95": 784.0,
  "summary_csf_stdv": 202.559,
  "summary_gm_k": -0.0745,
  "summary_gm_mad": 78.3508,
  "summary_gm_mean": 732.0638,
  "summary_gm_median": 728.0,
  "summary_gm_n": 597933.4662419762,
  "summary_gm_p05": 564.0,
  "summary_gm_p95": 919.0,
  "summary_gm_stdv": 103.2015,
  "summary_wm_k": -0.3457,
  "summary_wm_mad": 50.3233,
  "summary_wm_mean": 960.7878,
  "summary_wm_median": 974.0,
  "summary_wm_n": 538922.0428058838,
  "summary_wm_p05": 831.0,
  "summary_wm_p95": 1045.0,
  "summary_wm_stdv": 64.9594,
  "tpm_overlap_csf": 0.2123737587529783,
  "tpm_overlap_gm": 0.5328840315932167,
  "tpm_overlap_wm": 0.5441514832202275,
  "wm2max": 0.48348429878051036
}