{
  "bids_meta": {
    "AcquisitionMatrixPE": 215,
    "AcquisitionNumber": 1,
    "AcquisitionTime": "18:39:15.455000",
    "BaseResolution": 256,
    "ConversionSoftware": "dcm2niix",
    "ConversionSoftwareVersion": "v1.0.20190902",
    "DeviceSerialNumber": "35002",
    "EchoTime": 0.00226,
    "FileSize": 0.009419366717338562,
    "FileSizeUnits": "GB",
    "FlipAngle": 9,
    "ImageOrientationPatientDICOM": [
      0,
      1,
      0,
      0,
      0,
      -1
    ],
    "ImageType": [
      "ORIGINAL",
      "PRIMARY",
      "M",
      "ND",
      "NORM"
    ],
    "ImagingFrequency": 123.256,
    "InPlanePhaseEncodingDirectionDICOM": "ROW",
    "InstitutionAddress": "University_Pkwy_1700_North_685_Provo_UT_US_84601",
    "InstitutionName": "Brigham_Young_University",
    "InversionTime": 0.9,
    "MRAcquisitionType": "3D",
    "MagneticFieldStrength": 3,
    "Manufacturer": "Siemens",
    "ManufacturersModelName": "TrioTim",
    "Modality": "MR",
    "NumberOfVolumes": 1,
    "PartialFourier": 0.875,
    "PatientPosition": "HFS",
    "PercentPhaseFOV": 87.5,
    "PhaseEncodingSteps": 227,
    "PhaseOversampling": 0.2,
    "PhaseResolution": 0.96,
    "PixelBandwidth": 199,
    "ProcedureStepDescription": "Research_KIRWAN",
    "ProtocolName": "t1_mpr_sag_iso_(mprage)",
    "PulseSequenceDetails": "%SiemensSeq%_tfl",
    "ReceiveCoilName": "HeadMatrix",
    "ReconMatrixPE": 224,
    "RepetitionTime": 1.9,
    "SAR": 0.0968284,
    "ScanOptions": "IR_PFP",
    "ScanningSequence": "GR_IR",
    "SequenceName": "_tfl3d1_ns",
    "SequenceVariant": "SP_MP_OSP",
    "SeriesDescription": "t1_mpr_sag_iso_(mprage)",
    "SeriesNumber": 2,
    "ShimSetting": [
      -2655,
      -23109,
      2059,
      81,
      -13,
      -145,
      -152,
      15
    ],
    "SliceThickness": 1,
    "SoftwareVersions": "syngo_MR_B17",
    "StationName": "MININT-E41B04",
    "TxRefAmp": 344.32,
    "dataset": "ds004656",
    "datatype": "anat",
    "extension": ".nii.gz",
    "modality": "T1w",
    "session": "PM",
    "subject": "1306",
    "suffix": "T1w"
  },
  "cjv": 0.52016328125,
  "cnr": 2.1208572089184177,
  "efc": 0.5297,
  "fber": 22450.8465,
  "fwhm_avg": 4.6152648266666665,
  "fwhm_x": 4.36507,
  "fwhm_y": 4.967290879999999,
  "fwhm_z": 4.5134336,
  "icvs_csf": 0.26174401991864893,
  "icvs_gm": 0.3897341514275155,
  "icvs_wm": 0.34852182865383563,
  "inu_med": 0.4008466303348541,
  "inu_range": 0.13910641670227047,
  "provenance": {
    "md5sum": "2fee1a7924d1e14645940be6fda4ae61",
    "settings": {
      "testing": false
    },
    "software": "mriqc",
    "version": "24.1.0.dev0+g5c3f8b6e.d20240820",
    "warnings": {
      "large_rot_frame": true,
      "small_air_mask": false
    }
  },
  "qi_1": 0.0,
  "qi_2": 0.0015579479828875134,
  "rpve_csf": 6.73488885535647,
  "rpve_gm": 6.679469692531565,
  "rpve_wm": 6.7812531738574044,
  "size_x": 176,
  "size_y": 224,
  "size_z": 256,
  "snr_csf": 2.490820902960623,
  "snr_gm": 7.251574246812806,
  "snr_total": 8.027264084892208,
  "snr_wm": 14.339397104903194,
  "snrd_csf": 50.419979579876,
  "snrd_gm": 72.85131318054228,
  "snrd_total": 73.99645633733304,
  "snrd_wm": 98.71807625158087,
  "spacing_x": 1.0,
  "spacing_y": 0.9765625,
  "spacing_z": 0.9765625,
  "summary_bg_k": 12.3891,
  "summary_bg_mad": 0.0,
  "summary_bg_mean": 3.6182,
  "summary_bg_median": 0.0,
  "summary_bg_n": 3851097.0,
  "summary_bg_p05": 0.0,
  "summary_bg_p95": 17.0,
  "summary_bg_stdv": 6.4838,
  "summary_csf_k": 0.2296,
  "summary_csf_mad": 133.5467,
  "summary_csf_mean": 494.24,
  "summary_csf_median": 499.0,
  "summary_csf_n": 385531.404731706,
  "summary_csf_p05": 150.0,
  "summary_csf_p95": 800.0,
  "summary_csf_stdv": 200.3353,
  "summary_gm_k": -0.6397,
  "summary_gm_mad": 80.0342,
  "summary_gm_mean": 724.1913,
  "summary_gm_median": 721.0,
  "summary_gm_n": 574052.2932232387,
  "summary_gm_p05": 564.0,
  "summary_gm_p95": 895.0,
  "summary_gm_stdv": 99.4266,
  "summary_wm_k": -0.3305,
  "summary_wm_mad": 53.1276,
  "summary_wm_mean": 962.0533,
  "summary_wm_median": 977.0,
  "summary_wm_n": 513349.3029653083,
  "summary_wm_p05": 828.0,
  "summary_wm_p95": 1050.0,
  "summary_wm_stdv": 68.1339,
  "tpm_overlap_csf": 0.23124658358428243,
  "tpm_overlap_gm": 0.5385099163492844,
  "tpm_overlap_wm": 0.543695799459954,
  "wm2max": 0.5150106436167439
}