{
  "bids_meta": {
    "AcquisitionMatrixPE": 215,
    "AcquisitionNumber": 1,
    "AcquisitionTime": "18:43:30.020000",
    "BaseResolution": 256,
    "CoilString": "C:HEA;HEP",
    "ConversionSoftware": "dcm2niix",
    "ConversionSoftwareVersion": "v1.0.20190902",
    "DeviceSerialNumber": "35002",
    "DwellTime": 9.8e-06,
    "EchoTime": 0.00226,
    "FileSize": 0.009893282316625118,
    "FileSizeUnits": "GB",
    "FlipAngle": 9,
    "ImageOrientationPatientDICOM": [
      0,
      1,
      0,
      0,
      0,
      -1
    ],
    "ImageType": [
      "ORIGINAL",
      "PRIMARY",
      "M",
      "ND",
      "NORM"
    ],
    "ImagingFrequency": 123.256,
    "InPlanePhaseEncodingDirectionDICOM": "ROW",
    "InstitutionAddress": "University_Pkwy_1700_North_685_Provo_UT_US_84601",
    "InstitutionName": "Brigham_Young_University",
    "InstitutionalDepartmentName": "MRI",
    "InversionTime": 0.9,
    "MRAcquisitionType": "3D",
    "MagneticFieldStrength": 3,
    "Manufacturer": "Siemens",
    "ManufacturersModelName": "TrioTim",
    "Modality": "MR",
    "NumberOfVolumes": 1,
    "PartialFourier": 0.875,
    "PatientPosition": "HFS",
    "PercentPhaseFOV": 87.5,
    "PhaseEncodingSteps": 227,
    "PhaseOversampling": 0.2,
    "PhaseResolution": 0.96,
    "PixelBandwidth": 199,
    "ProcedureStepDescription": "Research_KIRWAN",
    "ProtocolName": "t1_mpr_sag_iso_(mprage)",
    "PulseSequenceDetails": "%SiemensSeq%_tfl",
    "ReceiveCoilName": "HeadMatrix",
    "ReconMatrixPE": 224,
    "RepetitionTime": 1.9,
    "SAR": 0.104395,
    "ScanOptions": "IR_PFP",
    "ScanningSequence": "GR_IR",
    "SequenceName": "_tfl3d1_ns",
    "SequenceVariant": "SP_MP_OSP",
    "SeriesDescription": "t1_mpr_sag_iso_(mprage)",
    "SeriesNumber": 2,
    "ShimSetting": [
      -2655,
      -23109,
      2059,
      81,
      -13,
      -145,
      -152,
      15
    ],
    "SliceThickness": 1,
    "SoftwareVersions": "syngo_MR_B17",
    "StationName": "MININT-E41B04",
    "TxRefAmp": 323.133,
    "dataset": "ds004656",
    "datatype": "anat",
    "extension": ".nii.gz",
    "modality": "T1w",
    "session": "PM",
    "subject": "1310",
    "suffix": "T1w"
  },
  "cjv": 0.6320487684729065,
  "cnr": 1.636460173875589,
  "efc": 0.5342,
  "fber": 15401.9214,
  "fwhm_avg": 4.495475626666667,
  "fwhm_x": 4.3,
  "fwhm_y": 4.7663104,
  "fwhm_z": 4.42011648,
  "icvs_csf": 0.26279682525794945,
  "icvs_gm": 0.38061067972828694,
  "icvs_wm": 0.35659249501376367,
  "inu_med": 0.4373724162578583,
  "inu_range": 0.18633412718772885,
  "provenance": {
    "md5sum": "9ce6003d08d4520e5c1bd03358c1ac87",
    "settings": {
      "testing": false
    },
    "software": "mriqc",
    "version": "24.1.0.dev0+g5c3f8b6e.d20240820",
    "warnings": {
      "large_rot_frame": true,
      "small_air_mask": false
    }
  },
  "qi_1": 0.0,
  "qi_2": 0.0010134544552971528,
  "rpve_csf": 6.466999926475861,
  "rpve_gm": 6.37280576761174,
  "rpve_wm": 6.456520269776734,
  "size_x": 176,
  "size_y": 224,
  "size_z": 256,
  "snr_csf": 2.3907716263093053,
  "snr_gm": 7.514086272797111,
  "snr_total": 7.590649319918941,
  "snr_wm": 12.867090060650407,
  "snrd_csf": 43.02708063768905,
  "snrd_gm": 66.68304820820273,
  "snrd_total": 64.83818029704318,
  "snrd_wm": 84.80441204523775,
  "spacing_x": 1.0,
  "spacing_y": 0.9765625,
  "spacing_z": 0.9765625,
  "summary_bg_k": 7.1275,
  "summary_bg_mad": 0.0,
  "summary_bg_mean": 4.4498,
  "summary_bg_median": 0.0,
  "summary_bg_n": 3591987.0,
  "summary_bg_p05": 0.0,
  "summary_bg_p95": 21.0,
  "summary_bg_stdv": 7.339,
  "summary_csf_k": 0.795,
  "summary_csf_mad": 149.4892,
  "summary_csf_mean": 486.3247,
  "summary_csf_median": 482.0,
  "summary_csf_n": 403866.9497323863,
  "summary_csf_p05": 173.0,
  "summary_csf_p95": 800.0,
  "summary_csf_stdv": 201.6083,
  "summary_gm_k": -0.4127,
  "summary_gm_mad": 70.3466,
  "summary_gm_mean": 751.5343,
  "summary_gm_median": 747.0,
  "summary_gm_n": 584923.6348519534,
  "summary_gm_p05": 592.0,
  "summary_gm_p95": 936.0,
  "summary_gm_stdv": 99.4132,
  "summary_wm_k": -0.3248,
  "summary_wm_mad": 57.9593,
  "summary_wm_mean": 936.5737,
  "summary_wm_median": 950.0,
  "summary_wm_n": 548012.4165020273,
  "summary_wm_p05": 794.0,
  "summary_wm_p95": 1037.0,
  "summary_wm_stdv": 73.8317,
  "tpm_overlap_csf": 0.22208306102945746,
  "tpm_overlap_gm": 0.5472760452577129,
  "tpm_overlap_wm": 0.5768219703160016,
  "wm2max": 0.4148010618257174
}