{
  "bids_meta": {
    "AcquisitionMatrixPE": 215,
    "AcquisitionNumber": 1,
    "AcquisitionTime": "08:13:0.307500",
    "BaseResolution": 256,
    "ConversionSoftware": "dcm2niix",
    "ConversionSoftwareVersion": "v1.0.20190902",
    "DeviceSerialNumber": "35002",
    "EchoTime": 0.00226,
    "FileSize": 0.010217146947979927,
    "FileSizeUnits": "GB",
    "FlipAngle": 9,
    "ImageOrientationPatientDICOM": [
      0,
      1,
      0,
      0,
      0,
      -1
    ],
    "ImageType": [
      "ORIGINAL",
      "PRIMARY",
      "M",
      "ND",
      "NORM"
    ],
    "ImagingFrequency": 123.256,
    "InPlanePhaseEncodingDirectionDICOM": "ROW",
    "InstitutionAddress": "University_Pkwy_1700_North_685_Provo_UT_US_84601",
    "InstitutionName": "Brigham_Young_University",
    "InversionTime": 0.9,
    "MRAcquisitionType": "3D",
    "MagneticFieldStrength": 3,
    "Manufacturer": "Siemens",
    "ManufacturersModelName": "TrioTim",
    "Modality": "MR",
    "NumberOfVolumes": 1,
    "PartialFourier": 0.875,
    "PatientPosition": "HFS",
    "PercentPhaseFOV": 87.5,
    "PhaseEncodingSteps": 227,
    "PhaseOversampling": 0.2,
    "PhaseResolution": 0.96,
    "PixelBandwidth": 199,
    "ProcedureStepDescription": "Research_KIRWAN",
    "ProtocolName": "t1_mpr_sag_iso_(mprage)",
    "PulseSequenceDetails": "%SiemensSeq%_tfl",
    "ReceiveCoilName": "HeadMatrix",
    "ReconMatrixPE": 224,
    "RepetitionTime": 1.9,
    "SAR": 0.0887745,
    "ScanOptions": "IR_PFP",
    "ScanningSequence": "GR_IR",
    "SequenceName": "_tfl3d1_ns",
    "SequenceVariant": "SP_MP_OSP",
    "SeriesDescription": "t1_mpr_sag_iso_(mprage)",
    "SeriesNumber": 2,
    "ShimSetting": [
      -2655,
      -23109,
      2059,
      81,
      -13,
      -145,
      -152,
      15
    ],
    "SliceThickness": 1,
    "SoftwareVersions": "syngo_MR_B17",
    "StationName": "MININT-E41B04",
    "TxRefAmp": 321.221,
    "dataset": "ds004656",
    "datatype": "anat",
    "extension": ".nii.gz",
    "modality": "T1w",
    "session": "AM",
    "subject": "1312",
    "suffix": "T1w"
  },
  "cjv": 0.5541714893617021,
  "cnr": 1.9891617520030835,
  "efc": 0.5492,
  "fber": 27732.4448,
  "fwhm_avg": 4.664092879999999,
  "fwhm_x": 4.29207,
  "fwhm_y": 5.0827776,
  "fwhm_z": 4.6174310400000005,
  "icvs_csf": 0.24743360079603813,
  "icvs_gm": 0.3953684184231729,
  "icvs_wm": 0.357197980780789,
  "inu_med": 0.41233138740062714,
  "inu_range": 0.17347156256437302,
  "provenance": {
    "md5sum": "1319d27a8eca1a614e13aa4957a8bde5",
    "settings": {
      "testing": false
    },
    "software": "mriqc",
    "version": "24.1.0.dev0+g5c3f8b6e.d20240820",
    "warnings": {
      "large_rot_frame": true,
      "small_air_mask": false
    }
  },
  "qi_1": 0.0,
  "qi_2": 0.0010687609921898086,
  "rpve_csf": 5.939347830051697,
  "rpve_gm": 5.878302949849343,
  "rpve_wm": 5.973543549665937,
  "size_x": 176,
  "size_y": 224,
  "size_z": 256,
  "snr_csf": 2.380529724983918,
  "snr_gm": 7.72254619846406,
  "snr_total": 8.008932790017179,
  "snr_wm": 13.923722446603556,
  "snrd_csf": 38.95001953465501,
  "snrd_gm": 53.73931266623455,
  "snrd_total": 54.544670213003734,
  "snrd_wm": 70.94467843812163,
  "spacing_x": 1.0,
  "spacing_y": 0.9765625,
  "spacing_z": 0.9765625,
  "summary_bg_k": 144.08,
  "summary_bg_mad": 0.0,
  "summary_bg_mean": 4.2175,
  "summary_bg_median": 0.0,
  "summary_bg_n": 3806729.0,
  "summary_bg_p05": 0.0,
  "summary_bg_p95": 18.0,
  "summary_bg_stdv": 8.9482,
  "summary_csf_k": -0.0911,
  "summary_csf_mad": 158.0776,
  "summary_csf_mean": 513.7559,
  "summary_csf_median": 532.0,
  "summary_csf_n": 412161.53094737465,
  "summary_csf_p05": 107.0,
  "summary_csf_p95": 846.0,
  "summary_csf_stdv": 223.4794,
  "summary_gm_k": -0.7395,
  "summary_gm_mad": 75.3197,
  "summary_gm_mean": 736.9677,
  "summary_gm_median": 734.0,
  "summary_gm_n": 658583.3617636395,
  "summary_gm_p05": 585.0,
  "summary_gm_p95": 906.0,
  "summary_gm_stdv": 95.0463,
  "summary_wm_k": 0.0188,
  "summary_wm_mad": 54.9106,
  "summary_wm_mean": 955.5105,
  "summary_wm_median": 969.0,
  "summary_wm_n": 595001.1079185581,
  "summary_wm_p05": 818.0,
  "summary_wm_p95": 1048.0,
  "summary_wm_stdv": 69.5934,
  "tpm_overlap_csf": 0.23361667507101438,
  "tpm_overlap_gm": 0.536884599014103,
  "tpm_overlap_wm": 0.5468290824099946,
  "wm2max": 0.44917084066473373
}