{
  "aor": 0.007823432835820895,
  "aqi": 0.031174692798507465,
  "bids_meta": {
    "AcquisitionMatrixPE": 64,
    "AcquisitionNumber": 1,
    "AcquisitionTime": "18:12:10.620000",
    "BandwidthPerPixelPhaseEncode": 72.674,
    "BaseResolution": 64,
    "CoilString": "T:HEA;HEP",
    "ConversionSoftware": "dcm2niix",
    "ConversionSoftwareVersion": "v1.0.20190902",
    "DerivedVendorReportedEchoSpacing": 0.000430002,
    "DeviceSerialNumber": "35002",
    "DwellTime": 2.7e-06,
    "EchoTime": 0.028,
    "EffectiveEchoSpacing": 0.000215001,
    "FileSize": 0.04923609271645546,
    "FileSizeUnits": "GB",
    "FlipAngle": 90,
    "ImageOrientationPatientDICOM": [
      1,
      2e-16,
      0,
      -2e-16,
      0.931056,
      -0.364877
    ],
    "ImageType": [
      "ORIGINAL",
      "PRIMARY",
      "M",
      "ND",
      "MOSAIC"
    ],
    "ImagingFrequency": 123.256,
    "InPlanePhaseEncodingDirectionDICOM": "COL",
    "InstitutionAddress": "University_Pkwy_1700_North_685_Provo_UT_US_84601",
    "InstitutionName": "Brigham_Young_University",
    "InstitutionalDepartmentName": "MRI",
    "MRAcquisitionType": "2D",
    "MagneticFieldStrength": 3,
    "Manufacturer": "Siemens",
    "ManufacturersModelName": "TrioTim",
    "Modality": "MR",
    "NumberOfVolumes": 270,
    "ParallelReductionFactorInPlane": 2,
    "PartialFourier": 1,
    "PatientPosition": "HFS",
    "PercentPhaseFOV": 100,
    "PhaseEncodingDirection": "j-",
    "PhaseEncodingSteps": 63,
    "PhaseResolution": 1,
    "PixelBandwidth": 2894,
    "ProcedureStepDescription": "Research_KIRWAN",
    "ProtocolName": "EPI_Run_2",
    "PulseSequenceDetails": "%CustomerSeq%_ep2d_bold_PMU",
    "ReceiveCoilName": "HeadMatrix",
    "ReconMatrixPE": 64,
    "RefLinesPE": 24,
    "RepetitionTime": 2,
    "SAR": 0.172842,
    "ScanOptions": "FS",
    "ScanningSequence": "EP",
    "SequenceName": "epfid2d1_64",
    "SequenceVariant": "SK",
    "SeriesDescription": "EPI_Run_2",
    "SeriesNumber": 4,
    "ShimSetting": [
      -2622,
      -23246,
      2537,
      620,
      236,
      -67,
      -495,
      -2
    ],
    "SliceThickness": 3,
    "SliceTiming": [
      1.005,
      0,
      1.055,
      0.05,
      1.105,
      0.1,
      1.155,
      0.15,
      1.205,
      0.2,
      1.255,
      0.25,
      1.305,
      0.3,
      1.355,
      0.3525,
      1.405,
      0.4025,
      1.455,
      0.4525,
      1.505,
      0.5025,
      1.555,
      0.5525,
      1.605,
      0.6025,
      1.6575,
      0.6525,
      1.7075,
      0.7025,
      1.7575,
      0.7525,
      1.8075,
      0.8025,
      1.8575,
      0.8525,
      1.9075,
      0.9025,
      1.9575,
      0.9525
    ],
    "SoftwareVersions": "syngo_MR_B17",
    "SpacingBetweenSlices": 3,
    "StationName": "MININT-E41B04",
    "TaskName": "FoodStimHiLo",
    "TotalReadoutTime": 0.0135451,
    "TxRefAmp": 314.614,
    "dataset": "ds004656",
    "datatype": "func",
    "extension": ".nii.gz",
    "modality": "bold",
    "run": 2,
    "session": "PM",
    "subject": "1305",
    "suffix": "bold",
    "task": "FoodStimHiLo"
  },
  "dummy_trs": 2,
  "dvars_nstd": 35.77022632501869,
  "dvars_std": 1.040104664194757,
  "dvars_vstd": 1.0167872994382026,
  "efc": 0.5358,
  "fber": 898.093,
  "fd_mean": 0.2572759810503116,
  "fd_num": 87,
  "fd_perc": 32.46268656716418,
  "fwhm_avg": 2.647088181818182,
  "fwhm_x": 2.4775563636363636,
  "fwhm_y": 2.6798981818181815,
  "fwhm_z": 2.7838100000000003,
  "gcor": 0.0357519,
  "gsr_x": -0.011957680806517601,
  "gsr_y": 0.042234163731336594,
  "provenance": {
    "md5sum": "c5079d52f33dc8bc2071e6f430e86075",
    "settings": {
      "fd_thres": 0.2,
      "testing": false
    },
    "software": "mriqc",
    "version": "24.1.0.dev0+g5c3f8b6e.d20240820"
  },
  "size_t": 268,
  "size_x": 64,
  "size_y": 64,
  "size_z": 40,
  "snr": 3.952972420427414,
  "spacing_tr": 2.0,
  "spacing_x": 3.4375,
  "spacing_y": 3.4375,
  "spacing_z": 3.0,
  "summary_bg_k": 43.0523,
  "summary_bg_mad": 9.0726,
  "summary_bg_mean": 44.7561,
  "summary_bg_median": 26.0,
  "summary_bg_n": 121741.0,
  "summary_bg_p05": 0.0,
  "summary_bg_p95": 136.0,
  "summary_bg_stdv": 64.6767,
  "summary_fg_k": 1.8975,
  "summary_fg_mad": 143.2204,
  "summary_fg_mean": 754.6626,
  "summary_fg_median": 767.0,
  "summary_fg_n": 42099.0,
  "summary_fg_p05": 382.0,
  "summary_fg_p95": 1045.0,
  "summary_fg_stdv": 194.0289,
  "tsnr": 32.39256385155022
}