{
  "bids_meta": {
    "AcquisitionMatrixPE": 215,
    "AcquisitionNumber": 1,
    "AcquisitionTime": "17:54:34.545000",
    "BaseResolution": 256,
    "CoilString": "C:HEA;HEP",
    "ConversionSoftware": "dcm2niix",
    "ConversionSoftwareVersion": "v1.0.20190902",
    "DeviceSerialNumber": "35002",
    "DwellTime": 9.8e-06,
    "EchoTime": 0.00226,
    "FileSize": 0.010316365398466587,
    "FileSizeUnits": "GB",
    "FlipAngle": 9,
    "ImageOrientationPatientDICOM": [
      0,
      1,
      0,
      0,
      0,
      -1
    ],
    "ImageType": [
      "ORIGINAL",
      "PRIMARY",
      "M",
      "ND",
      "NORM"
    ],
    "ImagingFrequency": 123.256,
    "InPlanePhaseEncodingDirectionDICOM": "ROW",
    "InstitutionAddress": "University_Pkwy_1700_North_685_Provo_UT_US_84601",
    "InstitutionName": "Brigham_Young_University",
    "InstitutionalDepartmentName": "MRI",
    "InversionTime": 0.9,
    "MRAcquisitionType": "3D",
    "MagneticFieldStrength": 3,
    "Manufacturer": "Siemens",
    "ManufacturersModelName": "TrioTim",
    "Modality": "MR",
    "NumberOfVolumes": 1,
    "PartialFourier": 0.875,
    "PatientPosition": "HFS",
    "PercentPhaseFOV": 87.5,
    "PhaseEncodingSteps": 227,
    "PhaseOversampling": 0.2,
    "PhaseResolution": 0.96,
    "PixelBandwidth": 199,
    "ProcedureStepDescription": "Research_KIRWAN",
    "ProtocolName": "t1_mpr_sag_iso_(mprage)",
    "PulseSequenceDetails": "%SiemensSeq%_tfl",
    "ReceiveCoilName": "HeadMatrix",
    "ReconMatrixPE": 224,
    "RepetitionTime": 1.9,
    "SAR": 0.100243,
    "ScanOptions": "IR_PFP",
    "ScanningSequence": "GR_IR",
    "SequenceName": "_tfl3d1_ns",
    "SequenceVariant": "SP_MP_OSP",
    "SeriesDescription": "t1_mpr_sag_iso_(mprage)",
    "SeriesNumber": 2,
    "ShimSetting": [
      -2655,
      -23109,
      2059,
      81,
      -13,
      -145,
      -152,
      15
    ],
    "SliceThickness": 1,
    "SoftwareVersions": "syngo_MR_B17",
    "StationName": "MININT-E41B04",
    "TxRefAmp": 314.614,
    "dataset": "ds004656",
    "datatype": "anat",
    "extension": ".nii.gz",
    "modality": "T1w",
    "session": "PM",
    "subject": "1305",
    "suffix": "T1w"
  },
  "cjv": 0.5752898305084746,
  "cnr": 1.859941848460966,
  "efc": 0.5637,
  "fber": -1.0,
  "fwhm_avg": 4.6651716,
  "fwhm_x": 4.32875,
  "fwhm_y": 5.13922048,
  "fwhm_z": 4.52754432,
  "icvs_csf": 0.25798662737767525,
  "icvs_gm": 0.38848041396590993,
  "icvs_wm": 0.3535329586564148,
  "inu_med": 0.42376138269901276,
  "inu_range": 0.1868446066975593,
  "provenance": {
    "md5sum": "c75b43666027b2dc2fd26d6fd046dddf",
    "settings": {
      "testing": false
    },
    "software": "mriqc",
    "version": "24.1.0.dev0+g5c3f8b6e.d20240820",
    "warnings": {
      "large_rot_frame": true,
      "small_air_mask": false
    }
  },
  "qi_1": 0.0,
  "qi_2": 0.00044718495609159835,
  "rpve_csf": 5.5844383325770846,
  "rpve_gm": 5.513344856308803,
  "rpve_wm": 5.6225355270355,
  "size_x": 176,
  "size_y": 224,
  "size_z": 256,
  "snr_csf": 2.7429799801391246,
  "snr_gm": 7.0749878344930535,
  "snr_total": 7.688926369730492,
  "snr_wm": 13.248811294559296,
  "snrd_csf": 47.742382806507074,
  "snrd_gm": 63.42545229467001,
  "snrd_total": 65.01397682846184,
  "snrd_wm": 83.87409538420843,
  "spacing_x": 1.0,
  "spacing_y": 0.9765625,
  "spacing_z": 0.9765625,
  "summary_bg_k": 10.9547,
  "summary_bg_mad": 0.0,
  "summary_bg_mean": 4.3233,
  "summary_bg_median": 0.0,
  "summary_bg_n": 3585167.0,
  "summary_bg_p05": 0.0,
  "summary_bg_p95": 20.0,
  "summary_bg_stdv": 7.561,
  "summary_csf_k": 1.2909,
  "summary_csf_mad": 140.996,
  "summary_csf_mean": 536.5279,
  "summary_csf_median": 551.0,
  "summary_csf_n": 455437.2088385741,
  "summary_csf_p05": 186.0,
  "summary_csf_p95": 838.0,
  "summary_csf_stdv": 200.8762,
  "summary_gm_k": -0.793,
  "summary_gm_mad": 79.5066,
  "summary_gm_mean": 735.9412,
  "summary_gm_median": 732.0,
  "summary_gm_n": 685804.6760930612,
  "summary_gm_p05": 572.0,
  "summary_gm_p95": 925.0,
  "summary_gm_stdv": 103.463,
  "summary_wm_k": -0.3365,
  "summary_wm_mad": 56.2618,
  "summary_wm_mean": 953.3732,
  "summary_wm_median": 968.0,
  "summary_wm_n": 624110.1159371708,
  "summary_wm_p05": 810.0,
  "summary_wm_p95": 1051.0,
  "summary_wm_stdv": 73.0631,
  "tpm_overlap_csf": 0.23617730112189533,
  "tpm_overlap_gm": 0.5342327891786677,
  "tpm_overlap_wm": 0.5397056533238695,
  "wm2max": 0.43761847156329814
}