{
  "bids_meta": {
    "AcquisitionMatrixPE": 215,
    "AcquisitionNumber": 1,
    "AcquisitionTime": "19:20:8.090000",
    "BaseResolution": 256,
    "ConversionSoftware": "dcm2niix",
    "ConversionSoftwareVersion": "v1.0.20190902",
    "DeviceSerialNumber": "35002",
    "EchoTime": 0.00226,
    "FileSize": 0.01005882304161787,
    "FileSizeUnits": "GB",
    "FlipAngle": 9,
    "ImageOrientationPatientDICOM": [
      0,
      1,
      0,
      0,
      0,
      -1
    ],
    "ImageType": [
      "ORIGINAL",
      "PRIMARY",
      "M",
      "ND",
      "NORM"
    ],
    "ImagingFrequency": 123.256,
    "InPlanePhaseEncodingDirectionDICOM": "ROW",
    "InstitutionAddress": "University_Pkwy_1700_North_685_Provo_UT_US_84601",
    "InstitutionName": "Brigham_Young_University",
    "InversionTime": 0.9,
    "MRAcquisitionType": "3D",
    "MagneticFieldStrength": 3,
    "Manufacturer": "Siemens",
    "ManufacturersModelName": "TrioTim",
    "Modality": "MR",
    "NumberOfVolumes": 1,
    "PartialFourier": 0.875,
    "PatientPosition": "HFS",
    "PercentPhaseFOV": 87.5,
    "PhaseEncodingSteps": 227,
    "PhaseOversampling": 0.2,
    "PhaseResolution": 0.96,
    "PixelBandwidth": 199,
    "ProcedureStepDescription": "Research_KIRWAN",
    "ProtocolName": "t1_mpr_sag_iso_(mprage)",
    "PulseSequenceDetails": "%SiemensSeq%_tfl",
    "ReceiveCoilName": "HeadMatrix",
    "ReconMatrixPE": 224,
    "RepetitionTime": 1.9,
    "SAR": 0.119125,
    "ScanOptions": "IR_PFP",
    "ScanningSequence": "GR_IR",
    "SequenceName": "_tfl3d1_ns",
    "SequenceVariant": "SP_MP_OSP",
    "SeriesDescription": "t1_mpr_sag_iso_(mprage)",
    "SeriesNumber": 2,
    "ShimSetting": [
      -2655,
      -23109,
      2059,
      81,
      -13,
      -145,
      -152,
      15
    ],
    "SliceThickness": 1,
    "SoftwareVersions": "syngo_MR_B17",
    "StationName": "MININT-E41B04",
    "TxRefAmp": 326.809,
    "dataset": "ds004656",
    "datatype": "anat",
    "extension": ".nii.gz",
    "modality": "T1w",
    "session": "PM",
    "subject": "1313",
    "suffix": "T1w"
  },
  "cjv": 0.5739383259911894,
  "cnr": 1.8117031551584473,
  "efc": 0.5465,
  "fber": -1.0,
  "fwhm_avg": 4.868919973333333,
  "fwhm_x": 4.74223,
  "fwhm_y": 5.0865152,
  "fwhm_z": 4.77801472,
  "icvs_csf": 0.2665570713404852,
  "icvs_gm": 0.37839376881394304,
  "icvs_wm": 0.3550491598455718,
  "inu_med": 0.3876980245113373,
  "inu_range": 0.14796753227710724,
  "provenance": {
    "md5sum": "c6d3a17f35fef4faf4cd839138722b8c",
    "settings": {
      "testing": false
    },
    "software": "mriqc",
    "version": "24.1.0.dev0+g5c3f8b6e.d20240820",
    "warnings": {
      "large_rot_frame": true,
      "small_air_mask": false
    }
  },
  "qi_1": 0.0,
  "qi_2": 0.0004958439418636756,
  "rpve_csf": 6.235485735554166,
  "rpve_gm": 6.161756159704107,
  "rpve_wm": 6.2454079854771845,
  "size_x": 176,
  "size_y": 224,
  "size_z": 256,
  "snr_csf": 2.190609483293511,
  "snr_gm": 6.834135689302484,
  "snr_total": 8.327069546700008,
  "snr_wm": 15.95646346750403,
  "snrd_csf": 28.198673824140858,
  "snrd_gm": 47.63721541719941,
  "snrd_total": 45.996022760767936,
  "snrd_wm": 62.15217904096353,
  "spacing_x": 1.0,
  "spacing_y": 0.9765625,
  "spacing_z": 0.9765625,
  "summary_bg_k": 6142.8049,
  "summary_bg_mad": 0.0,
  "summary_bg_mean": 3.905,
  "summary_bg_median": 0.0,
  "summary_bg_n": 3903972.0,
  "summary_bg_p05": 0.0,
  "summary_bg_p95": 16.0,
  "summary_bg_stdv": 10.2457,
  "summary_csf_k": 0.0324,
  "summary_csf_mad": 156.558,
  "summary_csf_mean": 451.9836,
  "summary_csf_median": 441.0,
  "summary_csf_n": 425081.7606408795,
  "summary_csf_p05": 126.0,
  "summary_csf_p95": 779.0,
  "summary_csf_stdv": 201.3136,
  "summary_gm_k": -0.7467,
  "summary_gm_mad": 82.3094,
  "summary_gm_mean": 748.7407,
  "summary_gm_median": 745.0,
  "summary_gm_n": 603429.0842635729,
  "summary_gm_p05": 572.0,
  "summary_gm_p95": 953.0,
  "summary_gm_stdv": 109.0115,
  "summary_wm_k": -0.3316,
  "summary_wm_mad": 47.9746,
  "summary_wm_mean": 960.3947,
  "summary_wm_median": 972.0,
  "summary_wm_n": 566201.1561810627,
  "summary_wm_p05": 839.0,
  "summary_wm_p95": 1041.0,
  "summary_wm_stdv": 60.9157,
  "tpm_overlap_csf": 0.2110211862596593,
  "tpm_overlap_gm": 0.5299570821205075,
  "tpm_overlap_wm": 0.5472608303739429,
  "wm2max": 0.47802583905906953
}