{
  "bids_meta": {
    "AcquisitionMatrixPE": 215,
    "AcquisitionNumber": 1,
    "AcquisitionTime": "07:52:33.505000",
    "BaseResolution": 256,
    "CoilString": "C:HEA;HEP",
    "ConversionSoftware": "dcm2niix",
    "ConversionSoftwareVersion": "v1.0.20190902",
    "DeviceSerialNumber": "35002",
    "DwellTime": 9.8e-06,
    "EchoTime": 0.00226,
    "FileSize": 0.009786969050765038,
    "FileSizeUnits": "GB",
    "FlipAngle": 9,
    "ImageOrientationPatientDICOM": [
      0,
      1,
      0,
      0,
      0,
      -1
    ],
    "ImageType": [
      "ORIGINAL",
      "PRIMARY",
      "M",
      "ND",
      "NORM"
    ],
    "ImagingFrequency": 123.256,
    "InPlanePhaseEncodingDirectionDICOM": "ROW",
    "InstitutionAddress": "University_Pkwy_1700_North_685_Provo_UT_US_84601",
    "InstitutionName": "Brigham_Young_University",
    "InstitutionalDepartmentName": "MRI",
    "InversionTime": 0.9,
    "MRAcquisitionType": "3D",
    "MagneticFieldStrength": 3,
    "Manufacturer": "Siemens",
    "ManufacturersModelName": "TrioTim",
    "Modality": "MR",
    "NumberOfVolumes": 1,
    "PartialFourier": 0.875,
    "PatientPosition": "HFS",
    "PercentPhaseFOV": 87.5,
    "PhaseEncodingSteps": 227,
    "PhaseOversampling": 0.2,
    "PhaseResolution": 0.96,
    "PixelBandwidth": 199,
    "ProcedureStepDescription": "Research_KIRWAN",
    "ProtocolName": "t1_mpr_sag_iso_(mprage)",
    "PulseSequenceDetails": "%SiemensSeq%_tfl",
    "ReceiveCoilName": "HeadMatrix",
    "ReconMatrixPE": 224,
    "RepetitionTime": 1.9,
    "SAR": 0.108607,
    "ScanOptions": "IR_PFP",
    "ScanningSequence": "GR_IR",
    "SequenceName": "_tfl3d1_ns",
    "SequenceVariant": "SP_MP_OSP",
    "SeriesDescription": "t1_mpr_sag_iso_(mprage)",
    "SeriesNumber": 2,
    "ShimSetting": [
      -2655,
      -23109,
      2059,
      81,
      -13,
      -145,
      -152,
      15
    ],
    "SliceThickness": 1,
    "SoftwareVersions": "syngo_MR_B17",
    "StationName": "MININT-E41B04",
    "TxRefAmp": 317.061,
    "dataset": "ds004656",
    "datatype": "anat",
    "extension": ".nii.gz",
    "modality": "T1w",
    "session": "AM",
    "subject": "1311",
    "suffix": "T1w"
  },
  "cjv": 0.5212907949790796,
  "cnr": 1.9726471195912059,
  "efc": 0.5369,
  "fber": 30038.549,
  "fwhm_avg": 4.66213992,
  "fwhm_x": 4.47987,
  "fwhm_y": 5.006929919999999,
  "fwhm_z": 4.49961984,
  "icvs_csf": 0.2536135313110937,
  "icvs_gm": 0.39313128479938036,
  "icvs_wm": 0.3532551838895258,
  "inu_med": 0.39747196435928345,
  "inu_range": 0.1624092280864715,
  "provenance": {
    "md5sum": "4fc54ad10b616c873bcfca1efe3e6b6f",
    "settings": {
      "testing": false
    },
    "software": "mriqc",
    "version": "24.1.0.dev0+g5c3f8b6e.d20240820",
    "warnings": {
      "large_rot_frame": true,
      "small_air_mask": false
    }
  },
  "qi_1": 0.0,
  "qi_2": 0.00290228903193921,
  "rpve_csf": 6.788159467190085,
  "rpve_gm": 6.7215665839247905,
  "rpve_wm": 6.81653058413413,
  "size_x": 176,
  "size_y": 224,
  "size_z": 256,
  "snr_csf": 2.3722487513302655,
  "snr_gm": 7.572194971306716,
  "snr_total": 7.791961352919362,
  "snr_wm": 13.431440336121105,
  "snrd_csf": 57.51370486046629,
  "snrd_gm": 81.18280647611972,
  "snrd_total": 82.10450046426821,
  "snrd_wm": 107.61699005621865,
  "spacing_x": 1.0,
  "spacing_y": 0.9765625,
  "spacing_z": 0.9765625,
  "summary_bg_k": 7.8972,
  "summary_bg_mad": 0.0,
  "summary_bg_mean": 3.3502,
  "summary_bg_median": 0.0,
  "summary_bg_n": 3815523.0,
  "summary_bg_p05": 0.0,
  "summary_bg_p95": 15.0,
  "summary_bg_stdv": 5.9233,
  "summary_csf_k": 0.9524,
  "summary_csf_mad": 152.0621,
  "summary_csf_mean": 508.058,
  "summary_csf_median": 520.0,
  "summary_csf_n": 370655.92254156293,
  "summary_csf_p05": 125.0,
  "summary_csf_p95": 835.0,
  "summary_csf_stdv": 219.201,
  "summary_gm_k": -0.6624,
  "summary_gm_mad": 72.8906,
  "summary_gm_mean": 738.281,
  "summary_gm_median": 734.0,
  "summary_gm_n": 574560.9798261195,
  "summary_gm_p05": 584.0,
  "summary_gm_p95": 917.0,
  "summary_gm_stdv": 96.9335,
  "summary_wm_k": -0.1529,
  "summary_wm_mad": 51.6979,
  "summary_wm_mean": 956.2899,
  "summary_wm_median": 973.0,
  "summary_wm_n": 516282.0981998375,
  "summary_wm_p05": 809.0,
  "summary_wm_p95": 1048.0,
  "summary_wm_stdv": 72.4419,
  "tpm_overlap_csf": 0.22457144207809676,
  "tpm_overlap_gm": 0.5322869900570658,
  "tpm_overlap_wm": 0.5400907766904802,
  "wm2max": 0.46010272240670824
}