{
  "aor": 0.005354179104477612,
  "aqi": 0.04659322578358208,
  "bids_meta": {
    "AcquisitionMatrixPE": 64,
    "AcquisitionNumber": 1,
    "AcquisitionTime": "18:02:49.000000",
    "BandwidthPerPixelPhaseEncode": 72.674,
    "BaseResolution": 64,
    "CoilString": "T:HEA;HEP",
    "ConversionSoftware": "dcm2niix",
    "ConversionSoftwareVersion": "v1.0.20190902",
    "DerivedVendorReportedEchoSpacing": 0.000430002,
    "DeviceSerialNumber": "35002",
    "DwellTime": 2.7e-06,
    "EchoTime": 0.028,
    "EffectiveEchoSpacing": 0.000215001,
    "FileSize": 0.049155451357364655,
    "FileSizeUnits": "GB",
    "FlipAngle": 90,
    "ImageOrientationPatientDICOM": [
      1,
      2e-16,
      0,
      -2e-16,
      0.931056,
      -0.364877
    ],
    "ImageType": [
      "ORIGINAL",
      "PRIMARY",
      "M",
      "ND",
      "MOSAIC"
    ],
    "ImagingFrequency": 123.256,
    "InPlanePhaseEncodingDirectionDICOM": "COL",
    "InstitutionAddress": "University_Pkwy_1700_North_685_Provo_UT_US_84601",
    "InstitutionName": "Brigham_Young_University",
    "InstitutionalDepartmentName": "MRI",
    "MRAcquisitionType": "2D",
    "MagneticFieldStrength": 3,
    "Manufacturer": "Siemens",
    "ManufacturersModelName": "TrioTim",
    "Modality": "MR",
    "NumberOfVolumes": 270,
    "ParallelReductionFactorInPlane": 2,
    "PartialFourier": 1,
    "PatientPosition": "HFS",
    "PercentPhaseFOV": 100,
    "PhaseEncodingDirection": "j-",
    "PhaseEncodingSteps": 63,
    "PhaseResolution": 1,
    "PixelBandwidth": 2894,
    "ProcedureStepDescription": "Research_KIRWAN",
    "ProtocolName": "EPI_Run_1",
    "PulseSequenceDetails": "%CustomerSeq%_ep2d_bold_PMU",
    "ReceiveCoilName": "HeadMatrix",
    "ReconMatrixPE": 64,
    "RefLinesPE": 24,
    "RepetitionTime": 2,
    "SAR": 0.172842,
    "ScanOptions": "FS",
    "ScanningSequence": "EP",
    "SequenceName": "epfid2d1_64",
    "SequenceVariant": "SK",
    "SeriesDescription": "EPI_Run_1",
    "SeriesNumber": 3,
    "ShimSetting": [
      -2622,
      -23246,
      2537,
      620,
      236,
      -67,
      -495,
      -2
    ],
    "SliceThickness": 3,
    "SliceTiming": [
      1.005,
      0,
      1.055,
      0.05,
      1.105,
      0.1,
      1.155,
      0.1525,
      1.205,
      0.2025,
      1.255,
      0.2525,
      1.305,
      0.3025,
      1.355,
      0.3525,
      1.405,
      0.4025,
      1.4575,
      0.4525,
      1.5075,
      0.5025,
      1.5575,
      0.5525,
      1.6075,
      0.6025,
      1.6575,
      0.6525,
      1.7075,
      0.7025,
      1.7575,
      0.7525,
      1.8075,
      0.805,
      1.8575,
      0.855,
      1.9075,
      0.905,
      1.9575,
      0.955
    ],
    "SoftwareVersions": "syngo_MR_B17",
    "SpacingBetweenSlices": 3,
    "StationName": "MININT-E41B04",
    "TaskName": "FoodStimHiLo",
    "TotalReadoutTime": 0.0135451,
    "TxRefAmp": 314.614,
    "dataset": "ds004656",
    "datatype": "func",
    "extension": ".nii.gz",
    "modality": "bold",
    "run": 1,
    "session": "PM",
    "subject": "1305",
    "suffix": "bold",
    "task": "FoodStimHiLo"
  },
  "dummy_trs": 2,
  "dvars_nstd": 34.93194522910112,
  "dvars_std": 0.9766141232584264,
  "dvars_vstd": 0.9610209673408238,
  "efc": 0.5355,
  "fber": 882.4051,
  "fd_mean": 0.23410850336551256,
  "fd_num": 92,
  "fd_perc": 34.32835820895522,
  "fwhm_avg": 2.7498010707070706,
  "fwhm_x": 2.5259519999999998,
  "fwhm_y": 2.8008145454545454,
  "fwhm_z": 2.922636666666667,
  "gcor": 0.0107631,
  "gsr_x": -0.011828597635030746,
  "gsr_y": 0.04167614132165909,
  "provenance": {
    "md5sum": "e4a9dadb8de8bf9230818c23777214b2",
    "settings": {
      "fd_thres": 0.2,
      "testing": false
    },
    "software": "mriqc",
    "version": "24.1.0.dev0+g5c3f8b6e.d20240820"
  },
  "size_t": 268,
  "size_x": 64,
  "size_y": 64,
  "size_z": 40,
  "snr": 4.058955513811264,
  "spacing_tr": 2.0,
  "spacing_x": 3.4375,
  "spacing_y": 3.4375,
  "spacing_z": 3.0,
  "summary_bg_k": 41.8201,
  "summary_bg_mad": 8.9675,
  "summary_bg_mean": 45.6064,
  "summary_bg_median": 26.0,
  "summary_bg_n": 122213.0,
  "summary_bg_p05": 0.0,
  "summary_bg_p95": 141.0,
  "summary_bg_stdv": 67.3335,
  "summary_fg_k": 1.9155,
  "summary_fg_mad": 140.3051,
  "summary_fg_mean": 758.8412,
  "summary_fg_median": 767.0,
  "summary_fg_n": 41627.0,
  "summary_fg_p05": 410.0,
  "summary_fg_p95": 1053.0,
  "summary_fg_stdv": 188.9626,
  "tsnr": 29.170952260494232
}