{
  "aor": 0.03011388888888889,
  "aqi": 0.06233818992592593,
  "bids_meta": {
    "AcquisitionMatrixPE": 64,
    "AcquisitionNumber": 1,
    "AcquisitionTime": "07:15:12.392500",
    "BandwidthPerPixelPhaseEncode": 72.674,
    "BaseResolution": 64,
    "CoilString": "T:HEA;HEP",
    "ConversionSoftware": "dcm2niix",
    "ConversionSoftwareVersion": "v1.0.20190902",
    "DerivedVendorReportedEchoSpacing": 0.000430002,
    "DeviceSerialNumber": "35002",
    "DwellTime": 2.7e-06,
    "EchoTime": 0.028,
    "EffectiveEchoSpacing": 0.000215001,
    "FileSize": 0.04738864954560995,
    "FileSizeUnits": "GB",
    "FlipAngle": 90,
    "ImageOrientationPatientDICOM": [
      1,
      -1e-16,
      0,
      1e-16,
      0.891798,
      -0.452435
    ],
    "ImageType": [
      "ORIGINAL",
      "PRIMARY",
      "M",
      "ND",
      "MOSAIC"
    ],
    "ImagingFrequency": 123.256,
    "InPlanePhaseEncodingDirectionDICOM": "COL",
    "InstitutionAddress": "University_Pkwy_1700_North_685_Provo_UT_US_84601",
    "InstitutionName": "Brigham_Young_University",
    "InstitutionalDepartmentName": "MRI",
    "MRAcquisitionType": "2D",
    "MagneticFieldStrength": 3,
    "Manufacturer": "Siemens",
    "ManufacturersModelName": "TrioTim",
    "Modality": "MR",
    "NumberOfVolumes": 270,
    "ParallelReductionFactorInPlane": 2,
    "PartialFourier": 1,
    "PatientPosition": "HFS",
    "PercentPhaseFOV": 100,
    "PhaseEncodingDirection": "j-",
    "PhaseEncodingSteps": 63,
    "PhaseResolution": 1,
    "PixelBandwidth": 2894,
    "ProcedureStepDescription": "Research_KIRWAN",
    "ProtocolName": "EPI_Run_1",
    "PulseSequenceDetails": "%CustomerSeq%_ep2d_bold_PMU",
    "ReceiveCoilName": "HeadMatrix",
    "ReconMatrixPE": 64,
    "RefLinesPE": 24,
    "RepetitionTime": 2,
    "SAR": 0.204222,
    "ScanOptions": "FS",
    "ScanningSequence": "EP",
    "SequenceName": "epfid2d1_64",
    "SequenceVariant": "SK",
    "SeriesDescription": "EPI_Run_1",
    "SeriesNumber": 3,
    "ShimSetting": [
      -2661,
      -23150,
      2500,
      491,
      192,
      -342,
      -389,
      -50
    ],
    "SliceThickness": 3,
    "SliceTiming": [
      1.005,
      0,
      1.055,
      0.05,
      1.105,
      0.1025,
      1.155,
      0.1525,
      1.205,
      0.2025,
      1.255,
      0.2525,
      1.305,
      0.3025,
      1.355,
      0.3525,
      1.4075,
      0.4025,
      1.4575,
      0.4525,
      1.5075,
      0.5025,
      1.5575,
      0.5525,
      1.6075,
      0.6025,
      1.6575,
      0.6525,
      1.7075,
      0.7025,
      1.7575,
      0.755,
      1.8075,
      0.805,
      1.8575,
      0.855,
      1.9075,
      0.905,
      1.9575,
      0.955
    ],
    "SoftwareVersions": "syngo_MR_B17",
    "SpacingBetweenSlices": 3,
    "StationName": "MININT-E41B04",
    "TaskName": "FoodStimHiLo",
    "TotalReadoutTime": 0.0135451,
    "TxRefAmp": 313.744,
    "dataset": "ds004656",
    "datatype": "func",
    "extension": ".nii.gz",
    "modality": "bold",
    "run": 1,
    "session": "AM",
    "subject": "1302",
    "suffix": "bold",
    "task": "FoodStimHiLo"
  },
  "dummy_trs": 0,
  "dvars_nstd": 38.65002037970263,
  "dvars_std": 1.0345857453531604,
  "dvars_vstd": 1.0748947316728612,
  "efc": 0.4967,
  "fber": 977.7479,
  "fd_mean": 0.24215864009522092,
  "fd_num": 49,
  "fd_perc": 18.14814814814815,
  "fwhm_avg": 2.3759078181818185,
  "fwhm_x": 2.3107025454545456,
  "fwhm_y": 2.3644509090909094,
  "fwhm_z": 2.45257,
  "gcor": 0.0390793,
  "gsr_x": 0.0016036246670410037,
  "gsr_y": 0.017184283584356308,
  "provenance": {
    "md5sum": "3021a9e9bd7823e9e7323cd2219252df",
    "settings": {
      "fd_thres": 0.2,
      "testing": false
    },
    "software": "mriqc",
    "version": "24.1.0.dev0+g5c3f8b6e.d20240820"
  },
  "size_t": 270,
  "size_x": 64,
  "size_y": 64,
  "size_z": 40,
  "snr": 3.653920826306389,
  "spacing_tr": 2.0,
  "spacing_x": 3.4375,
  "spacing_y": 3.4375,
  "spacing_z": 3.0,
  "summary_bg_k": 52.3865,
  "summary_bg_mad": 7.5832,
  "summary_bg_mean": 40.8534,
  "summary_bg_median": 25.0,
  "summary_bg_n": 128528.0,
  "summary_bg_p05": 0.0,
  "summary_bg_p95": 123.0,
  "summary_bg_stdv": 58.8888,
  "summary_fg_k": 1.3923,
  "summary_fg_mad": 151.2034,
  "summary_fg_mean": 736.093,
  "summary_fg_median": 776.0,
  "summary_fg_n": 35312.0,
  "summary_fg_p05": 239.0,
  "summary_fg_p95": 1000.0,
  "summary_fg_stdv": 212.3716,
  "tsnr": 21.677673027443234
}