{
  "bids_meta": {
    "AcquisitionMatrixPE": 215,
    "AcquisitionNumber": 1,
    "AcquisitionTime": "17:39:52.467500",
    "BaseResolution": 256,
    "ConversionSoftware": "dcm2niix",
    "ConversionSoftwareVersion": "v1.0.20190902",
    "DeviceSerialNumber": "35002",
    "EchoTime": 0.00226,
    "FileSize": 0.009611725807189941,
    "FileSizeUnits": "GB",
    "FlipAngle": 9,
    "ImageOrientationPatientDICOM": [
      0,
      1,
      0,
      0,
      0,
      -1
    ],
    "ImageType": [
      "ORIGINAL",
      "PRIMARY",
      "M",
      "ND",
      "NORM"
    ],
    "ImagingFrequency": 123.256,
    "InPlanePhaseEncodingDirectionDICOM": "ROW",
    "InstitutionAddress": "University_Pkwy_1700_North_685_Provo_UT_US_84601",
    "InstitutionName": "Brigham_Young_University",
    "InversionTime": 0.9,
    "MRAcquisitionType": "3D",
    "MagneticFieldStrength": 3,
    "Manufacturer": "Siemens",
    "ManufacturersModelName": "TrioTim",
    "Modality": "MR",
    "NumberOfVolumes": 1,
    "PartialFourier": 0.875,
    "PatientPosition": "HFS",
    "PercentPhaseFOV": 87.5,
    "PhaseEncodingSteps": 227,
    "PhaseOversampling": 0.2,
    "PhaseResolution": 0.96,
    "PixelBandwidth": 199,
    "ProcedureStepDescription": "Research_KIRWAN",
    "ProtocolName": "t1_mpr_sag_iso_(mprage)",
    "PulseSequenceDetails": "%SiemensSeq%_tfl",
    "ReceiveCoilName": "HeadMatrix",
    "ReconMatrixPE": 224,
    "RepetitionTime": 1.9,
    "SAR": 0.115942,
    "ScanOptions": "IR_PFP",
    "ScanningSequence": "GR_IR",
    "SequenceName": "_tfl3d1_ns",
    "SequenceVariant": "SP_MP_OSP",
    "SeriesDescription": "t1_mpr_sag_iso_(mprage)",
    "SeriesNumber": 2,
    "ShimSetting": [
      -2655,
      -23109,
      2059,
      81,
      -13,
      -145,
      -152,
      15
    ],
    "SliceThickness": 1,
    "SoftwareVersions": "syngo_MR_B17",
    "StationName": "MININT-E41B04",
    "TxRefAmp": 321.747,
    "dataset": "ds004656",
    "datatype": "anat",
    "extension": ".nii.gz",
    "modality": "T1w",
    "session": "PM",
    "subject": "1309",
    "suffix": "T1w"
  },
  "cjv": 0.5491,
  "cnr": 1.9927708324154823,
  "efc": 0.5223,
  "fber": 19430.9543,
  "fwhm_avg": 4.614100133333333,
  "fwhm_x": 4.40783,
  "fwhm_y": 4.9203712,
  "fwhm_z": 4.5140991999999995,
  "icvs_csf": 0.24483874192708344,
  "icvs_gm": 0.399496255238868,
  "icvs_wm": 0.3556650028340485,
  "inu_med": 0.42420893907546997,
  "inu_range": 0.18337497711181638,
  "provenance": {
    "md5sum": "899e57b5c7a72819e71d2ffe7f92b65d",
    "settings": {
      "testing": false
    },
    "software": "mriqc",
    "version": "24.1.0.dev0+g5c3f8b6e.d20240820",
    "warnings": {
      "large_rot_frame": true,
      "small_air_mask": false
    }
  },
  "qi_1": 0.0,
  "qi_2": 0.0010772167945618174,
  "rpve_csf": 6.877755950362532,
  "rpve_gm": 6.813726967565615,
  "rpve_wm": 6.895782977252995,
  "size_x": 176,
  "size_y": 224,
  "size_z": 256,
  "snr_csf": 2.292563551751398,
  "snr_gm": 8.897046163636961,
  "snr_total": 7.819938697262892,
  "snr_wm": 12.270206376400319,
  "snrd_csf": 48.81695808751573,
  "snrd_gm": 67.77588927722634,
  "snrd_total": 68.44754223402767,
  "snrd_wm": 88.74977933734097,
  "spacing_x": 1.0,
  "spacing_y": 0.9765625,
  "spacing_z": 0.9765625,
  "summary_bg_k": 23.3764,
  "summary_bg_mad": 0.0,
  "summary_bg_mean": 4.005,
  "summary_bg_median": 0.0,
  "summary_bg_n": 3756143.0,
  "summary_bg_p05": 0.0,
  "summary_bg_p95": 18.0,
  "summary_bg_stdv": 7.153,
  "summary_csf_k": 0.3481,
  "summary_csf_mad": 173.04,
  "summary_csf_mean": 513.7542,
  "summary_csf_median": 533.0,
  "summary_csf_n": 353649.4860450197,
  "summary_csf_p05": 105.0,
  "summary_csf_p95": 861.0,
  "summary_csf_stdv": 232.4905,
  "summary_gm_k": -0.6551,
  "summary_gm_mad": 67.0235,
  "summary_gm_mean": 742.7087,
  "summary_gm_median": 740.0,
  "summary_gm_n": 577039.5821761386,
  "summary_gm_p05": 610.0,
  "summary_gm_p95": 887.0,
  "summary_gm_stdv": 83.1736,
  "summary_wm_k": -0.2955,
  "summary_wm_mad": 58.7204,
  "summary_wm_mean": 952.6314,
  "summary_wm_median": 969.0,
  "summary_wm_n": 513728.9322207066,
  "summary_wm_p05": 796.0,
  "summary_wm_p95": 1058.0,
  "summary_wm_stdv": 78.9717,
  "tpm_overlap_csf": 0.230462412536741,
  "tpm_overlap_gm": 0.5417218964229578,
  "tpm_overlap_wm": 0.5559218049267961,
  "wm2max": 0.442703389674824
}