{
  "bids_meta": {
    "AcquisitionMatrixPE": 215,
    "AcquisitionNumber": 1,
    "AcquisitionTime": "07:03:39.267500",
    "BaseResolution": 256,
    "CoilString": "C:HEA;HEP",
    "ConversionSoftware": "dcm2niix",
    "ConversionSoftwareVersion": "v1.0.20190902",
    "DeviceSerialNumber": "35002",
    "DwellTime": 9.8e-06,
    "EchoTime": 0.00226,
    "FileSize": 0.010298298671841621,
    "FileSizeUnits": "GB",
    "FlipAngle": 9,
    "ImageOrientationPatientDICOM": [
      0,
      1,
      0,
      0,
      0,
      -1
    ],
    "ImageType": [
      "ORIGINAL",
      "PRIMARY",
      "M",
      "ND",
      "NORM"
    ],
    "ImagingFrequency": 123.256,
    "InPlanePhaseEncodingDirectionDICOM": "ROW",
    "InstitutionAddress": "University_Pkwy_1700_North_685_Provo_UT_US_84601",
    "InstitutionName": "Brigham_Young_University",
    "InstitutionalDepartmentName": "MRI",
    "InversionTime": 0.9,
    "MRAcquisitionType": "3D",
    "MagneticFieldStrength": 3,
    "Manufacturer": "Siemens",
    "ManufacturersModelName": "TrioTim",
    "Modality": "MR",
    "NumberOfVolumes": 1,
    "PartialFourier": 0.875,
    "PatientPosition": "HFS",
    "PercentPhaseFOV": 87.5,
    "PhaseEncodingSteps": 227,
    "PhaseOversampling": 0.2,
    "PhaseResolution": 0.96,
    "PixelBandwidth": 199,
    "ProcedureStepDescription": "Research_KIRWAN",
    "ProtocolName": "t1_mpr_sag_iso_(mprage)",
    "PulseSequenceDetails": "%SiemensSeq%_tfl",
    "ReceiveCoilName": "HeadMatrix",
    "ReconMatrixPE": 224,
    "RepetitionTime": 1.9,
    "SAR": 0.099335,
    "ScanOptions": "IR_PFP",
    "ScanningSequence": "GR_IR",
    "SequenceName": "_tfl3d1_ns",
    "SequenceVariant": "SP_MP_OSP",
    "SeriesDescription": "t1_mpr_sag_iso_(mprage)",
    "SeriesNumber": 2,
    "ShimSetting": [
      -2655,
      -23109,
      2059,
      81,
      -13,
      -145,
      -152,
      15
    ],
    "SliceThickness": 1,
    "SoftwareVersions": "syngo_MR_B17",
    "StationName": "MININT-E41B04",
    "TxRefAmp": 323.998,
    "dataset": "ds004656",
    "datatype": "anat",
    "extension": ".nii.gz",
    "modality": "T1w",
    "session": "AM",
    "subject": "1301",
    "suffix": "T1w"
  },
  "cjv": 0.5462244813278008,
  "cnr": 1.9000180607599628,
  "efc": 0.5498,
  "fber": 25143.2942,
  "fwhm_avg": 4.78165248,
  "fwhm_x": 4.58592,
  "fwhm_y": 5.0118144000000004,
  "fwhm_z": 4.74722304,
  "icvs_csf": 0.2712009119071105,
  "icvs_gm": 0.38211385581467106,
  "icvs_wm": 0.3466852322782185,
  "inu_med": 0.3864779770374298,
  "inu_range": 0.13907504081726074,
  "provenance": {
    "md5sum": "b8cf3f728ed0460506a7f7f1a62ddc6e",
    "settings": {
      "testing": false
    },
    "software": "mriqc",
    "version": "24.1.0.dev0+g5c3f8b6e.d20240820",
    "warnings": {
      "large_rot_frame": true,
      "small_air_mask": false
    }
  },
  "qi_1": 0.0,
  "qi_2": 0.00036267221446381186,
  "rpve_csf": 6.3016657244108565,
  "rpve_gm": 6.232104505846437,
  "rpve_wm": 6.323321363693438,
  "size_x": 176,
  "size_y": 224,
  "size_z": 256,
  "snr_csf": 2.2322063865184973,
  "snr_gm": 6.812123484517645,
  "snr_total": 7.781099388940128,
  "snr_wm": 14.298968295784242,
  "snrd_csf": 50.3822463292216,
  "snrd_gm": 81.25809197788173,
  "snrd_total": 79.92051021692896,
  "snrd_wm": 108.12119234368353,
  "spacing_x": 1.0,
  "spacing_y": 0.9765625,
  "spacing_z": 0.9765625,
  "summary_bg_k": 72.6808,
  "summary_bg_mad": 0.0,
  "summary_bg_mean": 3.2411,
  "summary_bg_median": 0.0,
  "summary_bg_n": 3213476.0,
  "summary_bg_p05": 0.0,
  "summary_bg_p95": 15.0,
  "summary_bg_stdv": 5.8775,
  "summary_csf_k": 0.2864,
  "summary_csf_mad": 145.9041,
  "summary_csf_mean": 457.0155,
  "summary_csf_median": 452.0,
  "summary_csf_n": 427387.958314733,
  "summary_csf_p05": 117.0,
  "summary_csf_p95": 776.0,
  "summary_csf_stdv": 202.49,
  "summary_gm_k": -0.4463,
  "summary_gm_mad": 79.6237,
  "summary_gm_mean": 731.9446,
  "summary_gm_median": 729.0,
  "summary_gm_n": 602176.6650118729,
  "summary_gm_p05": 557.0,
  "summary_gm_p95": 929.0,
  "summary_gm_stdv": 107.015,
  "summary_wm_k": -0.3202,
  "summary_wm_mad": 52.0164,
  "summary_wm_mean": 955.6369,
  "summary_wm_median": 970.0,
  "summary_wm_n": 546344.3782667163,
  "summary_wm_p05": 820.0,
  "summary_wm_p95": 1042.0,
  "summary_wm_stdv": 67.837,
  "tpm_overlap_csf": 0.20958627479218145,
  "tpm_overlap_gm": 0.5358092187630907,
  "tpm_overlap_wm": 0.5513827991777493,
  "wm2max": 0.48772331848460715
}