{
  "bids_meta": {
    "AcquisitionMatrixPE": 215,
    "AcquisitionNumber": 1,
    "AcquisitionTime": "07:12:43.015000",
    "BaseResolution": 256,
    "CoilString": "C:HEA;HEP",
    "ConversionSoftware": "dcm2niix",
    "ConversionSoftwareVersion": "v1.0.20190902",
    "DeviceSerialNumber": "35002",
    "DwellTime": 9.8e-06,
    "EchoTime": 0.00226,
    "FileSize": 0.00974324718117714,
    "FileSizeUnits": "GB",
    "FlipAngle": 9,
    "ImageOrientationPatientDICOM": [
      0,
      1,
      0,
      0,
      0,
      -1
    ],
    "ImageType": [
      "ORIGINAL",
      "PRIMARY",
      "M",
      "ND",
      "NORM"
    ],
    "ImagingFrequency": 123.256,
    "InPlanePhaseEncodingDirectionDICOM": "ROW",
    "InstitutionAddress": "University_Pkwy_1700_North_685_Provo_UT_US_84601",
    "InstitutionName": "Brigham_Young_University",
    "InstitutionalDepartmentName": "MRI",
    "InversionTime": 0.9,
    "MRAcquisitionType": "3D",
    "MagneticFieldStrength": 3,
    "Manufacturer": "Siemens",
    "ManufacturersModelName": "TrioTim",
    "Modality": "MR",
    "NumberOfVolumes": 1,
    "PartialFourier": 0.875,
    "PatientPosition": "HFS",
    "PercentPhaseFOV": 87.5,
    "PhaseEncodingSteps": 227,
    "PhaseOversampling": 0.2,
    "PhaseResolution": 0.96,
    "PixelBandwidth": 199,
    "ProcedureStepDescription": "Research_KIRWAN",
    "ProtocolName": "t1_mpr_sag_iso_(mprage)",
    "PulseSequenceDetails": "%SiemensSeq%_tfl",
    "ReceiveCoilName": "HeadMatrix",
    "ReconMatrixPE": 224,
    "RepetitionTime": 1.9,
    "SAR": 0.114263,
    "ScanOptions": "IR_PFP",
    "ScanningSequence": "GR_IR",
    "SequenceName": "_tfl3d1_ns",
    "SequenceVariant": "SP_MP_OSP",
    "SeriesDescription": "t1_mpr_sag_iso_(mprage)",
    "SeriesNumber": 2,
    "ShimSetting": [
      -2655,
      -23109,
      2059,
      81,
      -13,
      -145,
      -152,
      15
    ],
    "SliceThickness": 1,
    "SoftwareVersions": "syngo_MR_B17",
    "StationName": "MININT-E41B04",
    "TxRefAmp": 323.207,
    "dataset": "ds004656",
    "datatype": "anat",
    "extension": ".nii.gz",
    "modality": "T1w",
    "session": "AM",
    "subject": "1310",
    "suffix": "T1w"
  },
  "cjv": 0.6270724137931034,
  "cnr": 1.637881044022794,
  "efc": 0.5417,
  "fber": 14476.5459,
  "fwhm_avg": 4.541671626666667,
  "fwhm_x": 4.35334,
  "fwhm_y": 4.8247091200000005,
  "fwhm_z": 4.44696576,
  "icvs_csf": 0.2631167808077267,
  "icvs_gm": 0.380792120607192,
  "icvs_wm": 0.35609109858508126,
  "inu_med": 0.439717173576355,
  "inu_range": 0.19298873245716097,
  "provenance": {
    "md5sum": "fce6d8e86bb03d93fe0ced2f3c646d32",
    "settings": {
      "testing": false
    },
    "software": "mriqc",
    "version": "24.1.0.dev0+g5c3f8b6e.d20240820",
    "warnings": {
      "large_rot_frame": true,
      "small_air_mask": false
    }
  },
  "qi_1": 0.0,
  "qi_2": 0.0012332622545348038,
  "rpve_csf": 6.491991403165779,
  "rpve_gm": 6.397649286615379,
  "rpve_wm": 6.482038794224018,
  "size_x": 176,
  "size_y": 224,
  "size_z": 256,
  "snr_csf": 2.442578600095764,
  "snr_gm": 7.534619576914845,
  "snr_total": 7.617969447143061,
  "snr_wm": 12.876710164418574,
  "snrd_csf": 44.17513104661389,
  "snrd_gm": 68.41200418813084,
  "snrd_total": 66.52183294942132,
  "snrd_wm": 86.97836361351928,
  "spacing_x": 1.0,
  "spacing_y": 0.9765625,
  "spacing_z": 0.9765625,
  "summary_bg_k": 7.9664,
  "summary_bg_mad": 0.0,
  "summary_bg_mean": 4.2898,
  "summary_bg_median": 0.0,
  "summary_bg_n": 3618985.0,
  "summary_bg_p05": 0.0,
  "summary_bg_p95": 19.0,
  "summary_bg_stdv": 7.1631,
  "summary_csf_k": 0.5706,
  "summary_csf_mad": 147.1964,
  "summary_csf_mean": 487.6836,
  "summary_csf_median": 483.0,
  "summary_csf_n": 402841.7901208361,
  "summary_csf_p05": 184.0,
  "summary_csf_p95": 797.0,
  "summary_csf_stdv": 197.7416,
  "summary_gm_k": -0.0517,
  "summary_gm_mad": 69.7901,
  "summary_gm_mean": 751.7371,
  "summary_gm_median": 748.0,
  "summary_gm_n": 583007.2071359343,
  "summary_gm_p05": 592.0,
  "summary_gm_p95": 936.0,
  "summary_gm_stdv": 99.275,
  "summary_wm_k": -0.3207,
  "summary_wm_mad": 57.5056,
  "summary_wm_mean": 936.9638,
  "summary_wm_median": 951.0,
  "summary_wm_n": 545189.003756224,
  "summary_wm_p05": 793.0,
  "summary_wm_p95": 1036.0,
  "summary_wm_stdv": 73.8542,
  "tpm_overlap_csf": 0.22393665009216018,
  "tpm_overlap_gm": 0.5494522378641106,
  "tpm_overlap_wm": 0.578792828404653,
  "wm2max": 0.41795911293676413
}