{
  "aor": 0.002737386363636365,
  "aqi": 0.01829992859848485,
  "bids_meta": {
    "AcquisitionMatrixPE": 64,
    "AcquisitionNumber": 1,
    "AcquisitionTime": "08:21:14.632500",
    "BandwidthPerPixelPhaseEncode": 72.674,
    "BaseResolution": 64,
    "CoilString": "T:HEA;HEP",
    "ConversionSoftware": "dcm2niix",
    "ConversionSoftwareVersion": "v1.0.20190902",
    "DerivedVendorReportedEchoSpacing": 0.000430002,
    "DeviceSerialNumber": "35002",
    "DwellTime": 2.7e-06,
    "EchoTime": 0.028,
    "EffectiveEchoSpacing": 0.000215001,
    "FileSize": 0.046799167059361935,
    "FileSizeUnits": "GB",
    "FlipAngle": 90,
    "ImageOrientationPatientDICOM": [
      1,
      0,
      0,
      0,
      0.919822,
      -0.392337
    ],
    "ImageType": [
      "ORIGINAL",
      "PRIMARY",
      "M",
      "ND",
      "MOSAIC"
    ],
    "ImagingFrequency": 123.256,
    "InPlanePhaseEncodingDirectionDICOM": "COL",
    "InstitutionAddress": "University_Pkwy_1700_North_685_Provo_UT_US_84601",
    "InstitutionName": "Brigham_Young_University",
    "InstitutionalDepartmentName": "MRI",
    "MRAcquisitionType": "2D",
    "MagneticFieldStrength": 3,
    "Manufacturer": "Siemens",
    "ManufacturersModelName": "TrioTim",
    "Modality": "MR",
    "NumberOfVolumes": 270,
    "ParallelReductionFactorInPlane": 2,
    "PartialFourier": 1,
    "PatientPosition": "HFS",
    "PercentPhaseFOV": 100,
    "PhaseEncodingDirection": "j-",
    "PhaseEncodingSteps": 63,
    "PhaseResolution": 1,
    "PixelBandwidth": 2894,
    "ProcedureStepDescription": "Research_KIRWAN",
    "ProtocolName": "EPI_Run_1",
    "PulseSequenceDetails": "%CustomerSeq%_ep2d_bold_PMU",
    "ReceiveCoilName": "HeadMatrix",
    "ReconMatrixPE": 64,
    "RefLinesPE": 24,
    "RepetitionTime": 2,
    "SAR": 0.172085,
    "ScanOptions": "FS",
    "ScanningSequence": "EP",
    "SequenceName": "epfid2d1_64",
    "SequenceVariant": "SK",
    "SeriesDescription": "EPI_Run_1",
    "SeriesNumber": 3,
    "ShimSetting": [
      -2646,
      -23072,
      2610,
      686,
      -100,
      227,
      36,
      165
    ],
    "SliceThickness": 3,
    "SliceTiming": [
      1.005,
      0,
      1.055,
      0.05,
      1.105,
      0.1,
      1.155,
      0.15,
      1.205,
      0.2,
      1.255,
      0.25,
      1.305,
      0.3,
      1.355,
      0.3525,
      1.405,
      0.4025,
      1.455,
      0.4525,
      1.505,
      0.5025,
      1.555,
      0.5525,
      1.605,
      0.6025,
      1.6575,
      0.6525,
      1.7075,
      0.7025,
      1.7575,
      0.7525,
      1.8075,
      0.8025,
      1.8575,
      0.8525,
      1.9075,
      0.9025,
      1.9575,
      0.9525
    ],
    "SoftwareVersions": "syngo_MR_B17",
    "SpacingBetweenSlices": 3,
    "StationName": "MININT-E41B04",
    "TaskName": "FoodStimHiLo",
    "TotalReadoutTime": 0.0135451,
    "TxRefAmp": 327,
    "dataset": "ds004656",
    "datatype": "func",
    "extension": ".nii.gz",
    "modality": "bold",
    "run": 1,
    "session": "AM",
    "subject": "1309",
    "suffix": "bold",
    "task": "FoodStimHiLo"
  },
  "dummy_trs": 6,
  "dvars_nstd": 25.36280790802281,
  "dvars_std": 0.9914272472623574,
  "dvars_vstd": 0.9892920088973385,
  "efc": 0.4809,
  "fber": 1237.6653,
  "fd_mean": 0.11188936996341511,
  "fd_num": 16,
  "fd_perc": 6.0606060606060606,
  "fwhm_avg": 2.316427111111111,
  "fwhm_x": 2.154976,
  "fwhm_y": 2.421152,
  "fwhm_z": 2.3731533333333332,
  "gcor": 0.00565741,
  "gsr_x": -0.008987282402813435,
  "gsr_y": 0.01719696819782257,
  "provenance": {
    "md5sum": "32e5eff66eea05b3e97df861dea7acc0",
    "settings": {
      "fd_thres": 0.2,
      "testing": false
    },
    "software": "mriqc",
    "version": "24.1.0.dev0+g5c3f8b6e.d20240820"
  },
  "size_t": 264,
  "size_x": 64,
  "size_y": 64,
  "size_z": 40,
  "snr": 3.508401352471339,
  "spacing_tr": 2.0,
  "spacing_x": 3.4375,
  "spacing_y": 3.4375,
  "spacing_z": 3.0,
  "summary_bg_k": 37.6317,
  "summary_bg_mad": 6.4415,
  "summary_bg_mean": 36.65,
  "summary_bg_median": 24.0,
  "summary_bg_n": 128945.0,
  "summary_bg_p05": 0.0,
  "summary_bg_p95": 112.0,
  "summary_bg_stdv": 44.606,
  "summary_fg_k": 1.181,
  "summary_fg_mad": 160.5985,
  "summary_fg_mean": 782.1103,
  "summary_fg_median": 834.0,
  "summary_fg_n": 34895.0,
  "summary_fg_p05": 237.0,
  "summary_fg_p95": 1081.0,
  "summary_fg_stdv": 237.7117,
  "tsnr": 42.152153448201716
}