{
  "bids_meta": {
    "AcquisitionMatrixPE": 215,
    "AcquisitionNumber": 1,
    "AcquisitionTime": "08:28:15.395000",
    "BaseResolution": 256,
    "CoilString": "C:HEA;HEP",
    "ConversionSoftware": "dcm2niix",
    "ConversionSoftwareVersion": "v1.0.20190902",
    "DeviceSerialNumber": "35002",
    "DwellTime": 9.8e-06,
    "EchoTime": 0.00226,
    "FileSize": 0.010001002810895443,
    "FileSizeUnits": "GB",
    "FlipAngle": 9,
    "ImageOrientationPatientDICOM": [
      0,
      1,
      0,
      0,
      0,
      -1
    ],
    "ImageType": [
      "ORIGINAL",
      "PRIMARY",
      "M",
      "ND",
      "NORM"
    ],
    "ImagingFrequency": 123.256,
    "InPlanePhaseEncodingDirectionDICOM": "ROW",
    "InstitutionAddress": "University_Pkwy_1700_North_685_Provo_UT_US_84601",
    "InstitutionName": "Brigham_Young_University",
    "InstitutionalDepartmentName": "MRI",
    "InversionTime": 0.9,
    "MRAcquisitionType": "3D",
    "MagneticFieldStrength": 3,
    "Manufacturer": "Siemens",
    "ManufacturersModelName": "TrioTim",
    "Modality": "MR",
    "NumberOfVolumes": 1,
    "PartialFourier": 0.875,
    "PatientPosition": "HFS",
    "PercentPhaseFOV": 87.5,
    "PhaseEncodingSteps": 227,
    "PhaseOversampling": 0.2,
    "PhaseResolution": 0.96,
    "PixelBandwidth": 199,
    "ProcedureStepDescription": "Research_KIRWAN",
    "ProtocolName": "t1_mpr_sag_iso_(mprage)",
    "PulseSequenceDetails": "%SiemensSeq%_tfl",
    "ReceiveCoilName": "HeadMatrix",
    "ReconMatrixPE": 224,
    "RepetitionTime": 1.9,
    "SAR": 0.101764,
    "ScanOptions": "IR_PFP",
    "ScanningSequence": "GR_IR",
    "SequenceName": "_tfl3d1_ns",
    "SequenceVariant": "SP_MP_OSP",
    "SeriesDescription": "t1_mpr_sag_iso_(mprage)",
    "SeriesNumber": 2,
    "ShimSetting": [
      -2655,
      -23109,
      2059,
      81,
      -13,
      -145,
      -152,
      15
    ],
    "SliceThickness": 1,
    "SoftwareVersions": "syngo_MR_B17",
    "StationName": "MININT-E41B04",
    "TxRefAmp": 330.16,
    "dataset": "ds004656",
    "datatype": "anat",
    "extension": ".nii.gz",
    "modality": "T1w",
    "session": "AM",
    "subject": "1308",
    "suffix": "T1w"
  },
  "cjv": 0.6277897058823529,
  "cnr": 1.607178366757556,
  "efc": 0.5399,
  "fber": 14398.1955,
  "fwhm_avg": 4.783209546666666,
  "fwhm_x": 4.5291,
  "fwhm_y": 5.1058176,
  "fwhm_z": 4.71471104,
  "icvs_csf": 0.26800096270632334,
  "icvs_gm": 0.3787849156674613,
  "icvs_wm": 0.3532141216262154,
  "inu_med": 0.4446781873703003,
  "inu_range": 0.1921659171581268,
  "provenance": {
    "md5sum": "f9d85ff5c230db903e92aeb425ba7b3f",
    "settings": {
      "testing": false
    },
    "software": "mriqc",
    "version": "24.1.0.dev0+g5c3f8b6e.d20240820",
    "warnings": {
      "large_rot_frame": true,
      "small_air_mask": false
    }
  },
  "qi_1": 0.0,
  "qi_2": 0.001174156640816167,
  "rpve_csf": 6.440242844167349,
  "rpve_gm": 6.341200204707473,
  "rpve_wm": 6.422167150691755,
  "size_x": 176,
  "size_y": 224,
  "size_z": 256,
  "snr_csf": 2.3072682904709154,
  "snr_gm": 7.352739740212772,
  "snr_total": 7.418501568512448,
  "snr_wm": 12.595496674853656,
  "snrd_csf": 42.6435017267598,
  "snrd_gm": 69.64484561488281,
  "snrd_total": 66.97574725352813,
  "snrd_wm": 88.63889441894176,
  "spacing_x": 1.0,
  "spacing_y": 0.9765625,
  "spacing_z": 0.9765625,
  "summary_bg_k": 8.3182,
  "summary_bg_mad": 0.0,
  "summary_bg_mean": 4.2636,
  "summary_bg_median": 0.0,
  "summary_bg_n": 3572514.0,
  "summary_bg_p05": 0.0,
  "summary_bg_p95": 20.0,
  "summary_bg_stdv": 7.0363,
  "summary_csf_k": 0.1819,
  "summary_csf_mad": 155.3073,
  "summary_csf_mean": 467.3584,
  "summary_csf_median": 458.0,
  "summary_csf_n": 413907.9231482751,
  "summary_csf_p05": 151.0,
  "summary_csf_p95": 786.0,
  "summary_csf_stdv": 198.5029,
  "summary_gm_k": -0.6263,
  "summary_gm_mad": 70.4308,
  "summary_gm_mean": 751.1788,
  "summary_gm_median": 748.0,
  "summary_gm_n": 585005.6513999017,
  "summary_gm_p05": 585.0,
  "summary_gm_p95": 940.0,
  "summary_gm_stdv": 101.7307,
  "summary_wm_k": -0.4275,
  "summary_wm_mad": 57.6383,
  "summary_wm_mean": 935.6307,
  "summary_wm_median": 952.0,
  "summary_wm_n": 545513.4266407604,
  "summary_wm_p05": 788.0,
  "summary_wm_p95": 1035.0,
  "summary_wm_stdv": 75.5825,
  "tpm_overlap_csf": 0.20743762794822068,
  "tpm_overlap_gm": 0.5464552195779776,
  "tpm_overlap_wm": 0.5771213488527491,
  "wm2max": 0.441738224591151
}