{
  "aor": 0.0014624528301886792,
  "aqi": 0.026443739622641512,
  "bids_meta": {
    "AcquisitionMatrixPE": 64,
    "AcquisitionNumber": 1,
    "AcquisitionTime": "07:12:30.552500",
    "BandwidthPerPixelPhaseEncode": 72.674,
    "BaseResolution": 64,
    "CoilString": "T:HEA;HEP",
    "ConversionSoftware": "dcm2niix",
    "ConversionSoftwareVersion": "v1.0.20190902",
    "DerivedVendorReportedEchoSpacing": 0.000430002,
    "DeviceSerialNumber": "35002",
    "DwellTime": 2.7e-06,
    "EchoTime": 0.028,
    "EffectiveEchoSpacing": 0.000215001,
    "FileSize": 0.04813715070486069,
    "FileSizeUnits": "GB",
    "FlipAngle": 90,
    "ImageOrientationPatientDICOM": [
      1,
      0,
      0,
      0,
      0.960779,
      -0.277315
    ],
    "ImageType": [
      "ORIGINAL",
      "PRIMARY",
      "M",
      "ND",
      "MOSAIC"
    ],
    "ImagingFrequency": 123.256,
    "InPlanePhaseEncodingDirectionDICOM": "COL",
    "InstitutionAddress": "University_Pkwy_1700_North_685_Provo_UT_US_84601",
    "InstitutionName": "Brigham_Young_University",
    "InstitutionalDepartmentName": "MRI",
    "MRAcquisitionType": "2D",
    "MagneticFieldStrength": 3,
    "Manufacturer": "Siemens",
    "ManufacturersModelName": "TrioTim",
    "Modality": "MR",
    "NumberOfVolumes": 270,
    "ParallelReductionFactorInPlane": 2,
    "PartialFourier": 1,
    "PatientPosition": "HFS",
    "PercentPhaseFOV": 100,
    "PhaseEncodingDirection": "j-",
    "PhaseEncodingSteps": 63,
    "PhaseResolution": 1,
    "PixelBandwidth": 2894,
    "ProcedureStepDescription": "Research_KIRWAN",
    "ProtocolName": "EPI_Run_1",
    "PulseSequenceDetails": "%CustomerSeq%_ep2d_bold_PMU",
    "ReceiveCoilName": "HeadMatrix",
    "ReconMatrixPE": 64,
    "RefLinesPE": 24,
    "RepetitionTime": 2,
    "SAR": 0.171276,
    "ScanOptions": "FS",
    "ScanningSequence": "EP",
    "SequenceName": "epfid2d1_64",
    "SequenceVariant": "SK",
    "SeriesDescription": "EPI_Run_1",
    "SeriesNumber": 3,
    "ShimSetting": [
      -2673,
      -23087,
      2542,
      836,
      90,
      43,
      264,
      86
    ],
    "SliceThickness": 3,
    "SliceTiming": [
      1.0025,
      0,
      1.0525,
      0.05,
      1.1025,
      0.1,
      1.1525,
      0.15,
      1.2025,
      0.2,
      1.2525,
      0.25,
      1.3025,
      0.3,
      1.355,
      0.35,
      1.405,
      0.4,
      1.455,
      0.45,
      1.505,
      0.5,
      1.555,
      0.55,
      1.605,
      0.6,
      1.655,
      0.65,
      1.705,
      0.7025,
      1.755,
      0.7525,
      1.805,
      0.8025,
      1.855,
      0.8525,
      1.905,
      0.9025,
      1.955,
      0.9525
    ],
    "SoftwareVersions": "syngo_MR_B17",
    "SpacingBetweenSlices": 3,
    "StationName": "MININT-E41B04",
    "TaskName": "FoodStimHiLo",
    "TotalReadoutTime": 0.0135451,
    "TxRefAmp": 323.998,
    "dataset": "ds004656",
    "datatype": "func",
    "extension": ".nii.gz",
    "modality": "bold",
    "run": 1,
    "session": "AM",
    "subject": "1301",
    "suffix": "bold",
    "task": "FoodStimHiLo"
  },
  "dummy_trs": 5,
  "dvars_nstd": 30.521366140984856,
  "dvars_std": 0.965509989166667,
  "dvars_vstd": 0.9417661461742427,
  "efc": 0.5092,
  "fber": 864.221,
  "fd_mean": 0.13419927096187997,
  "fd_num": 37,
  "fd_perc": 13.962264150943396,
  "fwhm_avg": 2.4806007474747473,
  "fwhm_x": 2.3741265454545455,
  "fwhm_y": 2.511572363636364,
  "fwhm_z": 2.556103333333333,
  "gcor": 0.012379,
  "gsr_x": -0.00909137912094593,
  "gsr_y": 0.032920561730861664,
  "provenance": {
    "md5sum": "b99773383ca8085aadfa5e4a09b12db1",
    "settings": {
      "fd_thres": 0.2,
      "testing": false
    },
    "software": "mriqc",
    "version": "24.1.0.dev0+g5c3f8b6e.d20240820"
  },
  "size_t": 265,
  "size_x": 64,
  "size_y": 64,
  "size_z": 40,
  "snr": 3.566249644943815,
  "spacing_tr": 2.0,
  "spacing_x": 3.4375,
  "spacing_y": 3.4375,
  "spacing_z": 3.0,
  "summary_bg_k": 41.901,
  "summary_bg_mad": 8.1068,
  "summary_bg_mean": 41.7826,
  "summary_bg_median": 25.0,
  "summary_bg_n": 126968.0,
  "summary_bg_p05": 0.0,
  "summary_bg_p95": 123.0,
  "summary_bg_stdv": 55.3219,
  "summary_fg_k": 1.3302,
  "summary_fg_mad": 154.8117,
  "summary_fg_mean": 707.6198,
  "summary_fg_median": 746.0,
  "summary_fg_n": 36872.0,
  "summary_fg_p05": 227.0,
  "summary_fg_p95": 975.0,
  "summary_fg_stdv": 209.1805,
  "tsnr": 34.571978734689765
}