{
  "aor": 0.00035270370370370376,
  "aqi": 0.008772114925925925,
  "bids_meta": {
    "AcquisitionMatrixPE": 64,
    "AcquisitionNumber": 1,
    "AcquisitionTime": "18:16:53.410000",
    "BandwidthPerPixelPhaseEncode": 72.674,
    "BaseResolution": 64,
    "CoilString": "T:HEA;HEP",
    "ConversionSoftware": "dcm2niix",
    "ConversionSoftwareVersion": "v1.0.20190902",
    "DerivedVendorReportedEchoSpacing": 0.000430002,
    "DeviceSerialNumber": "35002",
    "DwellTime": 2.7e-06,
    "EchoTime": 0.028,
    "EffectiveEchoSpacing": 0.000215001,
    "FileSize": 0.04884166270494461,
    "FileSizeUnits": "GB",
    "FlipAngle": 90,
    "ImageOrientationPatientDICOM": [
      1,
      0,
      0,
      0,
      0.928486,
      -0.371368
    ],
    "ImageType": [
      "ORIGINAL",
      "PRIMARY",
      "M",
      "ND",
      "MOSAIC"
    ],
    "ImagingFrequency": 123.256,
    "InPlanePhaseEncodingDirectionDICOM": "COL",
    "InstitutionAddress": "University_Pkwy_1700_North_685_Provo_UT_US_84601",
    "InstitutionName": "Brigham_Young_University",
    "InstitutionalDepartmentName": "MRI",
    "MRAcquisitionType": "2D",
    "MagneticFieldStrength": 3,
    "Manufacturer": "Siemens",
    "ManufacturersModelName": "TrioTim",
    "Modality": "MR",
    "NumberOfVolumes": 270,
    "ParallelReductionFactorInPlane": 2,
    "PartialFourier": 1,
    "PatientPosition": "HFS",
    "PercentPhaseFOV": 100,
    "PhaseEncodingDirection": "j-",
    "PhaseEncodingSteps": 63,
    "PhaseResolution": 1,
    "PixelBandwidth": 2894,
    "ProcedureStepDescription": "Research_KIRWAN",
    "ProtocolName": "EPI_Run_1",
    "PulseSequenceDetails": "%CustomerSeq%_ep2d_bold_PMU",
    "ReceiveCoilName": "HeadMatrix",
    "ReconMatrixPE": 64,
    "RefLinesPE": 24,
    "RepetitionTime": 2,
    "SAR": 0.210824,
    "ScanOptions": "FS",
    "ScanningSequence": "EP",
    "SequenceName": "epfid2d1_64",
    "SequenceVariant": "SK",
    "SeriesDescription": "EPI_Run_1",
    "SeriesNumber": 3,
    "ShimSetting": [
      -2717,
      -23122,
      2582,
      592,
      31,
      11,
      173,
      -39
    ],
    "SliceThickness": 3,
    "SliceTiming": [
      1.005,
      0,
      1.055,
      0.05,
      1.105,
      0.1025,
      1.155,
      0.1525,
      1.205,
      0.2025,
      1.255,
      0.2525,
      1.305,
      0.3025,
      1.355,
      0.3525,
      1.405,
      0.4025,
      1.4575,
      0.4525,
      1.5075,
      0.5025,
      1.5575,
      0.5525,
      1.6075,
      0.6025,
      1.6575,
      0.6525,
      1.7075,
      0.7025,
      1.7575,
      0.7525,
      1.8075,
      0.805,
      1.8575,
      0.855,
      1.9075,
      0.905,
      1.9575,
      0.955
    ],
    "SoftwareVersions": "syngo_MR_B17",
    "SpacingBetweenSlices": 3,
    "StationName": "MININT-E41B04",
    "TaskName": "FoodStimHiLo",
    "TotalReadoutTime": 0.0135451,
    "TxRefAmp": 322.117,
    "dataset": "ds004656",
    "datatype": "func",
    "extension": ".nii.gz",
    "modality": "bold",
    "run": 1,
    "session": "PM",
    "subject": "1315",
    "suffix": "bold",
    "task": "FoodStimHiLo"
  },
  "dummy_trs": 0,
  "dvars_nstd": 29.779693993717455,
  "dvars_std": 1.0290402050557623,
  "dvars_vstd": 0.9941956202602232,
  "efc": 0.5087,
  "fber": 988.6951,
  "fd_mean": 0.08111257149709956,
  "fd_num": 25,
  "fd_perc": 9.25925925925926,
  "fwhm_avg": 2.2827238787878787,
  "fwhm_x": 2.163394909090909,
  "fwhm_y": 2.335176727272727,
  "fwhm_z": 2.3496,
  "gcor": 0.00416578,
  "gsr_x": -0.006754166912287474,
  "gsr_y": 0.02576485276222229,
  "provenance": {
    "md5sum": "7224f333140304e0a3bc2aaf3eb81631",
    "settings": {
      "fd_thres": 0.2,
      "testing": false
    },
    "software": "mriqc",
    "version": "24.1.0.dev0+g5c3f8b6e.d20240820"
  },
  "size_t": 270,
  "size_x": 64,
  "size_y": 64,
  "size_z": 40,
  "snr": 3.5282237904436804,
  "spacing_tr": 2.0,
  "spacing_x": 3.4375,
  "spacing_y": 3.4375,
  "spacing_z": 3.0,
  "summary_bg_k": 55.2868,
  "summary_bg_mad": 7.3965,
  "summary_bg_mean": 45.275,
  "summary_bg_median": 26.0,
  "summary_bg_n": 125881.0,
  "summary_bg_p05": 0.0,
  "summary_bg_p95": 137.0,
  "summary_bg_stdv": 71.0854,
  "summary_fg_k": 1.4271,
  "summary_fg_mad": 170.2247,
  "summary_fg_mean": 792.969,
  "summary_fg_median": 816.0,
  "summary_fg_n": 37959.0,
  "summary_fg_p05": 281.0,
  "summary_fg_p95": 1111.0,
  "summary_fg_stdv": 231.2748,
  "tsnr": 47.8568487779703
}