{
  "bids_meta": {
    "AcquisitionMatrixPE": 215,
    "AcquisitionNumber": 1,
    "AcquisitionTime": "18:39:46.542500",
    "BaseResolution": 256,
    "ConversionSoftware": "dcm2niix",
    "ConversionSoftwareVersion": "v1.0.20190902",
    "DeviceSerialNumber": "35002",
    "EchoTime": 0.00226,
    "FileSize": 0.009905596263706684,
    "FileSizeUnits": "GB",
    "FlipAngle": 9,
    "ImageOrientationPatientDICOM": [
      0,
      1,
      0,
      0,
      0,
      -1
    ],
    "ImageType": [
      "ORIGINAL",
      "PRIMARY",
      "M",
      "ND",
      "NORM"
    ],
    "ImagingFrequency": 123.256,
    "InPlanePhaseEncodingDirectionDICOM": "ROW",
    "InstitutionAddress": "University_Pkwy_1700_North_685_Provo_UT_US_84601",
    "InstitutionName": "Brigham_Young_University",
    "InversionTime": 0.9,
    "MRAcquisitionType": "3D",
    "MagneticFieldStrength": 3,
    "Manufacturer": "Siemens",
    "ManufacturersModelName": "TrioTim",
    "Modality": "MR",
    "NumberOfVolumes": 1,
    "PartialFourier": 0.875,
    "PatientPosition": "HFS",
    "PercentPhaseFOV": 87.5,
    "PhaseEncodingSteps": 227,
    "PhaseOversampling": 0.2,
    "PhaseResolution": 0.96,
    "PixelBandwidth": 199,
    "ProcedureStepDescription": "Research_KIRWAN",
    "ProtocolName": "t1_mpr_sag_iso_(mprage)",
    "PulseSequenceDetails": "%SiemensSeq%_tfl",
    "ReceiveCoilName": "HeadMatrix",
    "ReconMatrixPE": 224,
    "RepetitionTime": 1.9,
    "SAR": 0.111055,
    "ScanOptions": "IR_PFP",
    "ScanningSequence": "GR_IR",
    "SequenceName": "_tfl3d1_ns",
    "SequenceVariant": "SP_MP_OSP",
    "SeriesDescription": "t1_mpr_sag_iso_(mprage)",
    "SeriesNumber": 2,
    "ShimSetting": [
      -2655,
      -23109,
      2059,
      81,
      -13,
      -145,
      -152,
      15
    ],
    "SliceThickness": 1,
    "SoftwareVersions": "syngo_MR_B17",
    "StationName": "MININT-E41B04",
    "TxRefAmp": 309.319,
    "dataset": "ds004656",
    "datatype": "anat",
    "extension": ".nii.gz",
    "modality": "T1w",
    "session": "PM",
    "subject": "1303",
    "suffix": "T1w"
  },
  "cjv": 0.6354876595744682,
  "cnr": 1.492051411293389,
  "efc": 0.5654,
  "fber": 9004.1584,
  "fwhm_avg": 4.813112746666667,
  "fwhm_x": 4.58384,
  "fwhm_y": 5.10040064,
  "fwhm_z": 4.7550976,
  "icvs_csf": 0.2755089049169177,
  "icvs_gm": 0.37549394274199976,
  "icvs_wm": 0.3489971523410825,
  "inu_med": 0.48477843403816223,
  "inu_range": 0.2000691369175911,
  "provenance": {
    "md5sum": "f8fce44d2fa9c2d5c1c3ebd6286fd31a",
    "settings": {
      "testing": false
    },
    "software": "mriqc",
    "version": "24.1.0.dev0+g5c3f8b6e.d20240820",
    "warnings": {
      "large_rot_frame": true,
      "small_air_mask": false
    }
  },
  "qi_1": 0.0,
  "qi_2": 0.0012354009610236324,
  "rpve_csf": 6.315828117627792,
  "rpve_gm": 6.19946861749988,
  "rpve_wm": 6.290804976926955,
  "size_x": 176,
  "size_y": 224,
  "size_z": 256,
  "snr_csf": 2.319136522069147,
  "snr_gm": 5.91528371914294,
  "snr_total": 6.00169673218812,
  "snr_wm": 9.770669955352274,
  "snrd_csf": 8.195262796418024,
  "snrd_gm": 13.967407025625912,
  "snrd_total": 13.58653744053597,
  "snrd_wm": 18.596942499563976,
  "spacing_x": 1.0,
  "spacing_y": 0.9765625,
  "spacing_z": 0.9765625,
  "summary_bg_k": 1026.5693,
  "summary_bg_mad": 0.0,
  "summary_bg_mean": 5.4281,
  "summary_bg_median": 0.0,
  "summary_bg_n": 2898174.0,
  "summary_bg_p05": 0.0,
  "summary_bg_p95": 18.0,
  "summary_bg_stdv": 33.2554,
  "summary_csf_k": -0.4979,
  "summary_csf_mad": 143.2301,
  "summary_csf_mean": 430.3366,
  "summary_csf_median": 416.0,
  "summary_csf_n": 433338.5894497789,
  "summary_csf_p05": 162.0,
  "summary_csf_p95": 729.0,
  "summary_csf_stdv": 179.3769,
  "summary_gm_k": -0.5552,
  "summary_gm_mad": 76.7882,
  "summary_gm_mean": 712.5535,
  "summary_gm_median": 709.0,
  "summary_gm_n": 590601.6560293133,
  "summary_gm_p05": 516.0,
  "summary_gm_p95": 939.0,
  "summary_gm_stdv": 119.8589,
  "summary_wm_k": -0.5344,
  "summary_wm_mad": 72.5514,
  "summary_wm_mean": 916.0489,
  "summary_wm_median": 944.0,
  "summary_wm_n": 548925.7552785102,
  "summary_wm_p05": 729.0,
  "summary_wm_p95": 1035.0,
  "summary_wm_stdv": 96.6156,
  "tpm_overlap_csf": 0.2086032399706037,
  "tpm_overlap_gm": 0.5524787090602811,
  "tpm_overlap_wm": 0.5657004370101306,
  "wm2max": 0.44820242476187966
}