{
  "bids_meta": {
    "AcquisitionMatrixPE": 215,
    "AcquisitionNumber": 1,
    "AcquisitionTime": "18:36:34.365000",
    "BaseResolution": 256,
    "CoilString": "C:HEA;HEP",
    "ConversionSoftware": "dcm2niix",
    "ConversionSoftwareVersion": "v1.0.20190902",
    "DeviceSerialNumber": "35002",
    "DwellTime": 9.8e-06,
    "EchoTime": 0.00226,
    "FileSize": 0.010168187320232391,
    "FileSizeUnits": "GB",
    "FlipAngle": 9,
    "ImageOrientationPatientDICOM": [
      0,
      1,
      0,
      0,
      0,
      -1
    ],
    "ImageType": [
      "ORIGINAL",
      "PRIMARY",
      "M",
      "ND",
      "NORM"
    ],
    "ImagingFrequency": 123.256,
    "InPlanePhaseEncodingDirectionDICOM": "ROW",
    "InstitutionAddress": "University_Pkwy_1700_North_685_Provo_UT_US_84601",
    "InstitutionName": "Brigham_Young_University",
    "InstitutionalDepartmentName": "MRI",
    "InversionTime": 0.9,
    "MRAcquisitionType": "3D",
    "MagneticFieldStrength": 3,
    "Manufacturer": "Siemens",
    "ManufacturersModelName": "TrioTim",
    "Modality": "MR",
    "NumberOfVolumes": 1,
    "PartialFourier": 0.875,
    "PatientPosition": "HFS",
    "PercentPhaseFOV": 87.5,
    "PhaseEncodingSteps": 227,
    "PhaseOversampling": 0.2,
    "PhaseResolution": 0.96,
    "PixelBandwidth": 199,
    "ProcedureStepDescription": "Research_KIRWAN",
    "ProtocolName": "t1_mpr_sag_iso_(mprage)",
    "PulseSequenceDetails": "%SiemensSeq%_tfl",
    "ReceiveCoilName": "HeadMatrix",
    "ReconMatrixPE": 224,
    "RepetitionTime": 1.9,
    "SAR": 0.101477,
    "ScanOptions": "IR_PFP",
    "ScanningSequence": "GR_IR",
    "SequenceName": "_tfl3d1_ns",
    "SequenceVariant": "SP_MP_OSP",
    "SeriesDescription": "t1_mpr_sag_iso_(mprage)",
    "SeriesNumber": 3,
    "ShimSetting": [
      -2655,
      -23109,
      2059,
      81,
      -13,
      -145,
      -152,
      15
    ],
    "SliceThickness": 1,
    "SoftwareVersions": "syngo_MR_B17",
    "StationName": "MININT-E41B04",
    "TxRefAmp": 315.039,
    "dataset": "ds004656",
    "datatype": "anat",
    "extension": ".nii.gz",
    "modality": "T1w",
    "session": "PM",
    "subject": "1304",
    "suffix": "T1w"
  },
  "cjv": 0.5531965957446808,
  "cnr": 1.9183257321173022,
  "efc": 0.5498,
  "fber": -1.0,
  "fwhm_avg": 4.853254773333333,
  "fwhm_x": 4.60502,
  "fwhm_y": 5.217187839999999,
  "fwhm_z": 4.73755648,
  "icvs_csf": 0.26242888153123334,
  "icvs_gm": 0.3863610167488003,
  "icvs_wm": 0.35121010171996636,
  "inu_med": 0.43237948417663574,
  "inu_range": 0.18338140845298767,
  "provenance": {
    "md5sum": "53980e35392ee6caee10925864318c0b",
    "settings": {
      "testing": false
    },
    "software": "mriqc",
    "version": "24.1.0.dev0+g5c3f8b6e.d20240820",
    "warnings": {
      "large_rot_frame": true,
      "small_air_mask": false
    }
  },
  "qi_1": 0.0,
  "qi_2": 0.001568291946921479,
  "rpve_csf": 6.137938795095048,
  "rpve_gm": 6.066647585010473,
  "rpve_wm": 6.151453756109063,
  "size_x": 176,
  "size_y": 224,
  "size_z": 256,
  "snr_csf": 2.2436391875613593,
  "snr_gm": 7.3727290489032855,
  "snr_total": 7.751955917343955,
  "snr_wm": 13.639499515567222,
  "snrd_csf": 43.07503450061865,
  "snrd_gm": 69.18397226138751,
  "snrd_total": 67.86438695939918,
  "snrd_wm": 91.3341541161914,
  "spacing_x": 1.0,
  "spacing_y": 0.9765625,
  "spacing_z": 0.9765625,
  "summary_bg_k": 6.2069,
  "summary_bg_mad": 0.0,
  "summary_bg_mean": 4.0474,
  "summary_bg_median": 0.0,
  "summary_bg_n": 3479491.0,
  "summary_bg_p05": 0.0,
  "summary_bg_p95": 18.0,
  "summary_bg_stdv": 6.9506,
  "summary_csf_k": -0.3252,
  "summary_csf_mad": 153.1822,
  "summary_csf_mean": 460.598,
  "summary_csf_median": 457.0,
  "summary_csf_n": 424804.39037231647,
  "summary_csf_p05": 127.0,
  "summary_csf_p95": 781.0,
  "summary_csf_stdv": 203.6867,
  "summary_gm_k": -0.7123,
  "summary_gm_mad": 76.2789,
  "summary_gm_mean": 737.008,
  "summary_gm_median": 734.0,
  "summary_gm_n": 625418.4189862828,
  "summary_gm_p05": 576.0,
  "summary_gm_p95": 918.0,
  "summary_gm_stdv": 99.556,
  "summary_wm_k": -0.3065,
  "summary_wm_mad": 53.7223,
  "summary_wm_mean": 954.7891,
  "summary_wm_median": 969.0,
  "summary_wm_n": 568518.1916076293,
  "summary_wm_p05": 813.0,
  "summary_wm_p95": 1048.0,
  "summary_wm_stdv": 71.0436,
  "tpm_overlap_csf": 0.22242077129524823,
  "tpm_overlap_gm": 0.5427807379879053,
  "tpm_overlap_wm": 0.5609680559183622,
  "wm2max": 0.4548810540883076
}