{
  "bids_meta": {
    "AcquisitionMatrixPE": 215,
    "AcquisitionNumber": 1,
    "AcquisitionTime": "06:40:43.872500",
    "BaseResolution": 256,
    "CoilString": "C:HEA;HEP",
    "ConversionSoftware": "dcm2niix",
    "ConversionSoftwareVersion": "v1.0.20190902",
    "DeviceSerialNumber": "35002",
    "DwellTime": 9.8e-06,
    "EchoTime": 0.00226,
    "FileSize": 0.00974318664520979,
    "FileSizeUnits": "GB",
    "FlipAngle": 9,
    "ImageOrientationPatientDICOM": [
      0,
      1,
      0,
      0,
      0,
      -1
    ],
    "ImageType": [
      "ORIGINAL",
      "PRIMARY",
      "M",
      "ND",
      "NORM"
    ],
    "ImagingFrequency": 123.256,
    "InPlanePhaseEncodingDirectionDICOM": "ROW",
    "InstitutionAddress": "University_Pkwy_1700_North_685_Provo_UT_US_84601",
    "InstitutionName": "Brigham_Young_University",
    "InstitutionalDepartmentName": "MRI",
    "InversionTime": 0.9,
    "MRAcquisitionType": "3D",
    "MagneticFieldStrength": 3,
    "Manufacturer": "Siemens",
    "ManufacturersModelName": "TrioTim",
    "Modality": "MR",
    "NumberOfVolumes": 1,
    "PartialFourier": 0.875,
    "PatientPosition": "HFS",
    "PercentPhaseFOV": 87.5,
    "PhaseEncodingSteps": 227,
    "PhaseOversampling": 0.2,
    "PhaseResolution": 0.96,
    "PixelBandwidth": 199,
    "ProcedureStepDescription": "Research_KIRWAN",
    "ProtocolName": "t1_mpr_sag_iso_(mprage)",
    "PulseSequenceDetails": "%SiemensSeq%_tfl",
    "ReceiveCoilName": "HeadMatrix",
    "ReconMatrixPE": 224,
    "RepetitionTime": 1.9,
    "SAR": 0.106822,
    "ScanOptions": "IR_PFP",
    "ScanningSequence": "GR_IR",
    "SequenceName": "_tfl3d1_ns",
    "SequenceVariant": "SP_MP_OSP",
    "SeriesDescription": "t1_mpr_sag_iso_(mprage)",
    "SeriesNumber": 2,
    "ShimSetting": [
      -2655,
      -23109,
      2059,
      81,
      -13,
      -145,
      -152,
      15
    ],
    "SliceThickness": 1,
    "SoftwareVersions": "syngo_MR_B17",
    "StationName": "MININT-E41B04",
    "TxRefAmp": 318.727,
    "dataset": "ds004656",
    "datatype": "anat",
    "extension": ".nii.gz",
    "modality": "T1w",
    "session": "AM",
    "subject": "1307",
    "suffix": "T1w"
  },
  "cjv": 0.5334113821138211,
  "cnr": 1.8832357554588814,
  "efc": 0.5399,
  "fber": 21472.1834,
  "fwhm_avg": 4.720055386666666,
  "fwhm_x": 4.47457,
  "fwhm_y": 5.02853632,
  "fwhm_z": 4.65705984,
  "icvs_csf": 0.271162299407818,
  "icvs_gm": 0.38192306967186024,
  "icvs_wm": 0.3469146309203217,
  "inu_med": 0.4224555194377899,
  "inu_range": 0.16559282690286636,
  "provenance": {
    "md5sum": "929e39776d3e7bd09309c66ea99602a0",
    "settings": {
      "testing": false
    },
    "software": "mriqc",
    "version": "24.1.0.dev0+g5c3f8b6e.d20240820",
    "warnings": {
      "large_rot_frame": true,
      "small_air_mask": false
    }
  },
  "qi_1": 0.0,
  "qi_2": 0.0012989947065131199,
  "rpve_csf": 6.8883869593968425,
  "rpve_gm": 6.811907692398943,
  "rpve_wm": 6.907426778471599,
  "size_x": 176,
  "size_y": 224,
  "size_z": 256,
  "snr_csf": 2.483683764992403,
  "snr_gm": 6.7764332130940295,
  "snr_total": 7.385835948463044,
  "snr_wm": 12.8973908673027,
  "snrd_csf": 50.79434597388557,
  "snrd_gm": 80.00939463860408,
  "snrd_total": 79.34541625986047,
  "snrd_wm": 107.23250816709177,
  "spacing_x": 1.0,
  "spacing_y": 0.9765625,
  "spacing_z": 0.9765625,
  "summary_bg_k": 7.1611,
  "summary_bg_mad": 0.0,
  "summary_bg_mean": 3.4532,
  "summary_bg_median": 0.0,
  "summary_bg_n": 3687826.0,
  "summary_bg_p05": 0.0,
  "summary_bg_p95": 16.0,
  "summary_bg_stdv": 5.9201,
  "summary_csf_k": -0.0639,
  "summary_csf_mad": 136.6337,
  "summary_csf_mean": 465.744,
  "summary_csf_median": 459.0,
  "summary_csf_n": 391307.80669444473,
  "summary_csf_p05": 182.0,
  "summary_csf_p95": 761.0,
  "summary_csf_stdv": 184.8059,
  "summary_gm_k": -0.6092,
  "summary_gm_mad": 76.6741,
  "summary_gm_mean": 725.638,
  "summary_gm_median": 723.0,
  "summary_gm_n": 551144.0161323413,
  "summary_gm_p05": 550.0,
  "summary_gm_p95": 920.0,
  "summary_gm_stdv": 106.6932,
  "summary_wm_k": -0.3282,
  "summary_wm_mad": 54.5451,
  "summary_wm_mean": 949.3686,
  "summary_wm_median": 969.0,
  "summary_wm_n": 500624.1783319603,
  "summary_wm_p05": 797.0,
  "summary_wm_p95": 1042.0,
  "summary_wm_stdv": 75.1314,
  "tpm_overlap_csf": 0.22601949859841147,
  "tpm_overlap_gm": 0.543629017067232,
  "tpm_overlap_wm": 0.5660284569956849,
  "wm2max": 0.49304875590506014
}