{
  "aor": 0.004495858208955226,
  "aqi": 0.012624876828358209,
  "bids_meta": {
    "AcquisitionMatrixPE": 64,
    "AcquisitionNumber": 1,
    "AcquisitionTime": "08:00:47.290000",
    "BandwidthPerPixelPhaseEncode": 72.674,
    "BaseResolution": 64,
    "CoilString": "T:HEA;HEP",
    "ConversionSoftware": "dcm2niix",
    "ConversionSoftwareVersion": "v1.0.20190902",
    "DerivedVendorReportedEchoSpacing": 0.000430002,
    "DeviceSerialNumber": "35002",
    "DwellTime": 2.7e-06,
    "EchoTime": 0.028,
    "EffectiveEchoSpacing": 0.000215001,
    "FileSize": 0.048044017516076565,
    "FileSizeUnits": "GB",
    "FlipAngle": 90,
    "ImageOrientationPatientDICOM": [
      1,
      -1e-16,
      0,
      1e-16,
      0.893371,
      -0.449319
    ],
    "ImageType": [
      "ORIGINAL",
      "PRIMARY",
      "M",
      "ND",
      "MOSAIC"
    ],
    "ImagingFrequency": 123.256,
    "InPlanePhaseEncodingDirectionDICOM": "COL",
    "InstitutionAddress": "University_Pkwy_1700_North_685_Provo_UT_US_84601",
    "InstitutionName": "Brigham_Young_University",
    "InstitutionalDepartmentName": "MRI",
    "MRAcquisitionType": "2D",
    "MagneticFieldStrength": 3,
    "Manufacturer": "Siemens",
    "ManufacturersModelName": "TrioTim",
    "Modality": "MR",
    "NumberOfVolumes": 270,
    "ParallelReductionFactorInPlane": 2,
    "PartialFourier": 1,
    "PatientPosition": "HFS",
    "PercentPhaseFOV": 100,
    "PhaseEncodingDirection": "j-",
    "PhaseEncodingSteps": 63,
    "PhaseResolution": 1,
    "PixelBandwidth": 2894,
    "ProcedureStepDescription": "Research_KIRWAN",
    "ProtocolName": "EPI_Run_1",
    "PulseSequenceDetails": "%CustomerSeq%_ep2d_bold_PMU",
    "ReceiveCoilName": "HeadMatrix",
    "ReconMatrixPE": 64,
    "RefLinesPE": 24,
    "RepetitionTime": 2,
    "SAR": 0.187263,
    "ScanOptions": "FS",
    "ScanningSequence": "EP",
    "SequenceName": "epfid2d1_64",
    "SequenceVariant": "SK",
    "SeriesDescription": "EPI_Run_1",
    "SeriesNumber": 3,
    "ShimSetting": [
      -2694,
      -23131,
      2575,
      780,
      26,
      102,
      -275,
      45
    ],
    "SliceThickness": 3,
    "SliceTiming": [
      1.0025,
      0,
      1.0525,
      0.05,
      1.1025,
      0.1,
      1.1525,
      0.15,
      1.2025,
      0.2,
      1.255,
      0.25,
      1.305,
      0.3,
      1.355,
      0.35,
      1.405,
      0.4,
      1.455,
      0.45,
      1.505,
      0.5,
      1.555,
      0.55,
      1.605,
      0.6025,
      1.655,
      0.6525,
      1.705,
      0.7025,
      1.755,
      0.7525,
      1.805,
      0.8025,
      1.855,
      0.8525,
      1.9075,
      0.9025,
      1.9575,
      0.9525
    ],
    "SoftwareVersions": "syngo_MR_B17",
    "SpacingBetweenSlices": 3,
    "StationName": "MININT-E41B04",
    "TaskName": "FoodStimHiLo",
    "TotalReadoutTime": 0.0135451,
    "TxRefAmp": 317.061,
    "dataset": "ds004656",
    "datatype": "func",
    "extension": ".nii.gz",
    "modality": "bold",
    "run": 1,
    "session": "AM",
    "subject": "1311",
    "suffix": "bold",
    "task": "FoodStimHiLo"
  },
  "dummy_trs": 2,
  "dvars_nstd": 29.761149631722823,
  "dvars_std": 1.08037091505618,
  "dvars_vstd": 1.0252254202996258,
  "efc": 0.4917,
  "fber": 1083.6978,
  "fd_mean": 0.09699578569565548,
  "fd_num": 15,
  "fd_perc": 5.597014925373134,
  "fwhm_avg": 2.339195777777778,
  "fwhm_x": 2.237693090909091,
  "fwhm_y": 2.324130909090909,
  "fwhm_z": 2.455763333333333,
  "gcor": 0.00890417,
  "gsr_x": -0.00563617842271924,
  "gsr_y": 0.019932620227336884,
  "provenance": {
    "md5sum": "981eebd37d52e0a73051e412808f558b",
    "settings": {
      "fd_thres": 0.2,
      "testing": false
    },
    "software": "mriqc",
    "version": "24.1.0.dev0+g5c3f8b6e.d20240820"
  },
  "size_t": 268,
  "size_x": 64,
  "size_y": 64,
  "size_z": 40,
  "snr": 3.576435420791072,
  "spacing_tr": 2.0,
  "spacing_x": 3.4375,
  "spacing_y": 3.4375,
  "spacing_z": 3.0,
  "summary_bg_k": 33.1169,
  "summary_bg_mad": 7.2913,
  "summary_bg_mean": 43.808,
  "summary_bg_median": 25.0,
  "summary_bg_n": 129247.0,
  "summary_bg_p05": 0.0,
  "summary_bg_p95": 141.0,
  "summary_bg_stdv": 62.9429,
  "summary_fg_k": 1.6566,
  "summary_fg_mad": 157.366,
  "summary_fg_mean": 802.4983,
  "summary_fg_median": 831.0,
  "summary_fg_n": 34593.0,
  "summary_fg_p05": 281.0,
  "summary_fg_p95": 1119.0,
  "summary_fg_stdv": 232.3509,
  "tsnr": 45.240773290162906
}