{
  "bids_meta": {
    "AcquisitionMatrixPE": 215,
    "AcquisitionNumber": 1,
    "AcquisitionTime": "07:14:16.600000",
    "BaseResolution": 256,
    "CoilString": "C:HEA;HEP",
    "ConversionSoftware": "dcm2niix",
    "ConversionSoftwareVersion": "v1.0.20190902",
    "DeviceSerialNumber": "35002",
    "DwellTime": 9.8e-06,
    "EchoTime": 0.00226,
    "FileSize": 0.010134609416127205,
    "FileSizeUnits": "GB",
    "FlipAngle": 9,
    "ImageOrientationPatientDICOM": [
      0,
      1,
      0,
      0,
      0,
      -1
    ],
    "ImageType": [
      "ORIGINAL",
      "PRIMARY",
      "M",
      "ND",
      "NORM"
    ],
    "ImagingFrequency": 123.256,
    "InPlanePhaseEncodingDirectionDICOM": "ROW",
    "InstitutionAddress": "University_Pkwy_1700_North_685_Provo_UT_US_84601",
    "InstitutionName": "Brigham_Young_University",
    "InstitutionalDepartmentName": "MRI",
    "InversionTime": 0.9,
    "MRAcquisitionType": "3D",
    "MagneticFieldStrength": 3,
    "Manufacturer": "Siemens",
    "ManufacturersModelName": "TrioTim",
    "Modality": "MR",
    "NumberOfVolumes": 1,
    "PartialFourier": 0.875,
    "PatientPosition": "HFS",
    "PercentPhaseFOV": 87.5,
    "PhaseEncodingSteps": 227,
    "PhaseOversampling": 0.2,
    "PhaseResolution": 0.96,
    "PixelBandwidth": 199,
    "ProcedureStepDescription": "Research_KIRWAN",
    "ProtocolName": "t1_mpr_sag_iso_(mprage)",
    "PulseSequenceDetails": "%SiemensSeq%_tfl",
    "ReceiveCoilName": "HeadMatrix",
    "ReconMatrixPE": 224,
    "RepetitionTime": 1.9,
    "SAR": 0.114098,
    "ScanOptions": "IR_PFP",
    "ScanningSequence": "GR_IR",
    "SequenceName": "_tfl3d1_ns",
    "SequenceVariant": "SP_MP_OSP",
    "SeriesDescription": "t1_mpr_sag_iso_(mprage)",
    "SeriesNumber": 2,
    "ShimSetting": [
      -2655,
      -23109,
      2059,
      81,
      -13,
      -145,
      -152,
      15
    ],
    "SliceThickness": 1,
    "SoftwareVersions": "syngo_MR_B17",
    "StationName": "MININT-E41B04",
    "TxRefAmp": 322.57,
    "dataset": "ds004656",
    "datatype": "anat",
    "extension": ".nii.gz",
    "modality": "T1w",
    "session": "AM",
    "subject": "1304",
    "suffix": "T1w"
  },
  "cjv": 0.5670741228070175,
  "cnr": 1.8815666005407528,
  "efc": 0.5533,
  "fber": -1.0,
  "fwhm_avg": 4.847331813333333,
  "fwhm_x": 4.60299,
  "fwhm_y": 5.22704896,
  "fwhm_z": 4.71195648,
  "icvs_csf": 0.26271348943248235,
  "icvs_gm": 0.38582978911174254,
  "icvs_wm": 0.35145672145577506,
  "inu_med": 0.41838960349559784,
  "inu_range": 0.17768175899982452,
  "provenance": {
    "md5sum": "9920a9cb01b0f0a9d729193de8670c4b",
    "settings": {
      "testing": false
    },
    "software": "mriqc",
    "version": "24.1.0.dev0+g5c3f8b6e.d20240820",
    "warnings": {
      "large_rot_frame": true,
      "small_air_mask": false
    }
  },
  "qi_1": 0.0,
  "qi_2": 0.0012392962130519216,
  "rpve_csf": 6.157623208680554,
  "rpve_gm": 6.083351406812247,
  "rpve_wm": 6.1663376930461355,
  "size_x": 176,
  "size_y": 224,
  "size_z": 256,
  "snr_csf": 2.2562908387040177,
  "snr_gm": 7.542379090588541,
  "snr_total": 7.827381744756528,
  "snr_wm": 13.683475304977025,
  "snrd_csf": 41.638501153085876,
  "snrd_gm": 66.54965627059082,
  "snrd_total": 65.08076746101472,
  "snrd_wm": 87.05414495936745,
  "spacing_x": 1.0,
  "spacing_y": 0.9765625,
  "spacing_z": 0.9765625,
  "summary_bg_k": 116.1163,
  "summary_bg_mad": 0.0,
  "summary_bg_mean": 4.0538,
  "summary_bg_median": 0.0,
  "summary_bg_n": 3544122.0,
  "summary_bg_p05": 0.0,
  "summary_bg_p95": 18.0,
  "summary_bg_stdv": 7.2848,
  "summary_csf_k": -0.3311,
  "summary_csf_mad": 154.4375,
  "summary_csf_mean": 465.8515,
  "summary_csf_median": 463.0,
  "summary_csf_n": 423998.55514699384,
  "summary_csf_p05": 130.0,
  "summary_csf_p95": 788.0,
  "summary_csf_stdv": 205.2038,
  "summary_gm_k": -0.7302,
  "summary_gm_mad": 75.6747,
  "summary_gm_mean": 743.1891,
  "summary_gm_median": 740.0,
  "summary_gm_n": 622698.4136575572,
  "summary_gm_p05": 585.0,
  "summary_gm_p95": 922.0,
  "summary_gm_stdv": 98.1122,
  "summary_wm_k": -0.3096,
  "summary_wm_mad": 53.6182,
  "summary_wm_mean": 953.5805,
  "summary_wm_median": 968.0,
  "summary_wm_n": 567223.0322693257,
  "summary_wm_p05": 813.0,
  "summary_wm_p95": 1047.0,
  "summary_wm_stdv": 70.7422,
  "tpm_overlap_csf": 0.21937200669660645,
  "tpm_overlap_gm": 0.5427454840107604,
  "tpm_overlap_wm": 0.5622395993307617,
  "wm2max": 0.46164180537169575
}