{
  "bids_meta": {
    "AcquisitionMatrixPE": 215,
    "AcquisitionNumber": 1,
    "AcquisitionTime": "07:45:42.307500",
    "BaseResolution": 256,
    "CoilString": "C:HEA;HEP",
    "ConversionSoftware": "dcm2niix",
    "ConversionSoftwareVersion": "v1.0.20190902",
    "DeviceSerialNumber": "35002",
    "DwellTime": 9.8e-06,
    "EchoTime": 0.00226,
    "FileSize": 0.009818715043365955,
    "FileSizeUnits": "GB",
    "FlipAngle": 9,
    "ImageOrientationPatientDICOM": [
      0,
      1,
      0,
      0,
      0,
      -1
    ],
    "ImageType": [
      "ORIGINAL",
      "PRIMARY",
      "M",
      "ND",
      "NORM"
    ],
    "ImagingFrequency": 123.256,
    "InPlanePhaseEncodingDirectionDICOM": "ROW",
    "InstitutionAddress": "University_Pkwy_1700_North_685_Provo_UT_US_84601",
    "InstitutionName": "Brigham_Young_University",
    "InstitutionalDepartmentName": "MRI",
    "InversionTime": 0.9,
    "MRAcquisitionType": "3D",
    "MagneticFieldStrength": 3,
    "Manufacturer": "Siemens",
    "ManufacturersModelName": "TrioTim",
    "Modality": "MR",
    "NumberOfVolumes": 1,
    "PartialFourier": 0.875,
    "PatientPosition": "HFS",
    "PercentPhaseFOV": 87.5,
    "PhaseEncodingSteps": 227,
    "PhaseOversampling": 0.2,
    "PhaseResolution": 0.96,
    "PixelBandwidth": 199,
    "ProcedureStepDescription": "Research_KIRWAN",
    "ProtocolName": "t1_mpr_sag_iso_(mprage)",
    "PulseSequenceDetails": "%SiemensSeq%_tfl",
    "ReceiveCoilName": "HeadMatrix",
    "ReconMatrixPE": 224,
    "RepetitionTime": 1.9,
    "SAR": 0.11247,
    "ScanOptions": "IR_PFP",
    "ScanningSequence": "GR_IR",
    "SequenceName": "_tfl3d1_ns",
    "SequenceVariant": "SP_MP_OSP",
    "SeriesDescription": "t1_mpr_sag_iso_(mprage)",
    "SeriesNumber": 2,
    "ShimSetting": [
      -2655,
      -23109,
      2059,
      81,
      -13,
      -145,
      -152,
      15
    ],
    "SliceThickness": 1,
    "SoftwareVersions": "syngo_MR_B17",
    "StationName": "MININT-E41B04",
    "TxRefAmp": 320.434,
    "dataset": "ds004656",
    "datatype": "anat",
    "extension": ".nii.gz",
    "modality": "T1w",
    "session": "AM",
    "subject": "1303",
    "suffix": "T1w"
  },
  "cjv": 0.6691538116591927,
  "cnr": 1.3678078467236685,
  "efc": 0.5662,
  "fber": 9666.1255,
  "fwhm_avg": 4.84887376,
  "fwhm_x": 4.57494,
  "fwhm_y": 5.1986022400000005,
  "fwhm_z": 4.77307904,
  "icvs_csf": 0.2716617923433743,
  "icvs_gm": 0.37557328504100507,
  "icvs_wm": 0.35276492261562065,
  "inu_med": 0.48684529960155487,
  "inu_range": 0.20469538867473602,
  "provenance": {
    "md5sum": "a226b7a126868d233192e0fb06a6a384",
    "settings": {
      "testing": false
    },
    "software": "mriqc",
    "version": "24.1.0.dev0+g5c3f8b6e.d20240820",
    "warnings": {
      "large_rot_frame": true,
      "small_air_mask": false
    }
  },
  "qi_1": 0.0,
  "qi_2": 0.0009596820295846098,
  "rpve_csf": 6.332603684996166,
  "rpve_gm": 6.2172346850336915,
  "rpve_wm": 6.3116571130263015,
  "size_x": 176,
  "size_y": 224,
  "size_z": 256,
  "snr_csf": 2.4109957060555693,
  "snr_gm": 6.04281472698154,
  "snr_total": 6.277197451772676,
  "snr_wm": 10.377781922280919,
  "snrd_csf": 4.426631285559624,
  "snrd_gm": 7.223457415981387,
  "snrd_total": 7.039014445749736,
  "snrd_wm": 9.466954635708197,
  "spacing_x": 1.0,
  "spacing_y": 0.9765625,
  "spacing_z": 0.9765625,
  "summary_bg_k": 521.9704,
  "summary_bg_mad": 0.0,
  "summary_bg_mean": 7.586,
  "summary_bg_median": 0.0,
  "summary_bg_n": 3053689.0,
  "summary_bg_p05": 0.0,
  "summary_bg_p95": 19.0,
  "summary_bg_stdv": 65.1195,
  "summary_csf_k": -0.1531,
  "summary_csf_mad": 139.3483,
  "summary_csf_mean": 450.8461,
  "summary_csf_median": 440.0,
  "summary_csf_n": 425835.292977349,
  "summary_csf_p05": 172.0,
  "summary_csf_p95": 749.0,
  "summary_csf_stdv": 182.497,
  "summary_gm_k": -0.6501,
  "summary_gm_mad": 78.3858,
  "summary_gm_mean": 721.4183,
  "summary_gm_median": 718.0,
  "summary_gm_n": 588718.636103788,
  "summary_gm_p05": 528.0,
  "summary_gm_p95": 942.0,
  "summary_gm_stdv": 118.8187,
  "summary_wm_k": -0.5577,
  "summary_wm_mad": 70.8355,
  "summary_wm_mean": 918.956,
  "summary_wm_median": 941.0,
  "summary_wm_n": 552966.0718143254,
  "summary_wm_p05": 745.0,
  "summary_wm_p95": 1036.0,
  "summary_wm_stdv": 90.6744,
  "tpm_overlap_csf": 0.21563183617567028,
  "tpm_overlap_gm": 0.5524332722901169,
  "tpm_overlap_wm": 0.5644441721115562,
  "wm2max": 0.44354859321031564
}