{
  "aor": 0.0027185820895522387,
  "aqi": 0.04339455339552238,
  "bids_meta": {
    "AcquisitionMatrixPE": 64,
    "AcquisitionNumber": 1,
    "AcquisitionTime": "18:13:33.632500",
    "BandwidthPerPixelPhaseEncode": 72.674,
    "BaseResolution": 64,
    "CoilString": "T:HEA;HEP",
    "ConversionSoftware": "dcm2niix",
    "ConversionSoftwareVersion": "v1.0.20190902",
    "DerivedVendorReportedEchoSpacing": 0.000430002,
    "DeviceSerialNumber": "35002",
    "DwellTime": 2.7e-06,
    "EchoTime": 0.028,
    "EffectiveEchoSpacing": 0.000215001,
    "FileSize": 0.047281346283853054,
    "FileSizeUnits": "GB",
    "FlipAngle": 90,
    "ImageOrientationPatientDICOM": [
      1,
      0,
      0,
      0,
      0.882127,
      -0.471012
    ],
    "ImageType": [
      "ORIGINAL",
      "PRIMARY",
      "M",
      "ND",
      "MOSAIC"
    ],
    "ImagingFrequency": 123.256,
    "InPlanePhaseEncodingDirectionDICOM": "COL",
    "InstitutionAddress": "University_Pkwy_1700_North_685_Provo_UT_US_84601",
    "InstitutionName": "Brigham_Young_University",
    "InstitutionalDepartmentName": "MRI",
    "MRAcquisitionType": "2D",
    "MagneticFieldStrength": 3,
    "Manufacturer": "Siemens",
    "ManufacturersModelName": "TrioTim",
    "Modality": "MR",
    "NumberOfVolumes": 270,
    "ParallelReductionFactorInPlane": 2,
    "PartialFourier": 1,
    "PatientPosition": "HFS",
    "PercentPhaseFOV": 100,
    "PhaseEncodingDirection": "j-",
    "PhaseEncodingSteps": 63,
    "PhaseResolution": 1,
    "PixelBandwidth": 2894,
    "ProcedureStepDescription": "Research_KIRWAN",
    "ProtocolName": "EPI_Run_1",
    "PulseSequenceDetails": "%CustomerSeq%_ep2d_bold_PMU",
    "ReceiveCoilName": "HeadMatrix",
    "ReconMatrixPE": 64,
    "RefLinesPE": 24,
    "RepetitionTime": 2,
    "SAR": 0.167135,
    "ScanOptions": "FS",
    "ScanningSequence": "EP",
    "SequenceName": "epfid2d1_64",
    "SequenceVariant": "SK",
    "SeriesDescription": "EPI_Run_1",
    "SeriesNumber": 3,
    "ShimSetting": [
      -2687,
      -23022,
      2461,
      695,
      -44,
      276,
      -118,
      -53
    ],
    "SliceThickness": 3,
    "SliceTiming": [
      1.005,
      0,
      1.055,
      0.05,
      1.105,
      0.1,
      1.155,
      0.15,
      1.205,
      0.2025,
      1.255,
      0.2525,
      1.305,
      0.3025,
      1.355,
      0.3525,
      1.405,
      0.4025,
      1.455,
      0.4525,
      1.505,
      0.5025,
      1.5575,
      0.5525,
      1.6075,
      0.6025,
      1.6575,
      0.6525,
      1.7075,
      0.7025,
      1.7575,
      0.7525,
      1.8075,
      0.8025,
      1.8575,
      0.8525,
      1.9075,
      0.905,
      1.9575,
      0.955
    ],
    "SoftwareVersions": "syngo_MR_B17",
    "SpacingBetweenSlices": 3,
    "StationName": "MININT-E41B04",
    "TaskName": "FoodStimHiLo",
    "TotalReadoutTime": 0.0135451,
    "TxRefAmp": 319.901,
    "dataset": "ds004656",
    "datatype": "func",
    "extension": ".nii.gz",
    "modality": "bold",
    "run": 1,
    "session": "PM",
    "subject": "1301",
    "suffix": "bold",
    "task": "FoodStimHiLo"
  },
  "dummy_trs": 2,
  "dvars_nstd": 31.453606337453216,
  "dvars_std": 0.8771268765168541,
  "dvars_vstd": 0.8979345699250935,
  "efc": 0.5041,
  "fber": 948.4605,
  "fd_mean": 0.17937360613371103,
  "fd_num": 61,
  "fd_perc": 22.761194029850746,
  "fwhm_avg": 2.3326317373737377,
  "fwhm_x": 2.2476596363636365,
  "fwhm_y": 2.3378589090909094,
  "fwhm_z": 2.4123766666666664,
  "gcor": 0.00999577,
  "gsr_x": -0.004555436782538891,
  "gsr_y": 0.02026682160794735,
  "provenance": {
    "md5sum": "26e57965abf9de2e3a9184f5cf6f6e31",
    "settings": {
      "fd_thres": 0.2,
      "testing": false
    },
    "software": "mriqc",
    "version": "24.1.0.dev0+g5c3f8b6e.d20240820"
  },
  "size_t": 268,
  "size_x": 64,
  "size_y": 64,
  "size_z": 40,
  "snr": 3.834186355463062,
  "spacing_tr": 2.0,
  "spacing_x": 3.4375,
  "spacing_y": 3.4375,
  "spacing_z": 3.0,
  "summary_bg_k": 44.0469,
  "summary_bg_mad": 7.2249,
  "summary_bg_mean": 38.8041,
  "summary_bg_median": 24.0,
  "summary_bg_n": 127263.0,
  "summary_bg_p05": 0.0,
  "summary_bg_p95": 111.0,
  "summary_bg_stdv": 52.6476,
  "summary_fg_k": 1.5534,
  "summary_fg_mad": 143.6022,
  "summary_fg_mean": 712.1278,
  "summary_fg_median": 741.0,
  "summary_fg_n": 36577.0,
  "summary_fg_p05": 285.0,
  "summary_fg_p95": 964.0,
  "summary_fg_stdv": 193.2587,
  "tsnr": 31.345080382889137
}