{
  "aor": 0.00039077777777777776,
  "aqi": 0.008682505740740741,
  "bids_meta": {
    "AcquisitionMatrixPE": 64,
    "AcquisitionNumber": 1,
    "AcquisitionTime": "07:34:18.662500",
    "BandwidthPerPixelPhaseEncode": 72.674,
    "BaseResolution": 64,
    "CoilString": "T:HEA;HEP",
    "ConversionSoftware": "dcm2niix",
    "ConversionSoftwareVersion": "v1.0.20190902",
    "DerivedVendorReportedEchoSpacing": 0.000430002,
    "DeviceSerialNumber": "35002",
    "DwellTime": 2.7e-06,
    "EchoTime": 0.028,
    "EffectiveEchoSpacing": 0.000215001,
    "FileSize": 0.04795139096677303,
    "FileSizeUnits": "GB",
    "FlipAngle": 90,
    "ImageOrientationPatientDICOM": [
      1,
      -1e-16,
      0,
      1e-16,
      0.975149,
      -0.221548
    ],
    "ImageType": [
      "ORIGINAL",
      "PRIMARY",
      "M",
      "ND",
      "MOSAIC"
    ],
    "ImagingFrequency": 123.256,
    "InPlanePhaseEncodingDirectionDICOM": "COL",
    "InstitutionAddress": "University_Pkwy_1700_North_685_Provo_UT_US_84601",
    "InstitutionName": "Brigham_Young_University",
    "InstitutionalDepartmentName": "MRI",
    "MRAcquisitionType": "2D",
    "MagneticFieldStrength": 3,
    "Manufacturer": "Siemens",
    "ManufacturersModelName": "TrioTim",
    "Modality": "MR",
    "NumberOfVolumes": 270,
    "ParallelReductionFactorInPlane": 2,
    "PartialFourier": 1,
    "PatientPosition": "HFS",
    "PercentPhaseFOV": 100,
    "PhaseEncodingDirection": "j-",
    "PhaseEncodingSteps": 63,
    "PhaseResolution": 1,
    "PixelBandwidth": 2894,
    "ProcedureStepDescription": "Research_KIRWAN",
    "ProtocolName": "EPI_Run_2",
    "PulseSequenceDetails": "%CustomerSeq%_ep2d_bold_PMU",
    "ReceiveCoilName": "HeadMatrix",
    "ReconMatrixPE": 64,
    "RefLinesPE": 24,
    "RepetitionTime": 2,
    "SAR": 0.196732,
    "ScanOptions": "FS",
    "ScanningSequence": "EP",
    "SequenceName": "epfid2d1_64",
    "SequenceVariant": "SK",
    "SeriesDescription": "EPI_Run_2",
    "SeriesNumber": 4,
    "ShimSetting": [
      -2726,
      -23098,
      2617,
      880,
      -146,
      0,
      -354,
      -131
    ],
    "SliceThickness": 3,
    "SliceTiming": [
      1.0025,
      0,
      1.0525,
      0.05,
      1.105,
      0.1,
      1.155,
      0.15,
      1.205,
      0.2,
      1.255,
      0.25,
      1.305,
      0.3,
      1.355,
      0.35,
      1.405,
      0.4,
      1.455,
      0.4525,
      1.505,
      0.5025,
      1.555,
      0.5525,
      1.605,
      0.6025,
      1.655,
      0.6525,
      1.705,
      0.7025,
      1.7575,
      0.7525,
      1.8075,
      0.8025,
      1.8575,
      0.8525,
      1.9075,
      0.9025,
      1.9575,
      0.9525
    ],
    "SoftwareVersions": "syngo_MR_B17",
    "SpacingBetweenSlices": 3,
    "StationName": "MININT-E41B04",
    "TaskName": "FoodStimHiLo",
    "TotalReadoutTime": 0.0135451,
    "TxRefAmp": 322.57,
    "dataset": "ds004656",
    "datatype": "func",
    "extension": ".nii.gz",
    "modality": "bold",
    "run": 2,
    "session": "AM",
    "subject": "1304",
    "suffix": "bold",
    "task": "FoodStimHiLo"
  },
  "dummy_trs": 0,
  "dvars_nstd": 26.984531132973977,
  "dvars_std": 1.016951597769516,
  "dvars_vstd": 0.9970370318959106,
  "efc": 0.5098,
  "fber": 1013.5434,
  "fd_mean": 0.05681210148335532,
  "fd_num": 8,
  "fd_perc": 2.962962962962963,
  "fwhm_avg": 2.2970985656565657,
  "fwhm_x": 2.2265425454545453,
  "fwhm_y": 2.2941498181818183,
  "fwhm_z": 2.3706033333333334,
  "gcor": 0.0147459,
  "gsr_x": -0.0034135382156819105,
  "gsr_y": 0.03468776121735573,
  "provenance": {
    "md5sum": "d2b9aa869ff884b4eba9815037c3acc8",
    "settings": {
      "fd_thres": 0.2,
      "testing": false
    },
    "software": "mriqc",
    "version": "24.1.0.dev0+g5c3f8b6e.d20240820"
  },
  "size_t": 270,
  "size_x": 64,
  "size_y": 64,
  "size_z": 40,
  "snr": 3.9154721926829525,
  "spacing_tr": 2.0,
  "spacing_x": 3.4375,
  "spacing_y": 3.4375,
  "spacing_z": 3.0,
  "summary_bg_k": 52.1231,
  "summary_bg_mad": 7.2648,
  "summary_bg_mean": 44.1941,
  "summary_bg_median": 25.0,
  "summary_bg_n": 126629.0,
  "summary_bg_p05": 0.0,
  "summary_bg_p95": 140.0,
  "summary_bg_stdv": 71.6217,
  "summary_fg_k": 2.045,
  "summary_fg_mad": 143.3896,
  "summary_fg_mean": 763.8398,
  "summary_fg_median": 782.0,
  "summary_fg_n": 37211.0,
  "summary_fg_p05": 346.0,
  "summary_fg_p95": 1041.0,
  "summary_fg_stdv": 199.7178,
  "tsnr": 50.139432365773246
}