{
  "aor": 0.011821037037037036,
  "aqi": 0.027962826296296296,
  "bids_meta": {
    "AcquisitionMatrixPE": 64,
    "AcquisitionNumber": 1,
    "AcquisitionTime": "08:21:24.492500",
    "BandwidthPerPixelPhaseEncode": 72.674,
    "BaseResolution": 64,
    "CoilString": "T:HEA;HEP",
    "ConversionSoftware": "dcm2niix",
    "ConversionSoftwareVersion": "v1.0.20190902",
    "DerivedVendorReportedEchoSpacing": 0.000430002,
    "DeviceSerialNumber": "35002",
    "DwellTime": 2.7e-06,
    "EchoTime": 0.028,
    "EffectiveEchoSpacing": 0.000215001,
    "FileSize": 0.048744119703769684,
    "FileSizeUnits": "GB",
    "FlipAngle": 90,
    "ImageOrientationPatientDICOM": [
      1,
      0,
      0,
      0,
      0.966376,
      -0.257133
    ],
    "ImageType": [
      "ORIGINAL",
      "PRIMARY",
      "M",
      "ND",
      "MOSAIC"
    ],
    "ImagingFrequency": 123.256,
    "InPlanePhaseEncodingDirectionDICOM": "COL",
    "InstitutionAddress": "University_Pkwy_1700_North_685_Provo_UT_US_84601",
    "InstitutionName": "Brigham_Young_University",
    "InstitutionalDepartmentName": "MRI",
    "MRAcquisitionType": "2D",
    "MagneticFieldStrength": 3,
    "Manufacturer": "Siemens",
    "ManufacturersModelName": "TrioTim",
    "Modality": "MR",
    "NumberOfVolumes": 270,
    "ParallelReductionFactorInPlane": 2,
    "PartialFourier": 1,
    "PatientPosition": "HFS",
    "PercentPhaseFOV": 100,
    "PhaseEncodingDirection": "j-",
    "PhaseEncodingSteps": 63,
    "PhaseResolution": 1,
    "PixelBandwidth": 2894,
    "ProcedureStepDescription": "Research_KIRWAN",
    "ProtocolName": "EPI_Run_1",
    "PulseSequenceDetails": "%CustomerSeq%_ep2d_bold_PMU",
    "ReceiveCoilName": "HeadMatrix",
    "ReconMatrixPE": 64,
    "RefLinesPE": 24,
    "RepetitionTime": 2,
    "SAR": 0.153068,
    "ScanOptions": "FS",
    "ScanningSequence": "EP",
    "SequenceName": "epfid2d1_64",
    "SequenceVariant": "SK",
    "SeriesDescription": "EPI_Run_1",
    "SeriesNumber": 3,
    "ShimSetting": [
      -2720,
      -23143,
      2576,
      755,
      -99,
      -110,
      -3,
      179
    ],
    "SliceThickness": 3,
    "SliceTiming": [
      1.0025,
      0,
      1.055,
      0.05,
      1.105,
      0.1,
      1.155,
      0.15,
      1.205,
      0.2,
      1.255,
      0.25,
      1.305,
      0.3,
      1.355,
      0.35,
      1.405,
      0.4025,
      1.455,
      0.4525,
      1.505,
      0.5025,
      1.555,
      0.5525,
      1.605,
      0.6025,
      1.655,
      0.6525,
      1.7075,
      0.7025,
      1.7575,
      0.7525,
      1.8075,
      0.8025,
      1.8575,
      0.8525,
      1.9075,
      0.9025,
      1.9575,
      0.9525
    ],
    "SoftwareVersions": "syngo_MR_B17",
    "SpacingBetweenSlices": 3,
    "StationName": "MININT-E41B04",
    "TaskName": "FoodStimHiLo",
    "TotalReadoutTime": 0.0135451,
    "TxRefAmp": 321.221,
    "dataset": "ds004656",
    "datatype": "func",
    "extension": ".nii.gz",
    "modality": "bold",
    "run": 1,
    "session": "AM",
    "subject": "1312",
    "suffix": "bold",
    "task": "FoodStimHiLo"
  },
  "dummy_trs": 0,
  "dvars_nstd": 27.79836882985129,
  "dvars_std": 1.0450177998513015,
  "dvars_vstd": 1.0918270374349446,
  "efc": 0.5196,
  "fber": 978.3293,
  "fd_mean": 0.14677496834324122,
  "fd_num": 37,
  "fd_perc": 13.703703703703704,
  "fwhm_avg": 2.5176598585858585,
  "fwhm_x": 2.3318196363636363,
  "fwhm_y": 2.5989032727272727,
  "fwhm_z": 2.6222566666666665,
  "gcor": 0.0123586,
  "gsr_x": -0.011834390461444855,
  "gsr_y": 0.034765440970659256,
  "provenance": {
    "md5sum": "647044ee80e53610bfe346a81039a86e",
    "settings": {
      "fd_thres": 0.2,
      "testing": false
    },
    "software": "mriqc",
    "version": "24.1.0.dev0+g5c3f8b6e.d20240820"
  },
  "size_t": 270,
  "size_x": 64,
  "size_y": 64,
  "size_z": 40,
  "snr": 3.749388735919362,
  "spacing_tr": 2.0,
  "spacing_x": 3.4375,
  "spacing_y": 3.4375,
  "spacing_z": 3.0,
  "summary_bg_k": 32.5451,
  "summary_bg_mad": 8.0719,
  "summary_bg_mean": 46.149,
  "summary_bg_median": 26.0,
  "summary_bg_n": 124904.0,
  "summary_bg_p05": 0.0,
  "summary_bg_p95": 152.0,
  "summary_bg_stdv": 67.681,
  "summary_fg_k": 1.6361,
  "summary_fg_mad": 145.6354,
  "summary_fg_mean": 771.7451,
  "summary_fg_median": 804.0,
  "summary_fg_n": 38936.0,
  "summary_fg_p05": 293.0,
  "summary_fg_p95": 1061.0,
  "summary_fg_stdv": 214.4322,
  "tsnr": 35.12855541566387
}