{
  "aor": 0.003297528089887641,
  "aqi": 0.021721975243445695,
  "bids_meta": {
    "AcquisitionMatrixPE": 64,
    "AcquisitionNumber": 1,
    "AcquisitionTime": "08:30:53.167500",
    "BandwidthPerPixelPhaseEncode": 72.674,
    "BaseResolution": 64,
    "CoilString": "T:HEA;HEP",
    "ConversionSoftware": "dcm2niix",
    "ConversionSoftwareVersion": "v1.0.20190902",
    "DerivedVendorReportedEchoSpacing": 0.000430002,
    "DeviceSerialNumber": "35002",
    "DwellTime": 2.7e-06,
    "EchoTime": 0.028,
    "EffectiveEchoSpacing": 0.000215001,
    "FileSize": 0.04861343186348677,
    "FileSizeUnits": "GB",
    "FlipAngle": 90,
    "ImageOrientationPatientDICOM": [
      1,
      0,
      0,
      0,
      0.966376,
      -0.257133
    ],
    "ImageType": [
      "ORIGINAL",
      "PRIMARY",
      "M",
      "ND",
      "MOSAIC"
    ],
    "ImagingFrequency": 123.256,
    "InPlanePhaseEncodingDirectionDICOM": "COL",
    "InstitutionAddress": "University_Pkwy_1700_North_685_Provo_UT_US_84601",
    "InstitutionName": "Brigham_Young_University",
    "InstitutionalDepartmentName": "MRI",
    "MRAcquisitionType": "2D",
    "MagneticFieldStrength": 3,
    "Manufacturer": "Siemens",
    "ManufacturersModelName": "TrioTim",
    "Modality": "MR",
    "NumberOfVolumes": 270,
    "ParallelReductionFactorInPlane": 2,
    "PartialFourier": 1,
    "PatientPosition": "HFS",
    "PercentPhaseFOV": 100,
    "PhaseEncodingDirection": "j-",
    "PhaseEncodingSteps": 63,
    "PhaseResolution": 1,
    "PixelBandwidth": 2894,
    "ProcedureStepDescription": "Research_KIRWAN",
    "ProtocolName": "EPI_Run_2",
    "PulseSequenceDetails": "%CustomerSeq%_ep2d_bold_PMU",
    "ReceiveCoilName": "HeadMatrix",
    "ReconMatrixPE": 64,
    "RefLinesPE": 24,
    "RepetitionTime": 2,
    "SAR": 0.153068,
    "ScanOptions": "FS",
    "ScanningSequence": "EP",
    "SequenceName": "epfid2d1_64",
    "SequenceVariant": "SK",
    "SeriesDescription": "EPI_Run_2",
    "SeriesNumber": 4,
    "ShimSetting": [
      -2720,
      -23143,
      2576,
      755,
      -99,
      -110,
      -3,
      179
    ],
    "SliceThickness": 3,
    "SliceTiming": [
      1.0025,
      0,
      1.0525,
      0.05,
      1.1025,
      0.1,
      1.1525,
      0.15,
      1.2025,
      0.2,
      1.2525,
      0.25,
      1.305,
      0.3,
      1.355,
      0.35,
      1.405,
      0.4,
      1.455,
      0.45,
      1.505,
      0.5,
      1.555,
      0.55,
      1.605,
      0.6,
      1.655,
      0.6525,
      1.705,
      0.7025,
      1.755,
      0.7525,
      1.805,
      0.8025,
      1.855,
      0.8525,
      1.905,
      0.9025,
      1.9575,
      0.9525
    ],
    "SoftwareVersions": "syngo_MR_B17",
    "SpacingBetweenSlices": 3,
    "StationName": "MININT-E41B04",
    "TaskName": "FoodStimHiLo",
    "TotalReadoutTime": 0.0135451,
    "TxRefAmp": 321.221,
    "dataset": "ds004656",
    "datatype": "func",
    "extension": ".nii.gz",
    "modality": "bold",
    "run": 2,
    "session": "AM",
    "subject": "1312",
    "suffix": "bold",
    "task": "FoodStimHiLo"
  },
  "dummy_trs": 3,
  "dvars_nstd": 27.2806208118045,
  "dvars_std": 0.9919688403759396,
  "dvars_vstd": 0.9903329571804514,
  "efc": 0.5182,
  "fber": 988.2094,
  "fd_mean": 0.11918048260025962,
  "fd_num": 18,
  "fd_perc": 6.741573033707865,
  "fwhm_avg": 2.4889002626262626,
  "fwhm_x": 2.308797090909091,
  "fwhm_y": 2.5851403636363632,
  "fwhm_z": 2.572763333333333,
  "gcor": 0.0145237,
  "gsr_x": -0.010680045001208782,
  "gsr_y": 0.03295367956161499,
  "provenance": {
    "md5sum": "29fda125ca9085241d82c933757c6e6c",
    "settings": {
      "fd_thres": 0.2,
      "testing": false
    },
    "software": "mriqc",
    "version": "24.1.0.dev0+g5c3f8b6e.d20240820"
  },
  "size_t": 267,
  "size_x": 64,
  "size_y": 64,
  "size_z": 40,
  "snr": 3.710880284834492,
  "spacing_tr": 2.0,
  "spacing_x": 3.4375,
  "spacing_y": 3.4375,
  "spacing_z": 3.0,
  "summary_bg_k": 32.8928,
  "summary_bg_mad": 7.1243,
  "summary_bg_mean": 45.6623,
  "summary_bg_median": 25.0,
  "summary_bg_n": 124943.0,
  "summary_bg_p05": 0.0,
  "summary_bg_p95": 153.0,
  "summary_bg_stdv": 67.9891,
  "summary_fg_k": 1.6634,
  "summary_fg_mad": 145.978,
  "summary_fg_mean": 768.5924,
  "summary_fg_median": 800.0,
  "summary_fg_n": 38897.0,
  "summary_fg_p05": 285.0,
  "summary_fg_p95": 1058.0,
  "summary_fg_stdv": 215.5795,
  "tsnr": 39.34503422584385
}