{
  "aor": 0.000679111111111111,
  "aqi": 0.010484989777777778,
  "bids_meta": {
    "AcquisitionMatrixPE": 64,
    "AcquisitionNumber": 1,
    "AcquisitionTime": "06:38:56.180000",
    "BandwidthPerPixelPhaseEncode": 72.674,
    "BaseResolution": 64,
    "CoilString": "T:HEA;HEP",
    "ConversionSoftware": "dcm2niix",
    "ConversionSoftwareVersion": "v1.0.20190902",
    "DerivedVendorReportedEchoSpacing": 0.000430002,
    "DeviceSerialNumber": "35002",
    "DwellTime": 2.7e-06,
    "EchoTime": 0.028,
    "EffectiveEchoSpacing": 0.000215001,
    "FileSize": 0.048896913416683674,
    "FileSizeUnits": "GB",
    "FlipAngle": 90,
    "ImageOrientationPatientDICOM": [
      1,
      0,
      0,
      0,
      0.956305,
      -0.292372
    ],
    "ImageType": [
      "ORIGINAL",
      "PRIMARY",
      "M",
      "ND",
      "MOSAIC"
    ],
    "ImagingFrequency": 123.256,
    "InPlanePhaseEncodingDirectionDICOM": "COL",
    "InstitutionAddress": "University_Pkwy_1700_North_685_Provo_UT_US_84601",
    "InstitutionName": "Brigham_Young_University",
    "InstitutionalDepartmentName": "MRI",
    "MRAcquisitionType": "2D",
    "MagneticFieldStrength": 3,
    "Manufacturer": "Siemens",
    "ManufacturersModelName": "TrioTim",
    "Modality": "MR",
    "NumberOfVolumes": 270,
    "ParallelReductionFactorInPlane": 2,
    "PartialFourier": 1,
    "PatientPosition": "HFS",
    "PercentPhaseFOV": 100,
    "PhaseEncodingDirection": "j-",
    "PhaseEncodingSteps": 63,
    "PhaseResolution": 1,
    "PixelBandwidth": 2894,
    "ProcedureStepDescription": "Research_KIRWAN",
    "ProtocolName": "EPI_Run_1",
    "PulseSequenceDetails": "%CustomerSeq%_ep2d_bold_PMU",
    "ReceiveCoilName": "HeadMatrix",
    "ReconMatrixPE": 64,
    "RefLinesPE": 24,
    "RepetitionTime": 2,
    "SAR": 0.186866,
    "ScanOptions": "FS",
    "ScanningSequence": "EP",
    "SequenceName": "epfid2d1_64",
    "SequenceVariant": "SK",
    "SeriesDescription": "EPI_Run_1",
    "SeriesNumber": 4,
    "ShimSetting": [
      -2665,
      -23124,
      2588,
      593,
      78,
      25,
      144,
      -105
    ],
    "SliceThickness": 3,
    "SliceTiming": [
      1.0025,
      0,
      1.0525,
      0.05,
      1.1025,
      0.1,
      1.1525,
      0.15,
      1.2025,
      0.2,
      1.255,
      0.25,
      1.305,
      0.3,
      1.355,
      0.35,
      1.405,
      0.4,
      1.455,
      0.45,
      1.505,
      0.5,
      1.555,
      0.55,
      1.605,
      0.6025,
      1.655,
      0.6525,
      1.705,
      0.7025,
      1.755,
      0.7525,
      1.805,
      0.8025,
      1.855,
      0.8525,
      1.9075,
      0.9025,
      1.9575,
      0.9525
    ],
    "SoftwareVersions": "syngo_MR_B17",
    "SpacingBetweenSlices": 3,
    "StationName": "MININT-E41B04",
    "TaskName": "FoodStimHiLo",
    "TotalReadoutTime": 0.0135451,
    "TxRefAmp": 323.184,
    "dataset": "ds004656",
    "datatype": "func",
    "extension": ".nii.gz",
    "modality": "bold",
    "run": 1,
    "session": "AM",
    "subject": "1315",
    "suffix": "bold",
    "task": "FoodStimHiLo"
  },
  "dummy_trs": 0,
  "dvars_nstd": 31.40002235081782,
  "dvars_std": 1.0611840874721181,
  "dvars_vstd": 1.0057642255390336,
  "efc": 0.5129,
  "fber": 971.3355,
  "fd_mean": 0.11979520158578823,
  "fd_num": 38,
  "fd_perc": 14.074074074074074,
  "fwhm_avg": 2.2291313939393937,
  "fwhm_x": 2.099066181818182,
  "fwhm_y": 2.314528,
  "fwhm_z": 2.2738,
  "gcor": 0.0133062,
  "gsr_x": -0.010326254181563854,
  "gsr_y": 0.026788972318172455,
  "provenance": {
    "md5sum": "f6052d5f0a02dfd0b4f0856a2a0c8dd9",
    "settings": {
      "fd_thres": 0.2,
      "testing": false
    },
    "software": "mriqc",
    "version": "24.1.0.dev0+g5c3f8b6e.d20240820"
  },
  "size_t": 270,
  "size_x": 64,
  "size_y": 64,
  "size_z": 40,
  "snr": 3.5973149296524833,
  "spacing_tr": 2.0,
  "spacing_x": 3.4375,
  "spacing_y": 3.4375,
  "spacing_z": 3.0,
  "summary_bg_k": 52.1579,
  "summary_bg_mad": 8.0061,
  "summary_bg_mean": 46.0817,
  "summary_bg_median": 26.0,
  "summary_bg_n": 126105.0,
  "summary_bg_p05": 0.0,
  "summary_bg_p95": 143.0,
  "summary_bg_stdv": 68.7504,
  "summary_fg_k": 1.3809,
  "summary_fg_mad": 166.2711,
  "summary_fg_mean": 775.9396,
  "summary_fg_median": 797.0,
  "summary_fg_n": 37735.0,
  "summary_fg_p05": 294.0,
  "summary_fg_p95": 1086.0,
  "summary_fg_stdv": 221.5512,
  "tsnr": 45.84328155918047
}