{
  "aor": 0.0012374814814814813,
  "aqi": 0.011762206925925925,
  "bids_meta": {
    "AcquisitionMatrixPE": 64,
    "AcquisitionNumber": 1,
    "AcquisitionTime": "20:08:16.057500",
    "BandwidthPerPixelPhaseEncode": 72.674,
    "BaseResolution": 64,
    "CoilString": "T:HEA;HEP",
    "ConversionSoftware": "dcm2niix",
    "ConversionSoftwareVersion": "v1.0.20190902",
    "DerivedVendorReportedEchoSpacing": 0.000430002,
    "DeviceSerialNumber": "35002",
    "DwellTime": 2.7e-06,
    "EchoTime": 0.028,
    "EffectiveEchoSpacing": 0.000215001,
    "FileSize": 0.04744378011673689,
    "FileSizeUnits": "GB",
    "FlipAngle": 90,
    "ImageOrientationPatientDICOM": [
      1,
      2e-16,
      0,
      -2e-16,
      0.964557,
      -0.263873
    ],
    "ImageType": [
      "ORIGINAL",
      "PRIMARY",
      "M",
      "ND",
      "MOSAIC"
    ],
    "ImagingFrequency": 123.256,
    "InPlanePhaseEncodingDirectionDICOM": "COL",
    "InstitutionAddress": "University_Pkwy_1700_North_685_Provo_UT_US_84601",
    "InstitutionName": "Brigham_Young_University",
    "InstitutionalDepartmentName": "MRI",
    "MRAcquisitionType": "2D",
    "MagneticFieldStrength": 3,
    "Manufacturer": "Siemens",
    "ManufacturersModelName": "TrioTim",
    "Modality": "MR",
    "NumberOfVolumes": 270,
    "ParallelReductionFactorInPlane": 2,
    "PartialFourier": 1,
    "PatientPosition": "HFS",
    "PercentPhaseFOV": 100,
    "PhaseEncodingDirection": "j-",
    "PhaseEncodingSteps": 63,
    "PhaseResolution": 1,
    "PixelBandwidth": 2894,
    "ProcedureStepDescription": "Research_KIRWAN",
    "ProtocolName": "EPI_Run_1",
    "PulseSequenceDetails": "%CustomerSeq%_ep2d_bold_PMU",
    "ReceiveCoilName": "HeadMatrix",
    "ReconMatrixPE": 64,
    "RefLinesPE": 24,
    "RepetitionTime": 2,
    "SAR": 0.19703,
    "ScanOptions": "FS",
    "ScanningSequence": "EP",
    "SequenceName": "epfid2d1_64",
    "SequenceVariant": "SK",
    "SeriesDescription": "EPI_Run_1",
    "SeriesNumber": 4,
    "ShimSetting": [
      -2688,
      -23105,
      2582,
      660,
      22,
      390,
      -253,
      -47
    ],
    "SliceThickness": 3,
    "SliceTiming": [
      1.0025,
      0,
      1.0525,
      0.05,
      1.1025,
      0.1,
      1.1525,
      0.15,
      1.2025,
      0.2,
      1.2525,
      0.25,
      1.305,
      0.3,
      1.355,
      0.35,
      1.405,
      0.4,
      1.455,
      0.45,
      1.505,
      0.5,
      1.555,
      0.55,
      1.605,
      0.6025,
      1.655,
      0.6525,
      1.705,
      0.7025,
      1.755,
      0.7525,
      1.805,
      0.8025,
      1.855,
      0.8525,
      1.905,
      0.9025,
      1.9575,
      0.9525
    ],
    "SoftwareVersions": "syngo_MR_B17",
    "SpacingBetweenSlices": 3,
    "StationName": "MININT-E41B04",
    "TaskName": "FoodStimHiLo",
    "TotalReadoutTime": 0.0135451,
    "TxRefAmp": 329.011,
    "dataset": "ds004656",
    "datatype": "func",
    "extension": ".nii.gz",
    "modality": "bold",
    "run": 1,
    "session": "PM",
    "subject": "1308",
    "suffix": "bold",
    "task": "FoodStimHiLo"
  },
  "dummy_trs": 0,
  "dvars_nstd": 29.26479552334572,
  "dvars_std": 1.0745798602602228,
  "dvars_vstd": 0.9957132792565053,
  "efc": 0.5021,
  "fber": 1066.6707,
  "fd_mean": 0.07722036915276263,
  "fd_num": 5,
  "fd_perc": 1.8518518518518519,
  "fwhm_avg": 2.425514787878788,
  "fwhm_x": 2.2205498181818184,
  "fwhm_y": 2.5286545454545455,
  "fwhm_z": 2.52734,
  "gcor": 0.00487891,
  "gsr_x": -0.009969181381165981,
  "gsr_y": 0.030631503090262413,
  "provenance": {
    "md5sum": "19d93d4dff3f97de27fded5799996c46",
    "settings": {
      "fd_thres": 0.2,
      "testing": false
    },
    "software": "mriqc",
    "version": "24.1.0.dev0+g5c3f8b6e.d20240820"
  },
  "size_t": 270,
  "size_x": 64,
  "size_y": 64,
  "size_z": 40,
  "snr": 3.7459976524957024,
  "spacing_tr": 2.0,
  "spacing_x": 3.4375,
  "spacing_y": 3.4375,
  "spacing_z": 3.0,
  "summary_bg_k": 44.273,
  "summary_bg_mad": 6.8968,
  "summary_bg_mean": 41.6077,
  "summary_bg_median": 24.0,
  "summary_bg_n": 126998.0,
  "summary_bg_p05": 0.0,
  "summary_bg_p95": 129.0,
  "summary_bg_stdv": 66.0281,
  "summary_fg_k": 1.7407,
  "summary_fg_mad": 143.5599,
  "summary_fg_mean": 763.4454,
  "summary_fg_median": 784.0,
  "summary_fg_n": 36842.0,
  "summary_fg_p05": 308.0,
  "summary_fg_p95": 1065.0,
  "summary_fg_stdv": 209.2872,
  "tsnr": 48.48466516868211
}