{
  "bids_meta": {
    "AcquisitionMatrixPE": 215,
    "AcquisitionNumber": 1,
    "AcquisitionTime": "19:20:50.102500",
    "BaseResolution": 256,
    "CoilString": "C:HEA;HEP",
    "ConversionSoftware": "dcm2niix",
    "ConversionSoftwareVersion": "v1.0.20190902",
    "DeviceSerialNumber": "35002",
    "DwellTime": 9.8e-06,
    "EchoTime": 0.00226,
    "FileSize": 0.009937169030308723,
    "FileSizeUnits": "GB",
    "FlipAngle": 9,
    "ImageOrientationPatientDICOM": [
      0,
      1,
      0,
      0,
      0,
      -1
    ],
    "ImageType": [
      "ORIGINAL",
      "PRIMARY",
      "M",
      "ND",
      "NORM"
    ],
    "ImagingFrequency": 123.256,
    "InPlanePhaseEncodingDirectionDICOM": "ROW",
    "InstitutionAddress": "University_Pkwy_1700_North_685_Provo_UT_US_84601",
    "InstitutionName": "Brigham_Young_University",
    "InstitutionalDepartmentName": "MRI",
    "InversionTime": 0.9,
    "MRAcquisitionType": "3D",
    "MagneticFieldStrength": 3,
    "Manufacturer": "Siemens",
    "ManufacturersModelName": "TrioTim",
    "Modality": "MR",
    "NumberOfVolumes": 1,
    "PartialFourier": 0.875,
    "PatientPosition": "HFS",
    "PercentPhaseFOV": 87.5,
    "PhaseEncodingSteps": 227,
    "PhaseOversampling": 0.2,
    "PhaseResolution": 0.96,
    "PixelBandwidth": 199,
    "ProcedureStepDescription": "Research_KIRWAN",
    "ProtocolName": "t1_mpr_sag_iso_(mprage)",
    "PulseSequenceDetails": "%SiemensSeq%_tfl",
    "ReceiveCoilName": "HeadMatrix",
    "ReconMatrixPE": 224,
    "RepetitionTime": 1.9,
    "SAR": 0.120186,
    "ScanOptions": "IR_PFP",
    "ScanningSequence": "GR_IR",
    "SequenceName": "_tfl3d1_ns",
    "SequenceVariant": "SP_MP_OSP",
    "SeriesDescription": "t1_mpr_sag_iso_(mprage)",
    "SeriesNumber": 2,
    "ShimSetting": [
      -2655,
      -23109,
      2059,
      81,
      -13,
      -145,
      -152,
      15
    ],
    "SliceThickness": 1,
    "SoftwareVersions": "syngo_MR_B17",
    "StationName": "MININT-E41B04",
    "TxRefAmp": 317.386,
    "dataset": "ds004656",
    "datatype": "anat",
    "extension": ".nii.gz",
    "modality": "T1w",
    "session": "PM",
    "subject": "1311",
    "suffix": "T1w"
  },
  "cjv": 0.5051168724279835,
  "cnr": 2.0829147041158267,
  "efc": 0.5409,
  "fber": 25038.0729,
  "fwhm_avg": 4.69987472,
  "fwhm_x": 4.51566,
  "fwhm_y": 5.05805824,
  "fwhm_z": 4.5259059200000005,
  "icvs_csf": 0.25237843021372197,
  "icvs_gm": 0.3954511077815094,
  "icvs_wm": 0.3521704620047687,
  "inu_med": 0.3825058788061142,
  "inu_range": 0.1515203252434731,
  "provenance": {
    "md5sum": "1c9f5b7f418aa71b9547cb879563802d",
    "settings": {
      "testing": false
    },
    "software": "mriqc",
    "version": "24.1.0.dev0+g5c3f8b6e.d20240820",
    "warnings": {
      "large_rot_frame": true,
      "small_air_mask": false
    }
  },
  "qi_1": 0.0,
  "qi_2": 0.0018081190523931436,
  "rpve_csf": 6.8107191656981785,
  "rpve_gm": 6.75174151387136,
  "rpve_wm": 6.846227524845785,
  "size_x": 176,
  "size_y": 224,
  "size_z": 256,
  "snr_csf": 2.379966934391496,
  "snr_gm": 7.839028813099175,
  "snr_total": 8.087827083223411,
  "snr_wm": 14.044485502179562,
  "snrd_csf": 56.10691494567876,
  "snrd_gm": 78.33594029558577,
  "snrd_total": 79.58276062771198,
  "snrd_wm": 104.30542664187139,
  "spacing_x": 1.0,
  "spacing_y": 0.9765625,
  "spacing_z": 0.9765625,
  "summary_bg_k": 9.786,
  "summary_bg_mad": 0.0,
  "summary_bg_mean": 3.5269,
  "summary_bg_median": 0.0,
  "summary_bg_n": 3601197.0,
  "summary_bg_p05": 0.0,
  "summary_bg_p95": 17.0,
  "summary_bg_stdv": 6.1302,
  "summary_csf_k": 0.4027,
  "summary_csf_mad": 157.5129,
  "summary_csf_mean": 510.8704,
  "summary_csf_median": 525.0,
  "summary_csf_n": 367659.84972392535,
  "summary_csf_p05": 121.0,
  "summary_csf_p95": 839.0,
  "summary_csf_stdv": 220.591,
  "summary_gm_k": -0.6638,
  "summary_gm_mad": 72.3589,
  "summary_gm_mean": 737.636,
  "summary_gm_median": 733.0,
  "summary_gm_n": 576085.2650402314,
  "summary_gm_p05": 589.0,
  "summary_gm_p95": 905.0,
  "summary_gm_stdv": 93.5064,
  "summary_wm_k": -0.2408,
  "summary_wm_mad": 50.3845,
  "summary_wm_mean": 959.9954,
  "summary_wm_median": 976.0,
  "summary_wm_n": 513034.8858586362,
  "summary_wm_p05": 819.0,
  "summary_wm_p95": 1048.0,
  "summary_wm_stdv": 69.4934,
  "tpm_overlap_csf": 0.22366778404994614,
  "tpm_overlap_gm": 0.5274005266334193,
  "tpm_overlap_wm": 0.5342862237973864,
  "wm2max": 0.45981696564349545
}