{
  "bids_meta": {
    "AcquisitionMatrixPE": 215,
    "AcquisitionNumber": 1,
    "AcquisitionTime": "18:06:59.687500",
    "BaseResolution": 256,
    "ConversionSoftware": "dcm2niix",
    "ConversionSoftwareVersion": "v1.0.20190902",
    "DeviceSerialNumber": "35002",
    "EchoTime": 0.00226,
    "FileSize": 0.010197744704782963,
    "FileSizeUnits": "GB",
    "FlipAngle": 9,
    "ImageOrientationPatientDICOM": [
      0,
      1,
      0,
      0,
      0,
      -1
    ],
    "ImageType": [
      "ORIGINAL",
      "PRIMARY",
      "M",
      "ND",
      "NORM"
    ],
    "ImagingFrequency": 123.256,
    "InPlanePhaseEncodingDirectionDICOM": "ROW",
    "InstitutionAddress": "University_Pkwy_1700_North_685_Provo_UT_US_84601",
    "InstitutionName": "Brigham_Young_University",
    "InversionTime": 0.9,
    "MRAcquisitionType": "3D",
    "MagneticFieldStrength": 3,
    "Manufacturer": "Siemens",
    "ManufacturersModelName": "TrioTim",
    "Modality": "MR",
    "NumberOfVolumes": 1,
    "PartialFourier": 0.875,
    "PatientPosition": "HFS",
    "PercentPhaseFOV": 87.5,
    "PhaseEncodingSteps": 227,
    "PhaseOversampling": 0.2,
    "PhaseResolution": 0.96,
    "PixelBandwidth": 199,
    "ProcedureStepDescription": "Research_KIRWAN",
    "ProtocolName": "t1_mpr_sag_iso_(mprage)",
    "PulseSequenceDetails": "%SiemensSeq%_tfl",
    "ReceiveCoilName": "HeadMatrix",
    "ReconMatrixPE": 224,
    "RepetitionTime": 1.9,
    "SAR": 0.0887109,
    "ScanOptions": "IR_PFP",
    "ScanningSequence": "GR_IR",
    "SequenceName": "_tfl3d1_ns",
    "SequenceVariant": "SP_MP_OSP",
    "SeriesDescription": "t1_mpr_sag_iso_(mprage)",
    "SeriesNumber": 2,
    "ShimSetting": [
      -2655,
      -23109,
      2059,
      81,
      -13,
      -145,
      -152,
      15
    ],
    "SliceThickness": 1,
    "SoftwareVersions": "syngo_MR_B17",
    "StationName": "MININT-E41B04",
    "TxRefAmp": 320.763,
    "dataset": "ds004656",
    "datatype": "anat",
    "extension": ".nii.gz",
    "modality": "T1w",
    "session": "PM",
    "subject": "1312",
    "suffix": "T1w"
  },
  "cjv": 0.5815995726495726,
  "cnr": 1.9253225096183217,
  "efc": 0.5527,
  "fber": 21214.5558,
  "fwhm_avg": 4.655401146666667,
  "fwhm_x": 4.27091,
  "fwhm_y": 5.132144640000001,
  "fwhm_z": 4.5631488,
  "icvs_csf": 0.2521951232413875,
  "icvs_gm": 0.3916526270413093,
  "icvs_wm": 0.3561522497173031,
  "inu_med": 0.4150089621543884,
  "inu_range": 0.1693920701742172,
  "provenance": {
    "md5sum": "dd9b6b30f3412ec91fb573e45188c224",
    "settings": {
      "testing": false
    },
    "software": "mriqc",
    "version": "24.1.0.dev0+g5c3f8b6e.d20240820",
    "warnings": {
      "large_rot_frame": true,
      "small_air_mask": false
    }
  },
  "qi_1": 0.0,
  "qi_2": 0.0013409976977333056,
  "rpve_csf": 5.947792408068663,
  "rpve_gm": 5.8839734112327635,
  "rpve_wm": 5.983780471144873,
  "size_x": 176,
  "size_y": 224,
  "size_z": 256,
  "snr_csf": 2.432235041576119,
  "snr_gm": 7.344805130175121,
  "snr_total": 7.912215548747523,
  "snr_wm": 13.959606474491329,
  "snrd_csf": 49.11053626231171,
  "snrd_gm": 67.57314387972212,
  "snrd_total": 68.61935831137538,
  "snrd_wm": 89.17439479209231,
  "spacing_x": 1.0,
  "spacing_y": 0.9765625,
  "spacing_z": 0.9765625,
  "summary_bg_k": 6.9004,
  "summary_bg_mad": 0.0,
  "summary_bg_mean": 4.1472,
  "summary_bg_median": 0.0,
  "summary_bg_n": 3607144.0,
  "summary_bg_p05": 0.0,
  "summary_bg_p95": 19.0,
  "summary_bg_stdv": 7.0969,
  "summary_csf_k": -0.0275,
  "summary_csf_mad": 147.6034,
  "summary_csf_mean": 514.1313,
  "summary_csf_median": 532.0,
  "summary_csf_n": 419237.8243046398,
  "summary_csf_p05": 117.0,
  "summary_csf_p95": 841.0,
  "summary_csf_stdv": 218.7286,
  "summary_gm_k": -0.7958,
  "summary_gm_mad": 79.2965,
  "summary_gm_mean": 735.0901,
  "summary_gm_median": 732.0,
  "summary_gm_n": 651065.7031493664,
  "summary_gm_p05": 575.0,
  "summary_gm_p95": 913.0,
  "summary_gm_stdv": 99.6622,
  "summary_wm_k": -0.4519,
  "summary_wm_mad": 56.7978,
  "summary_wm_mean": 953.6721,
  "summary_wm_median": 966.0,
  "summary_wm_n": 592051.4733735399,
  "summary_wm_p05": 819.0,
  "summary_wm_p95": 1047.0,
  "summary_wm_stdv": 69.1996,
  "tpm_overlap_csf": 0.22997047501248696,
  "tpm_overlap_gm": 0.5385169577553526,
  "tpm_overlap_wm": 0.5472937173129643,
  "wm2max": 0.4577506567420453
}