{
  "bids_meta": {
    "AcquisitionMatrixPE": 215,
    "AcquisitionNumber": 1,
    "AcquisitionTime": "19:18:29.065000",
    "BaseResolution": 256,
    "CoilString": "C:HEA;HEP",
    "ConversionSoftware": "dcm2niix",
    "ConversionSoftwareVersion": "v1.0.20190902",
    "DeviceSerialNumber": "35002",
    "DwellTime": 9.8e-06,
    "EchoTime": 0.00226,
    "FileSize": 0.010143221355974674,
    "FileSizeUnits": "GB",
    "FlipAngle": 9,
    "ImageOrientationPatientDICOM": [
      0,
      1,
      0,
      0,
      0,
      -1
    ],
    "ImageType": [
      "ORIGINAL",
      "PRIMARY",
      "M",
      "ND",
      "NORM"
    ],
    "ImagingFrequency": 123.256,
    "InPlanePhaseEncodingDirectionDICOM": "ROW",
    "InstitutionAddress": "University_Pkwy_1700_North_685_Provo_UT_US_84601",
    "InstitutionName": "Brigham_Young_University",
    "InstitutionalDepartmentName": "MRI",
    "InversionTime": 0.9,
    "MRAcquisitionType": "3D",
    "MagneticFieldStrength": 3,
    "Manufacturer": "Siemens",
    "ManufacturersModelName": "TrioTim",
    "Modality": "MR",
    "NumberOfVolumes": 1,
    "PartialFourier": 0.875,
    "PatientPosition": "HFS",
    "PercentPhaseFOV": 87.5,
    "PhaseEncodingSteps": 227,
    "PhaseOversampling": 0.2,
    "PhaseResolution": 0.96,
    "PixelBandwidth": 199,
    "ProcedureStepDescription": "Research_KIRWAN",
    "ProtocolName": "t1_mpr_sag_iso_(mprage)",
    "PulseSequenceDetails": "%SiemensSeq%_tfl",
    "ReceiveCoilName": "HeadMatrix",
    "ReconMatrixPE": 224,
    "RepetitionTime": 1.9,
    "SAR": 0.115184,
    "ScanOptions": "IR_PFP",
    "ScanningSequence": "GR_IR",
    "SequenceName": "_tfl3d1_ns",
    "SequenceVariant": "SP_MP_OSP",
    "SeriesDescription": "t1_mpr_sag_iso_(mprage)",
    "SeriesNumber": 2,
    "ShimSetting": [
      -2655,
      -23109,
      2059,
      81,
      -13,
      -145,
      -152,
      15
    ],
    "SliceThickness": 1,
    "SoftwareVersions": "syngo_MR_B17",
    "StationName": "MININT-E41B04",
    "TxRefAmp": 314.385,
    "dataset": "ds004656",
    "datatype": "anat",
    "extension": ".nii.gz",
    "modality": "T1w",
    "session": "PM",
    "subject": "1314",
    "suffix": "T1w"
  },
  "cjv": 0.5209188,
  "cnr": 2.1667413364572714,
  "efc": 0.5519,
  "fber": 15717.7298,
  "fwhm_avg": 4.8169206666666655,
  "fwhm_x": 4.48289,
  "fwhm_y": 5.328752639999999,
  "fwhm_z": 4.63911936,
  "icvs_csf": 0.2572849030228455,
  "icvs_gm": 0.393500667368305,
  "icvs_wm": 0.34921442960884935,
  "inu_med": 0.42039719223976135,
  "inu_range": 0.18202202916145327,
  "provenance": {
    "md5sum": "175c64746bb5ee611e0f306602905cab",
    "settings": {
      "testing": false
    },
    "software": "mriqc",
    "version": "24.1.0.dev0+g5c3f8b6e.d20240820",
    "warnings": {
      "large_rot_frame": true,
      "small_air_mask": false
    }
  },
  "qi_1": 0.0,
  "qi_2": 0.0011189415909907176,
  "rpve_csf": 6.129505305284645,
  "rpve_gm": 6.077572159543141,
  "rpve_wm": 6.174037272639585,
  "size_x": 176,
  "size_y": 224,
  "size_z": 256,
  "snr_csf": 2.43842317378718,
  "snr_gm": 7.87871582445568,
  "snr_total": 8.131972890012749,
  "snr_wm": 14.07877967179539,
  "snrd_csf": 47.0668165224098,
  "snrd_gm": 67.83984488816522,
  "snrd_total": 68.71318542005884,
  "snrd_wm": 91.2328948496015,
  "spacing_x": 1.0,
  "spacing_y": 0.9765625,
  "spacing_z": 0.9765625,
  "summary_bg_k": 10.9372,
  "summary_bg_mad": 0.0,
  "summary_bg_mean": 4.1262,
  "summary_bg_median": 0.0,
  "summary_bg_n": 3778498.0,
  "summary_bg_p05": 0.0,
  "summary_bg_p95": 18.0,
  "summary_bg_stdv": 7.0014,
  "summary_csf_k": -0.2588,
  "summary_csf_mad": 139.1852,
  "summary_csf_mean": 497.0235,
  "summary_csf_median": 503.0,
  "summary_csf_n": 415938.35227071703,
  "summary_csf_p05": 146.0,
  "summary_csf_p95": 810.0,
  "summary_csf_stdv": 206.2806,
  "summary_gm_k": -0.7621,
  "summary_gm_mad": 76.0588,
  "summary_gm_mean": 728.3407,
  "summary_gm_median": 725.0,
  "summary_gm_n": 636150.8867392313,
  "summary_gm_p05": 580.0,
  "summary_gm_p95": 885.0,
  "summary_gm_stdv": 92.02,
  "summary_wm_k": -0.311,
  "summary_wm_mad": 54.1709,
  "summary_wm_mean": 962.6016,
  "summary_wm_median": 975.0,
  "summary_wm_n": 564555.7618581512,
  "summary_wm_p05": 827.0,
  "summary_wm_p95": 1056.0,
  "summary_wm_stdv": 69.2531,
  "tpm_overlap_csf": 0.23201457734160263,
  "tpm_overlap_gm": 0.541152251966011,
  "tpm_overlap_wm": 0.5534891152275259,
  "wm2max": 0.46420387321501216
}