{
  "bids_meta": {
    "AcquisitionMatrixPE": 215,
    "AcquisitionNumber": 1,
    "AcquisitionTime": "07:35:30.352500",
    "BaseResolution": 256,
    "CoilString": "C:HEA;HEP",
    "ConversionSoftware": "dcm2niix",
    "ConversionSoftwareVersion": "v1.0.20190902",
    "DeviceSerialNumber": "35002",
    "DwellTime": 9.8e-06,
    "EchoTime": 0.00226,
    "FileSize": 0.00947894249111414,
    "FileSizeUnits": "GB",
    "FlipAngle": 9,
    "ImageOrientationPatientDICOM": [
      0,
      1,
      0,
      0,
      0,
      -1
    ],
    "ImageType": [
      "ORIGINAL",
      "PRIMARY",
      "M",
      "ND",
      "NORM"
    ],
    "ImagingFrequency": 123.256,
    "InPlanePhaseEncodingDirectionDICOM": "ROW",
    "InstitutionAddress": "University_Pkwy_1700_North_685_Provo_UT_US_84601",
    "InstitutionName": "Brigham_Young_University",
    "InstitutionalDepartmentName": "MRI",
    "InversionTime": 0.9,
    "MRAcquisitionType": "3D",
    "MagneticFieldStrength": 3,
    "Manufacturer": "Siemens",
    "ManufacturersModelName": "TrioTim",
    "Modality": "MR",
    "NumberOfVolumes": 1,
    "PartialFourier": 0.875,
    "PatientPosition": "HFS",
    "PercentPhaseFOV": 87.5,
    "PhaseEncodingSteps": 227,
    "PhaseOversampling": 0.2,
    "PhaseResolution": 0.96,
    "PixelBandwidth": 199,
    "ProcedureStepDescription": "Research_KIRWAN",
    "ProtocolName": "t1_mpr_sag_iso_(mprage)",
    "PulseSequenceDetails": "%SiemensSeq%_tfl",
    "ReceiveCoilName": "HeadMatrix",
    "ReconMatrixPE": 224,
    "RepetitionTime": 1.9,
    "SAR": 0.100051,
    "ScanOptions": "IR_PFP",
    "ScanningSequence": "GR_IR",
    "SequenceName": "_tfl3d1_ns",
    "SequenceVariant": "SP_MP_OSP",
    "SeriesDescription": "t1_mpr_sag_iso_(mprage)",
    "SeriesNumber": 2,
    "ShimSetting": [
      -2655,
      -23109,
      2059,
      81,
      -13,
      -145,
      -152,
      15
    ],
    "SliceThickness": 1,
    "SoftwareVersions": "syngo_MR_B17",
    "StationName": "MININT-E41B04",
    "TxRefAmp": 339.697,
    "dataset": "ds004656",
    "datatype": "anat",
    "extension": ".nii.gz",
    "modality": "T1w",
    "session": "AM",
    "subject": "1306",
    "suffix": "T1w"
  },
  "cjv": 0.5212383399209486,
  "cnr": 2.1169763248657065,
  "efc": 0.5277,
  "fber": 23458.7187,
  "fwhm_avg": 4.630777546666668,
  "fwhm_x": 4.41126,
  "fwhm_y": 4.9856512,
  "fwhm_z": 4.49542144,
  "icvs_csf": 0.26279834938591135,
  "icvs_gm": 0.38933082902748734,
  "icvs_wm": 0.3478708215866013,
  "inu_med": 0.4081789404153824,
  "inu_range": 0.14366459399461745,
  "provenance": {
    "md5sum": "8197e95cc30215c2855dfb8f24d9232e",
    "settings": {
      "testing": false
    },
    "software": "mriqc",
    "version": "24.1.0.dev0+g5c3f8b6e.d20240820",
    "warnings": {
      "large_rot_frame": true,
      "small_air_mask": false
    }
  },
  "qi_1": 0.0,
  "qi_2": 0.0021630401014006055,
  "rpve_csf": 6.762897051762172,
  "rpve_gm": 6.708133157238039,
  "rpve_wm": 6.810148168429043,
  "size_x": 176,
  "size_y": 224,
  "size_z": 256,
  "snr_csf": 2.5245735568114287,
  "snr_gm": 7.296777181883692,
  "snr_total": 8.184980026428962,
  "snr_wm": 14.733589340591765,
  "snrd_csf": 51.547466218550746,
  "snrd_gm": 74.49174758928291,
  "snrd_total": 75.52063913057135,
  "snrd_wm": 100.52270358388039,
  "spacing_x": 1.0,
  "spacing_y": 0.9765625,
  "spacing_z": 0.9765625,
  "summary_bg_k": 10.0557,
  "summary_bg_mad": 0.0,
  "summary_bg_mean": 3.5479,
  "summary_bg_median": 0.0,
  "summary_bg_n": 3929131.0,
  "summary_bg_p05": 0.0,
  "summary_bg_p95": 17.0,
  "summary_bg_stdv": 6.3674,
  "summary_csf_k": 0.2178,
  "summary_csf_mad": 132.5079,
  "summary_csf_mean": 496.8339,
  "summary_csf_median": 501.0,
  "summary_csf_n": 385523.0764280618,
  "summary_csf_p05": 160.0,
  "summary_csf_p95": 800.0,
  "summary_csf_stdv": 198.4491,
  "summary_gm_k": -0.7749,
  "summary_gm_mad": 79.731,
  "summary_gm_mean": 726.6995,
  "summary_gm_median": 724.0,
  "summary_gm_n": 571145.2119303582,
  "summary_gm_p05": 567.0,
  "summary_gm_p95": 898.0,
  "summary_gm_stdv": 99.2218,
  "summary_wm_k": -0.3608,
  "summary_wm_mad": 52.1423,
  "summary_wm_mean": 962.8755,
  "summary_wm_median": 977.0,
  "summary_wm_n": 510323.71265271626,
  "summary_wm_p05": 832.0,
  "summary_wm_p95": 1049.0,
  "summary_wm_stdv": 66.311,
  "tpm_overlap_csf": 0.22964814688421994,
  "tpm_overlap_gm": 0.5338871315522443,
  "tpm_overlap_wm": 0.5415771201297466,
  "wm2max": 0.529746337760718
}