{
  "bids_meta": {
    "AcquisitionMatrixPE": 215,
    "AcquisitionNumber": 1,
    "AcquisitionTime": "20:00:0.287500",
    "BaseResolution": 256,
    "CoilString": "C:HEA;HEP",
    "ConversionSoftware": "dcm2niix",
    "ConversionSoftwareVersion": "v1.0.20190902",
    "DeviceSerialNumber": "35002",
    "DwellTime": 9.8e-06,
    "EchoTime": 0.00226,
    "FileSize": 0.009829705581068993,
    "FileSizeUnits": "GB",
    "FlipAngle": 9,
    "ImageOrientationPatientDICOM": [
      0,
      1,
      0,
      0,
      0,
      -1
    ],
    "ImageType": [
      "ORIGINAL",
      "PRIMARY",
      "M",
      "NORM",
      "DIS2D"
    ],
    "ImagingFrequency": 123.256,
    "InPlanePhaseEncodingDirectionDICOM": "ROW",
    "InstitutionAddress": "University_Pkwy_1700_North_685_Provo_UT_US_84601",
    "InstitutionName": "Brigham_Young_University",
    "InstitutionalDepartmentName": "MRI",
    "InversionTime": 0.9,
    "MRAcquisitionType": "3D",
    "MagneticFieldStrength": 3,
    "Manufacturer": "Siemens",
    "ManufacturersModelName": "TrioTim",
    "Modality": "MR",
    "NumberOfVolumes": 1,
    "PartialFourier": 0.875,
    "PatientPosition": "HFS",
    "PercentPhaseFOV": 87.5,
    "PhaseEncodingSteps": 227,
    "PhaseOversampling": 0.2,
    "PhaseResolution": 0.96,
    "PixelBandwidth": 199,
    "ProcedureStepDescription": "Research_KIRWAN",
    "ProtocolName": "t1_mpr_sag_iso_(mprage)_S2_DIS2D",
    "PulseSequenceDetails": "%SiemensSeq%_tfl",
    "ReceiveCoilName": "HeadMatrix",
    "ReconMatrixPE": 224,
    "RepetitionTime": 1.9,
    "SAR": 0.114271,
    "ScanOptions": "IR_PFP",
    "ScanningSequence": "GR_IR",
    "SequenceName": "_tfl3d1_ns",
    "SequenceVariant": "SP_MP_OSP",
    "SeriesDescription": "t1_mpr_sag_iso_(mprage)_S2_DIS2D",
    "SeriesNumber": 3,
    "ShimSetting": [
      -2655,
      -23109,
      2059,
      81,
      -13,
      -145,
      -152,
      15
    ],
    "SliceThickness": 1,
    "SoftwareVersions": "syngo_MR_B17",
    "StationName": "MININT-E41B04",
    "TxRefAmp": 329.011,
    "dataset": "ds004656",
    "datatype": "anat",
    "extension": ".nii.gz",
    "modality": "T1w",
    "session": "PM",
    "subject": "1308",
    "suffix": "T1w"
  },
  "cjv": 0.5997507109004739,
  "cnr": 1.6663677204179337,
  "efc": 0.5323,
  "fber": 13260.279,
  "fwhm_avg": 4.817881653333333,
  "fwhm_x": 4.55178,
  "fwhm_y": 5.112801279999999,
  "fwhm_z": 4.78906368,
  "icvs_csf": 0.2673681725713667,
  "icvs_gm": 0.38071667338017695,
  "icvs_wm": 0.35191515404845625,
  "inu_med": 0.4458523690700531,
  "inu_range": 0.20229196995496745,
  "provenance": {
    "md5sum": "1231cdf5d810884198b787bb15a8d72b",
    "settings": {
      "testing": false
    },
    "software": "mriqc",
    "version": "24.1.0.dev0+g5c3f8b6e.d20240820",
    "warnings": {
      "large_rot_frame": true,
      "small_air_mask": false
    }
  },
  "qi_1": 0.0,
  "qi_2": 0.0001549122583469693,
  "rpve_csf": 6.413368029667813,
  "rpve_gm": 6.317541439461381,
  "rpve_wm": 6.398757244351797,
  "size_x": 176,
  "size_y": 224,
  "size_z": 256,
  "snr_csf": 2.3184222545720137,
  "snr_gm": 7.445273387528137,
  "snr_total": 7.3754660202277345,
  "snr_wm": 12.362702418583053,
  "snrd_csf": 46.97126975579211,
  "snrd_gm": 76.40523137132122,
  "snrd_total": 73.80711164683782,
  "snrd_wm": 98.04483381340012,
  "spacing_x": 1.0,
  "spacing_y": 0.9765625,
  "spacing_z": 0.9765625,
  "summary_bg_k": 5.9439,
  "summary_bg_mad": 0.0,
  "summary_bg_mean": 4.1606,
  "summary_bg_median": 0.0,
  "summary_bg_n": 3696024.0,
  "summary_bg_p05": 0.0,
  "summary_bg_p95": 17.0,
  "summary_bg_stdv": 6.388,
  "summary_csf_k": 0.037,
  "summary_csf_mad": 153.4448,
  "summary_csf_mean": 467.3164,
  "summary_csf_median": 458.0,
  "summary_csf_n": 414632.95811220026,
  "summary_csf_p05": 150.0,
  "summary_csf_p95": 782.0,
  "summary_csf_stdv": 197.5479,
  "summary_gm_k": -0.5838,
  "summary_gm_mad": 68.9927,
  "summary_gm_mean": 747.7979,
  "summary_gm_median": 745.0,
  "summary_gm_n": 590413.1332016465,
  "summary_gm_p05": 585.0,
  "summary_gm_p95": 935.0,
  "summary_gm_stdv": 100.0634,
  "summary_wm_k": -0.4682,
  "summary_wm_mad": 57.5547,
  "summary_wm_mean": 937.2294,
  "summary_wm_median": 956.0,
  "summary_wm_n": 545747.9097990762,
  "summary_wm_p05": 784.0,
  "summary_wm_p95": 1037.0,
  "summary_wm_stdv": 77.3293,
  "tpm_overlap_csf": 0.20769954120901576,
  "tpm_overlap_gm": 0.5487751383300644,
  "tpm_overlap_wm": 0.5768596477131362,
  "wm2max": 0.4354647933598901
}