{
  "bids_meta": {
    "AcquisitionMatrixPE": 215,
    "AcquisitionNumber": 1,
    "AcquisitionTime": "19:25:38.770000",
    "BaseResolution": 256,
    "CoilString": "C:HEA;HEP",
    "ConversionSoftware": "dcm2niix",
    "ConversionSoftwareVersion": "v1.0.20190902",
    "DeviceSerialNumber": "35002",
    "DwellTime": 9.8e-06,
    "EchoTime": 0.00226,
    "FileSize": 0.009435693733394146,
    "FileSizeUnits": "GB",
    "FlipAngle": 9,
    "ImageOrientationPatientDICOM": [
      0,
      1,
      0,
      0,
      0,
      -1
    ],
    "ImageType": [
      "ORIGINAL",
      "PRIMARY",
      "M",
      "ND",
      "NORM"
    ],
    "ImagingFrequency": 123.256,
    "InPlanePhaseEncodingDirectionDICOM": "ROW",
    "InstitutionAddress": "University_Pkwy_1700_North_685_Provo_UT_US_84601",
    "InstitutionName": "Brigham_Young_University",
    "InstitutionalDepartmentName": "MRI",
    "InversionTime": 0.9,
    "MRAcquisitionType": "3D",
    "MagneticFieldStrength": 3,
    "Manufacturer": "Siemens",
    "ManufacturersModelName": "TrioTim",
    "Modality": "MR",
    "NumberOfVolumes": 1,
    "PartialFourier": 0.875,
    "PatientPosition": "HFS",
    "PercentPhaseFOV": 87.5,
    "PhaseEncodingSteps": 227,
    "PhaseOversampling": 0.2,
    "PhaseResolution": 0.96,
    "PixelBandwidth": 199,
    "ProcedureStepDescription": "Research_KIRWAN",
    "ProtocolName": "t1_mpr_sag_iso_(mprage)",
    "PulseSequenceDetails": "%SiemensSeq%_tfl",
    "ReceiveCoilName": "HeadMatrix",
    "ReconMatrixPE": 224,
    "RepetitionTime": 1.9,
    "SAR": 0.10105,
    "ScanOptions": "IR_PFP",
    "ScanningSequence": "GR_IR",
    "SequenceName": "_tfl3d1_ns",
    "SequenceVariant": "SP_MP_OSP",
    "SeriesDescription": "t1_mpr_sag_iso_(mprage)",
    "SeriesNumber": 2,
    "ShimSetting": [
      -2655,
      -23109,
      2059,
      81,
      -13,
      -145,
      -152,
      15
    ],
    "SliceThickness": 1,
    "SoftwareVersions": "syngo_MR_B17",
    "StationName": "MININT-E41B04",
    "TxRefAmp": 322.477,
    "dataset": "ds004656",
    "datatype": "anat",
    "extension": ".nii.gz",
    "modality": "T1w",
    "session": "PM",
    "subject": "1302",
    "suffix": "T1w"
  },
  "cjv": 0.596164347826087,
  "cnr": 1.6669519331373115,
  "efc": 0.5548,
  "fber": 16519.1171,
  "fwhm_avg": 4.595030426666667,
  "fwhm_x": 4.50717,
  "fwhm_y": 4.8186060799999995,
  "fwhm_z": 4.4593152,
  "icvs_csf": 0.25933411637999876,
  "icvs_gm": 0.3868313926287077,
  "icvs_wm": 0.35383449099129366,
  "inu_med": 0.480743408203125,
  "inu_range": 0.19627689421176908,
  "provenance": {
    "md5sum": "07fa1e7cbed4bdb942660c1992909b8c",
    "settings": {
      "testing": false
    },
    "software": "mriqc",
    "version": "24.1.0.dev0+g5c3f8b6e.d20240820",
    "warnings": {
      "large_rot_frame": true,
      "small_air_mask": false
    }
  },
  "qi_1": 0.0,
  "qi_2": 0.0013146148114488595,
  "rpve_csf": 6.917118050698993,
  "rpve_gm": 6.818709962066766,
  "rpve_wm": 6.911123168902402,
  "size_x": 176,
  "size_y": 224,
  "size_z": 256,
  "snr_csf": 2.3780361309215574,
  "snr_gm": 7.080903317241522,
  "snr_total": 6.627350334566283,
  "snr_wm": 10.423111555535769,
  "snrd_csf": 18.311654381000327,
  "snrd_gm": 27.37270075172306,
  "snrd_total": 27.258963767990135,
  "snrd_wm": 36.09253617124702,
  "spacing_x": 1.0,
  "spacing_y": 0.9765625,
  "spacing_z": 0.9765625,
  "summary_bg_k": 2860.7192,
  "summary_bg_mad": 0.0,
  "summary_bg_mean": 4.5163,
  "summary_bg_median": 0.0,
  "summary_bg_n": 3437417.0,
  "summary_bg_p05": 0.0,
  "summary_bg_p95": 19.0,
  "summary_bg_stdv": 17.2803,
  "summary_csf_k": -0.1708,
  "summary_csf_mad": 137.3352,
  "summary_csf_mean": 483.1512,
  "summary_csf_median": 483.0,
  "summary_csf_n": 372396.5298923196,
  "summary_csf_p05": 137.0,
  "summary_csf_p95": 791.0,
  "summary_csf_stdv": 203.1085,
  "summary_gm_k": -0.6263,
  "summary_gm_mad": 71.7499,
  "summary_gm_mean": 726.8964,
  "summary_gm_median": 722.0,
  "summary_gm_n": 555479.0487236273,
  "summary_gm_p05": 564.0,
  "summary_gm_p95": 917.0,
  "summary_gm_stdv": 101.9643,
  "summary_wm_k": -0.4309,
  "summary_wm_mad": 65.3679,
  "summary_wm_mean": 928.6777,
  "summary_wm_median": 952.0,
  "summary_wm_n": 508096.42186952743,
  "summary_wm_p05": 749.0,
  "summary_wm_p95": 1046.0,
  "summary_wm_stdv": 91.3354,
  "tpm_overlap_csf": 0.22513195693882954,
  "tpm_overlap_gm": 0.5479835607460763,
  "tpm_overlap_wm": 0.55890490617075,
  "wm2max": 0.4716205640184092
}