{
  "aor": 0.013136222222222223,
  "aqi": 0.037057425481481485,
  "bids_meta": {
    "AcquisitionMatrixPE": 64,
    "AcquisitionNumber": 1,
    "AcquisitionTime": "07:48:15.162500",
    "BandwidthPerPixelPhaseEncode": 72.674,
    "BaseResolution": 64,
    "CoilString": "T:HEA;HEP",
    "ConversionSoftware": "dcm2niix",
    "ConversionSoftwareVersion": "v1.0.20190902",
    "DerivedVendorReportedEchoSpacing": 0.000430002,
    "DeviceSerialNumber": "35002",
    "DwellTime": 2.7e-06,
    "EchoTime": 0.028,
    "EffectiveEchoSpacing": 0.000215001,
    "FileSize": 0.047903561033308506,
    "FileSizeUnits": "GB",
    "FlipAngle": 90,
    "ImageOrientationPatientDICOM": [
      1,
      -1e-16,
      0,
      1e-16,
      0.953191,
      -0.30237
    ],
    "ImageType": [
      "ORIGINAL",
      "PRIMARY",
      "M",
      "ND",
      "MOSAIC"
    ],
    "ImagingFrequency": 123.256,
    "InPlanePhaseEncodingDirectionDICOM": "COL",
    "InstitutionAddress": "University_Pkwy_1700_North_685_Provo_UT_US_84601",
    "InstitutionName": "Brigham_Young_University",
    "InstitutionalDepartmentName": "MRI",
    "MRAcquisitionType": "2D",
    "MagneticFieldStrength": 3,
    "Manufacturer": "Siemens",
    "ManufacturersModelName": "TrioTim",
    "Modality": "MR",
    "NumberOfVolumes": 270,
    "ParallelReductionFactorInPlane": 2,
    "PartialFourier": 1,
    "PatientPosition": "HFS",
    "PercentPhaseFOV": 100,
    "PhaseEncodingDirection": "j-",
    "PhaseEncodingSteps": 63,
    "PhaseResolution": 1,
    "PixelBandwidth": 2894,
    "ProcedureStepDescription": "Research_KIRWAN",
    "ProtocolName": "EPI_Run_2",
    "PulseSequenceDetails": "%CustomerSeq%_ep2d_bold_PMU",
    "ReceiveCoilName": "HeadMatrix",
    "ReconMatrixPE": 64,
    "RefLinesPE": 24,
    "RepetitionTime": 2,
    "SAR": 0.190918,
    "ScanOptions": "FS",
    "ScanningSequence": "EP",
    "SequenceName": "epfid2d1_64",
    "SequenceVariant": "SK",
    "SeriesDescription": "EPI_Run_2",
    "SeriesNumber": 4,
    "ShimSetting": [
      -2670,
      -23157,
      2564,
      502,
      105,
      -238,
      16,
      -36
    ],
    "SliceThickness": 3,
    "SliceTiming": [
      1.0025,
      0,
      1.0525,
      0.05,
      1.1025,
      0.1,
      1.155,
      0.15,
      1.205,
      0.2,
      1.255,
      0.25,
      1.305,
      0.3,
      1.355,
      0.35,
      1.405,
      0.4,
      1.455,
      0.45,
      1.505,
      0.5025,
      1.555,
      0.5525,
      1.605,
      0.6025,
      1.655,
      0.6525,
      1.705,
      0.7025,
      1.755,
      0.7525,
      1.8075,
      0.8025,
      1.8575,
      0.8525,
      1.9075,
      0.9025,
      1.9575,
      0.9525
    ],
    "SoftwareVersions": "syngo_MR_B17",
    "SpacingBetweenSlices": 3,
    "StationName": "MININT-E41B04",
    "TaskName": "FoodStimHiLo",
    "TotalReadoutTime": 0.0135451,
    "TxRefAmp": 317.943,
    "dataset": "ds004656",
    "datatype": "func",
    "extension": ".nii.gz",
    "modality": "bold",
    "run": 2,
    "session": "AM",
    "subject": "1314",
    "suffix": "bold",
    "task": "FoodStimHiLo"
  },
  "dummy_trs": 0,
  "dvars_nstd": 33.62400010966543,
  "dvars_std": 0.9420837742379183,
  "dvars_vstd": 0.969207404572491,
  "efc": 0.507,
  "fber": 1093.2504,
  "fd_mean": 0.1992670275688006,
  "fd_num": 73,
  "fd_perc": 27.037037037037038,
  "fwhm_avg": 2.5469184646464647,
  "fwhm_x": 2.3272465454545452,
  "fwhm_y": 2.678842181818182,
  "fwhm_z": 2.6346666666666665,
  "gcor": 0.0322796,
  "gsr_x": -0.011021667160093784,
  "gsr_y": 0.03423425555229187,
  "provenance": {
    "md5sum": "ebff0db600facc747b9813766b1413ca",
    "settings": {
      "fd_thres": 0.2,
      "testing": false
    },
    "software": "mriqc",
    "version": "24.1.0.dev0+g5c3f8b6e.d20240820"
  },
  "size_t": 270,
  "size_x": 64,
  "size_y": 64,
  "size_z": 40,
  "snr": 3.8353631090238207,
  "spacing_tr": 2.0,
  "spacing_x": 3.4375,
  "spacing_y": 3.4375,
  "spacing_z": 3.0,
  "summary_bg_k": 58.2887,
  "summary_bg_mad": 6.1912,
  "summary_bg_mean": 41.4151,
  "summary_bg_median": 24.0,
  "summary_bg_n": 125850.0,
  "summary_bg_p05": 0.0,
  "summary_bg_p95": 125.0,
  "summary_bg_stdv": 61.9838,
  "summary_fg_k": 1.6654,
  "summary_fg_mad": 155.967,
  "summary_fg_mean": 779.775,
  "summary_fg_median": 805.0,
  "summary_fg_n": 37990.0,
  "summary_fg_p05": 331.0,
  "summary_fg_p95": 1065.0,
  "summary_fg_stdv": 209.8861,
  "tsnr": 33.68286787788384
}