{
  "bids_meta": {
    "AcquisitionMatrixPE": 215,
    "AcquisitionNumber": 1,
    "AcquisitionTime": "06:30:30.570000",
    "BaseResolution": 256,
    "CoilString": "C:HEA;HEP",
    "ConversionSoftware": "dcm2niix",
    "ConversionSoftwareVersion": "v1.0.20190902",
    "DeviceSerialNumber": "35002",
    "DwellTime": 9.8e-06,
    "EchoTime": 0.00226,
    "FileSize": 0.010349185205996037,
    "FileSizeUnits": "GB",
    "FlipAngle": 9,
    "ImageOrientationPatientDICOM": [
      0,
      1,
      0,
      0,
      0,
      -1
    ],
    "ImageType": [
      "ORIGINAL",
      "PRIMARY",
      "M",
      "ND",
      "NORM"
    ],
    "ImagingFrequency": 123.256,
    "InPlanePhaseEncodingDirectionDICOM": "ROW",
    "InstitutionAddress": "University_Pkwy_1700_North_685_Provo_UT_US_84601",
    "InstitutionName": "Brigham_Young_University",
    "InstitutionalDepartmentName": "MRI",
    "InversionTime": 0.9,
    "MRAcquisitionType": "3D",
    "MagneticFieldStrength": 3,
    "Manufacturer": "Siemens",
    "ManufacturersModelName": "TrioTim",
    "Modality": "MR",
    "NumberOfVolumes": 1,
    "PartialFourier": 0.875,
    "PatientPosition": "HFS",
    "PercentPhaseFOV": 87.5,
    "PhaseEncodingSteps": 227,
    "PhaseOversampling": 0.2,
    "PhaseResolution": 0.96,
    "PixelBandwidth": 199,
    "ProcedureStepDescription": "Research_KIRWAN",
    "ProtocolName": "t1_mpr_sag_iso_(mprage)",
    "PulseSequenceDetails": "%SiemensSeq%_tfl",
    "ReceiveCoilName": "HeadMatrix",
    "ReconMatrixPE": 224,
    "RepetitionTime": 1.9,
    "SAR": 0.108377,
    "ScanOptions": "IR_PFP",
    "ScanningSequence": "GR_IR",
    "SequenceName": "_tfl3d1_ns",
    "SequenceVariant": "SP_MP_OSP",
    "SeriesDescription": "t1_mpr_sag_iso_(mprage)",
    "SeriesNumber": 3,
    "ShimSetting": [
      -2655,
      -23109,
      2059,
      81,
      -13,
      -145,
      -152,
      15
    ],
    "SliceThickness": 1,
    "SoftwareVersions": "syngo_MR_B17",
    "StationName": "MININT-E41B04",
    "TxRefAmp": 323.184,
    "dataset": "ds004656",
    "datatype": "anat",
    "extension": ".nii.gz",
    "modality": "T1w",
    "session": "AM",
    "subject": "1315",
    "suffix": "T1w"
  },
  "cjv": 0.5241875,
  "cnr": 1.938066626453893,
  "efc": 0.5576,
  "fber": -1.0,
  "fwhm_avg": 4.943716613333334,
  "fwhm_x": 4.63809,
  "fwhm_y": 5.31034112,
  "fwhm_z": 4.88271872,
  "icvs_csf": 0.2730962315670264,
  "icvs_gm": 0.3826956684186221,
  "icvs_wm": 0.3442081000143515,
  "inu_med": 0.452212393283844,
  "inu_range": 0.19022219181060784,
  "provenance": {
    "md5sum": "daeb1da63422035df2339d34947820cd",
    "settings": {
      "testing": false
    },
    "software": "mriqc",
    "version": "24.1.0.dev0+g5c3f8b6e.d20240820",
    "warnings": {
      "large_rot_frame": true,
      "small_air_mask": false
    }
  },
  "qi_1": 0.0,
  "qi_2": 0.0003515598816015041,
  "rpve_csf": 6.3162722878495465,
  "rpve_gm": 6.239467480376069,
  "rpve_wm": 6.3198599662632144,
  "size_x": 176,
  "size_y": 224,
  "size_z": 256,
  "snr_csf": 2.125454769799784,
  "snr_gm": 6.890672516056838,
  "snr_total": 6.938269113732066,
  "snr_wm": 11.798680055339576,
  "snrd_csf": 41.359621212121205,
  "snrd_gm": 73.62012575757575,
  "snrd_total": 71.69001010101009,
  "snrd_wm": 100.09028333333333,
  "spacing_x": 1.0,
  "spacing_y": 0.9765625,
  "spacing_z": 0.9765625,
  "summary_bg_k": 8.7338,
  "summary_bg_mad": 0.0,
  "summary_bg_mean": 3.465,
  "summary_bg_median": 0.0,
  "summary_bg_n": 3396954.0,
  "summary_bg_p05": 0.0,
  "summary_bg_p95": 17.0,
  "summary_bg_stdv": 6.336,
  "summary_csf_k": -0.4293,
  "summary_csf_mad": 158.5457,
  "summary_csf_mean": 419.1167,
  "summary_csf_median": 400.0,
  "summary_csf_n": 430396.11094954447,
  "summary_csf_p05": 138.0,
  "summary_csf_p95": 733.0,
  "summary_csf_stdv": 188.1948,
  "summary_gm_k": -0.4377,
  "summary_gm_mad": 75.6583,
  "summary_gm_mean": 716.6008,
  "summary_gm_median": 712.0,
  "summary_gm_n": 603123.3987356804,
  "summary_gm_p05": 551.0,
  "summary_gm_p95": 905.0,
  "summary_gm_stdv": 103.328,
  "summary_wm_k": -0.2019,
  "summary_wm_mad": 58.5337,
  "summary_wm_mean": 947.5316,
  "summary_wm_median": 968.0,
  "summary_wm_n": 542467.4912335767,
  "summary_wm_p05": 780.0,
  "summary_wm_p95": 1049.0,
  "summary_wm_stdv": 82.043,
  "tpm_overlap_csf": 0.20898036184730986,
  "tpm_overlap_gm": 0.5413442259930653,
  "tpm_overlap_wm": 0.5661906376247163,
  "wm2max": 0.46489203512196553
}