{
  "bids_meta": {
    "AcquisitionMatrixPE": 215,
    "AcquisitionNumber": 1,
    "AcquisitionTime": "06:37:24.045000",
    "BaseResolution": 256,
    "CoilString": "C:HEA;HEP",
    "ConversionSoftware": "dcm2niix",
    "ConversionSoftwareVersion": "v1.0.20190902",
    "DeviceSerialNumber": "35002",
    "DwellTime": 9.8e-06,
    "EchoTime": 0.00226,
    "FileSize": 0.010313292033970356,
    "FileSizeUnits": "GB",
    "FlipAngle": 9,
    "ImageOrientationPatientDICOM": [
      0,
      1,
      0,
      0,
      0,
      -1
    ],
    "ImageType": [
      "ORIGINAL",
      "PRIMARY",
      "M",
      "ND",
      "NORM"
    ],
    "ImagingFrequency": 123.256,
    "InPlanePhaseEncodingDirectionDICOM": "ROW",
    "InstitutionAddress": "University_Pkwy_1700_North_685_Provo_UT_US_84601",
    "InstitutionName": "Brigham_Young_University",
    "InstitutionalDepartmentName": "MRI",
    "InversionTime": 0.9,
    "MRAcquisitionType": "3D",
    "MagneticFieldStrength": 3,
    "Manufacturer": "Siemens",
    "ManufacturersModelName": "TrioTim",
    "Modality": "MR",
    "NumberOfVolumes": 1,
    "PartialFourier": 0.875,
    "PatientPosition": "HFS",
    "PercentPhaseFOV": 87.5,
    "PhaseEncodingSteps": 227,
    "PhaseOversampling": 0.2,
    "PhaseResolution": 0.96,
    "PixelBandwidth": 199,
    "ProcedureStepDescription": "Research_KIRWAN",
    "ProtocolName": "t1_mpr_sag_iso_(mprage)",
    "PulseSequenceDetails": "%SiemensSeq%_tfl",
    "ReceiveCoilName": "HeadMatrix",
    "ReconMatrixPE": 224,
    "RepetitionTime": 1.9,
    "SAR": 0.111196,
    "ScanOptions": "IR_PFP",
    "ScanningSequence": "GR_IR",
    "SequenceName": "_tfl3d1_ns",
    "SequenceVariant": "SP_MP_OSP",
    "SeriesDescription": "t1_mpr_sag_iso_(mprage)",
    "SeriesNumber": 2,
    "ShimSetting": [
      -2655,
      -23109,
      2059,
      81,
      -13,
      -145,
      -152,
      15
    ],
    "SliceThickness": 1,
    "SoftwareVersions": "syngo_MR_B17",
    "StationName": "MININT-E41B04",
    "TxRefAmp": 330.902,
    "dataset": "ds004656",
    "datatype": "anat",
    "extension": ".nii.gz",
    "modality": "T1w",
    "session": "AM",
    "subject": "1313",
    "suffix": "T1w"
  },
  "cjv": 0.6371859728506787,
  "cnr": 1.6955327792708828,
  "efc": 0.5641,
  "fber": 15399.203,
  "fwhm_avg": 4.934918213333334,
  "fwhm_x": 4.74717,
  "fwhm_y": 5.28311296,
  "fwhm_z": 4.7744716799999996,
  "icvs_csf": 0.26709769774600817,
  "icvs_gm": 0.37432634671360554,
  "icvs_wm": 0.35857595554038635,
  "inu_med": 0.3939014673233032,
  "inu_range": 0.1477582871913909,
  "provenance": {
    "md5sum": "a01fb9b7a1aa2b4cc2725332c3b85b3a",
    "settings": {
      "testing": false
    },
    "software": "mriqc",
    "version": "24.1.0.dev0+g5c3f8b6e.d20240820",
    "warnings": {
      "large_rot_frame": true,
      "small_air_mask": false
    }
  },
  "qi_1": 0.0,
  "qi_2": 0.000452871473295365,
  "rpve_csf": 6.2745484243193905,
  "rpve_gm": 6.1953765334693465,
  "rpve_wm": 6.2838404687136995,
  "size_x": 176,
  "size_y": 224,
  "size_z": 256,
  "snr_csf": 2.3085076202781583,
  "snr_gm": 6.519191034590117,
  "snr_total": 8.133881158019895,
  "snr_wm": 15.573944819191407,
  "snrd_csf": 22.720092788113256,
  "snrd_gm": 37.513397647929224,
  "snrd_total": 36.30165936589651,
  "snrd_wm": 48.67148766164706,
  "spacing_x": 1.0,
  "spacing_y": 0.9765625,
  "spacing_z": 0.9765625,
  "summary_bg_k": 2760.418,
  "summary_bg_mad": 0.0,
  "summary_bg_mean": 4.5099,
  "summary_bg_median": 0.0,
  "summary_bg_n": 3407353.0,
  "summary_bg_p05": 0.0,
  "summary_bg_p95": 19.0,
  "summary_bg_stdv": 12.9758,
  "summary_csf_k": -0.2227,
  "summary_csf_mad": 147.0285,
  "summary_csf_mean": 458.3782,
  "summary_csf_median": 450.0,
  "summary_csf_n": 422994.3440601815,
  "summary_csf_p05": 145.0,
  "summary_csf_p95": 778.0,
  "summary_csf_stdv": 194.9309,
  "summary_gm_k": -0.8262,
  "summary_gm_mad": 88.2597,
  "summary_gm_mean": 745.361,
  "summary_gm_median": 743.0,
  "summary_gm_n": 592809.0314096767,
  "summary_gm_p05": 560.0,
  "summary_gm_p95": 951.0,
  "summary_gm_stdv": 113.9711,
  "summary_wm_k": -0.457,
  "summary_wm_mad": 52.5584,
  "summary_wm_mean": 954.0368,
  "summary_wm_median": 964.0,
  "summary_wm_n": 567865.625160842,
  "summary_wm_p05": 836.0,
  "summary_wm_p95": 1040.0,
  "summary_wm_stdv": 61.8982,
  "tpm_overlap_csf": 0.21316499063533462,
  "tpm_overlap_gm": 0.5353098306295713,
  "tpm_overlap_wm": 0.551576264218619,
  "wm2max": 0.4798435858394269
}